{
  "bids_meta": {
    "AccelFactPE": 2,
    "AcquisitionNumber": 1,
    "AcquisitionTime": "10:14:26.195000",
    "BodyPartExamined": "HEAD",
    "ConversionSoftware": "dcm2niix",
    "ConversionSoftwareVersion": "v1.0.20170724 GCC4.8.5",
    "DeviceSerialNumber": "35353",
    "EchoTime": 0.00418,
    "FlipAngle": 9,
    "ImageType": [
      "ORIGINAL",
      "PRIMARY",
      "M",
      "ND",
      "NORM"
    ],
    "InstitutionAddress": "De_Pintelaan_185_Gent_ACCD6F_District_BE_9000",
    "InstitutionName": "UZ_Gent",
    "InversionTime": 0.9,
    "MagneticFieldStrength": 3,
    "Manufacturer": "Siemens",
    "ManufacturersModelName": "TrioTim",
    "Modality": "MR",
    "PhaseEncodingDirection": "i-",
    "PhaseEncodingLines": 256,
    "ProcedureStepDescription": "Brain_Research_3T_MRP",
    "ProtocolName": "T1_mprage",
    "RepetitionTime": 1.75,
    "ScanningSequence": "GR_IR",
    "SequenceName": "_tfl3d1_ns",
    "SequenceVariant": "SP_MP",
    "SeriesDescription": "T1_mprage",
    "SoftwareVersions": "syngo_MR_B17",
    "dataset": "<unset>",
    "modality": "T1w",
    "session_id": "postop",
    "subject_id": "CON09"
  },
  "cjv": 0.5529851585420427,
  "cnr": 2.33882010764668,
  "efc": 0.6597467091323563,
  "fber": 5678.300271548948,
  "fwhm_avg": 3.641838666110278,
  "fwhm_x": 3.7298259983308335,
  "fwhm_y": 3.82875,
  "fwhm_z": 3.36694,
  "icvs_csf": 0.22596677859383119,
  "icvs_gm": 0.38093812930702226,
  "icvs_wm": 0.39309509209914656,
  "inu_med": 1.2762882709503174,
  "inu_range": 0.4032871842384338,
  "provenance": {
    "md5sum": "22fc190208685a859b037fb93fb0763d",
    "settings": {
      "testing": false
    },
    "software": "mriqc",
    "version": "21.0.0rc2",
    "warnings": {
      "large_rot_frame": true,
      "small_air_mask": false
    },
    "webapi_port": null,
    "webapi_url": "https://mriqc.nimh.nih.gov/api/v1"
  },
  "qi_1": 0.0,
  "qi_2": 0.01805988166604187,
  "rpve_csf": 18.914560334636718,
  "rpve_gm": 10.738510254857468,
  "rpve_wm": 12.424890305612692,
  "size_x": 160,
  "size_y": 256,
  "size_z": 256,
  "snr_csf": 4.138900651950948,
  "snr_gm": 11.876622990711079,
  "snr_total": 12.2110597259938,
  "snr_wm": 20.617655535319376,
  "snrd_csf": 48.242376244165705,
  "snrd_gm": 110.94764574443342,
  "snrd_total": 99.02850093040043,
  "snrd_wm": 137.89548080260215,
  "spacing_x": 1.000001072883606,
  "spacing_y": 1.0,
  "spacing_z": 1.0,
  "summary_bg_k": 6.174854980175562,
  "summary_bg_mad": 4.751204878314731,
  "summary_bg_mean": 6.414410679183306,
  "summary_bg_median": 6.358410697430372,
  "summary_bg_n": 1794999.0,
  "summary_bg_p05": 0.0,
  "summary_bg_p95": 19.176966663450003,
  "summary_bg_stdv": 6.337557805349213,
  "summary_csf_k": 4.0426296680723794,
  "summary_csf_mad": 53.771572670450844,
  "summary_csf_mean": 369.37027518387015,
  "summary_csf_median": 349.8651902154088,
  "summary_csf_n": 73331.0,
  "summary_csf_p05": 276.2602279819548,
  "summary_csf_p95": 552.2661195360124,
  "summary_csf_stdv": 84.53037028612418,
  "summary_gm_k": 0.4277780274024834,
  "summary_gm_mad": 63.04773457573199,
  "summary_gm_mean": 808.8666493549099,
  "summary_gm_median": 804.618723295629,
  "summary_gm_n": 12724.0,
  "summary_gm_p05": 704.2067015618086,
  "summary_gm_p95": 930.6093595830723,
  "summary_gm_stdv": 67.74544457224937,
  "summary_wm_k": 0.7635112985706329,
  "summary_wm_mad": 45.023322418315786,
  "summary_wm_mean": 1002.0986833168756,
  "summary_wm_median": 1000.050834491849,
  "summary_wm_n": 248777.0,
  "summary_wm_p05": 926.8528105430305,
  "summary_wm_p95": 1085.5078742653131,
  "summary_wm_stdv": 48.50448795414268,
  "tpm_overlap_csf": 0.16155320405960083,
  "tpm_overlap_gm": 0.41273245215415955,
  "tpm_overlap_wm": 0.46673259139060974,
  "wm2max": 0.4671027448558604
}