{
  "bids_meta": {
    "AccelFactPE": 2,
    "AcquisitionNumber": 1,
    "AcquisitionTime": "14:12:20.210000",
    "BodyPartExamined": "HEAD",
    "ConversionSoftware": "dcm2niix",
    "ConversionSoftwareVersion": "v1.0.20170724 GCC4.8.5",
    "DeviceSerialNumber": "35353",
    "EchoTime": 0.00418,
    "FlipAngle": 9,
    "ImageType": [
      "ORIGINAL",
      "PRIMARY",
      "M",
      "ND",
      "NORM"
    ],
    "InstitutionAddress": "De_Pintelaan_185_Gent_88C96F_District_BE_9000",
    "InstitutionName": "UZ",
    "InversionTime": 0.9,
    "MagneticFieldStrength": 3,
    "Manufacturer": "Siemens",
    "ManufacturersModelName": "TrioTim",
    "Modality": "MR",
    "PhaseEncodingDirection": "i-",
    "PhaseEncodingLines": 256,
    "ProcedureStepDescription": "Brain_Research_3T_MRP",
    "ProtocolName": "T1_mprage",
    "RepetitionTime": 1.75,
    "ScanningSequence": "GR_IR",
    "SequenceName": "_tfl3d1_ns",
    "SequenceVariant": "SP_MP",
    "SeriesDescription": "T1_mprage",
    "SoftwareVersions": "syngo_MR_B17",
    "dataset": "<unset>",
    "modality": "T1w",
    "session_id": "postop",
    "subject_id": "CON02"
  },
  "cjv": 0.5912189491920956,
  "cnr": 2.250166091344704,
  "efc": 0.6358008211100397,
  "fber": 5204.367793005672,
  "fwhm_avg": 3.807016666666667,
  "fwhm_x": 3.98069,
  "fwhm_y": 3.96613,
  "fwhm_z": 3.47423,
  "icvs_csf": 0.22733324132834626,
  "icvs_gm": 0.38735344421257034,
  "icvs_wm": 0.3853133144590834,
  "inu_med": 1.4063650369644165,
  "inu_range": 0.5360313355922699,
  "provenance": {
    "md5sum": "847a8bda537cd4db6e437981027aaed7",
    "settings": {
      "testing": false
    },
    "software": "mriqc",
    "version": "21.0.0rc2",
    "warnings": {
      "large_rot_frame": true,
      "small_air_mask": false
    },
    "webapi_port": null,
    "webapi_url": "https://mriqc.nimh.nih.gov/api/v1"
  },
  "qi_1": 0.0,
  "qi_2": 0.013184282536584121,
  "rpve_csf": 23.5734651305906,
  "rpve_gm": 13.209200765580562,
  "rpve_wm": 15.63583495293023,
  "size_x": 160,
  "size_y": 256,
  "size_z": 256,
  "snr_csf": 4.441351148846639,
  "snr_gm": 13.424740220751206,
  "snr_total": 12.606104269444488,
  "snr_wm": 19.952221438735624,
  "snrd_csf": 47.17279686819568,
  "snrd_gm": 108.3482068116712,
  "snrd_total": 95.81612164859096,
  "snrd_wm": 131.92736126590597,
  "spacing_x": 1.0,
  "spacing_y": 1.0,
  "spacing_z": 1.0,
  "summary_bg_k": 8.95965597248283,
  "summary_bg_mad": 4.966159786499452,
  "summary_bg_mean": 7.733727357453425,
  "summary_bg_median": 6.699247747659683,
  "summary_bg_n": 2047843.0,
  "summary_bg_p05": 0.0,
  "summary_bg_p95": 20.48212631046772,
  "summary_bg_stdv": 7.404834900327402,
  "summary_csf_k": 2.624350711956173,
  "summary_csf_mad": 63.90877758036179,
  "summary_csf_mean": 375.3539428357887,
  "summary_csf_median": 357.5860764980316,
  "summary_csf_n": 55104.0,
  "summary_csf_p05": 278.8424595296383,
  "summary_csf_p95": 534.5670231431723,
  "summary_csf_stdv": 80.5121729519157,
  "summary_gm_k": 0.47757615301563083,
  "summary_gm_mad": 58.535555516280425,
  "summary_gm_mean": 821.1581206461125,
  "summary_gm_median": 821.3167914897203,
  "summary_gm_n": 10847.0,
  "summary_gm_p05": 720.8280752748251,
  "summary_gm_p95": 919.9934161007404,
  "summary_gm_stdv": 61.17652319108416,
  "summary_wm_k": 0.48836416159733176,
  "summary_wm_mad": 47.137811743986596,
  "summary_wm_mean": 1001.0476789454871,
  "summary_wm_median": 1000.0549178719521,
  "summary_wm_n": 203671.0,
  "summary_wm_p05": 920.322887301445,
  "summary_wm_p95": 1085.6899741217494,
  "summary_wm_stdv": 50.12236185656068,
  "tpm_overlap_csf": 0.1816924661397934,
  "tpm_overlap_gm": 0.4099578559398651,
  "tpm_overlap_wm": 0.4988618791103363,
  "wm2max": 0.4428988326848249
}