{
  "bids_meta": {
    "AccelFactPE": 2,
    "AcquisitionNumber": 1,
    "AcquisitionTime": "19:12:47.197500",
    "BodyPartExamined": "HEAD",
    "ConversionSoftware": "dcm2niix",
    "ConversionSoftwareVersion": "v1.0.20170724 GCC4.8.5",
    "DeviceSerialNumber": "35353",
    "EchoTime": 0.00418,
    "FlipAngle": 9,
    "ImageType": [
      "ORIGINAL",
      "PRIMARY",
      "M",
      "ND",
      "NORM"
    ],
    "InstitutionAddress": "De_Pintelaan_185_Gent_ACCD6F_District_BE_9000",
    "InstitutionName": "UZ_Gent",
    "InversionTime": 0.9,
    "MagneticFieldStrength": 3,
    "Manufacturer": "Siemens",
    "ManufacturersModelName": "TrioTim",
    "Modality": "MR",
    "PhaseEncodingDirection": "i-",
    "PhaseEncodingLines": 256,
    "ProcedureStepDescription": "Brain_Research_3T_MRP",
    "ProtocolName": "T1_mprage",
    "RepetitionTime": 1.75,
    "ScanningSequence": "GR_IR",
    "SequenceName": "_tfl3d1_ns",
    "SequenceVariant": "SP_MP",
    "SeriesDescription": "T1_mprage",
    "SoftwareVersions": "syngo_MR_B17",
    "dataset": "<unset>",
    "modality": "T1w",
    "session_id": "postop",
    "subject_id": "CON03"
  },
  "cjv": 0.46084260656215303,
  "cnr": 2.8492699054461283,
  "efc": 0.6170689050884728,
  "fber": 7227.956824196597,
  "fwhm_avg": 3.603736044136937,
  "fwhm_x": 3.7899781324108104,
  "fwhm_y": 3.66093,
  "fwhm_z": 3.3603,
  "icvs_csf": 0.18965892898502162,
  "icvs_gm": 0.3999093902844435,
  "icvs_wm": 0.4104316807305349,
  "inu_med": 1.2683110237121582,
  "inu_range": 0.426649808883667,
  "provenance": {
    "md5sum": "a43fba7f2f5d296f67b7f6ed487a5b62",
    "settings": {
      "testing": false
    },
    "software": "mriqc",
    "version": "21.0.0rc2",
    "warnings": {
      "large_rot_frame": true,
      "small_air_mask": false
    },
    "webapi_port": null,
    "webapi_url": "https://mriqc.nimh.nih.gov/api/v1"
  },
  "qi_1": 0.0,
  "qi_2": 0.015641568068541663,
  "rpve_csf": 28.967678806225727,
  "rpve_gm": 14.130532339123784,
  "rpve_wm": 16.472009709060472,
  "size_x": 160,
  "size_y": 256,
  "size_z": 256,
  "snr_csf": 3.9832429756730185,
  "snr_gm": 12.829599017968693,
  "snr_total": 12.9497505046813,
  "snr_wm": 22.03640952040219,
  "snrd_csf": 42.57579266457598,
  "snrd_gm": 82.70960159110727,
  "snrd_total": 76.98838254768827,
  "snrd_wm": 105.6797533873816,
  "spacing_x": 0.9999978542327881,
  "spacing_y": 1.0,
  "spacing_z": 1.0,
  "summary_bg_k": 8.755178934832879,
  "summary_bg_mad": 6.1992610132369155,
  "summary_bg_mean": 6.12277010566956,
  "summary_bg_median": 4.254694819450378,
  "summary_bg_n": 2055623.0,
  "summary_bg_p05": 0.0,
  "summary_bg_p95": 16.94542247056961,
  "summary_bg_stdv": 6.248106068319106,
  "summary_csf_k": 1.2718115703931492,
  "summary_csf_mad": 86.02834142930526,
  "summary_csf_mean": 422.89477817726896,
  "summary_csf_median": 402.8755853176117,
  "summary_csf_n": 26433.0,
  "summary_csf_p05": 292.54694724082947,
  "summary_csf_p95": 615.4636126756668,
  "summary_csf_stdv": 101.1406954113597,
  "summary_gm_k": 0.20888435396587957,
  "summary_gm_mad": 59.382394968900975,
  "summary_gm_mean": 784.261525342578,
  "summary_gm_median": 782.6437763571739,
  "summary_gm_n": 12285.0,
  "summary_gm_p05": 686.6930724978447,
  "summary_gm_p95": 888.6296914458275,
  "summary_gm_stdv": 61.00049744183546,
  "summary_wm_k": 0.7236228145083232,
  "summary_wm_mad": 40.784611929190234,
  "summary_wm_mean": 999.0205064159672,
  "summary_wm_median": 999.9999961853027,
  "summary_wm_n": 203902.0,
  "summary_wm_p05": 921.6549260616302,
  "summary_wm_p95": 1072.3298081159592,
  "summary_wm_stdv": 45.379332014050554,
  "tpm_overlap_csf": 0.17752684652805328,
  "tpm_overlap_gm": 0.4341564178466797,
  "tpm_overlap_wm": 0.4891492426395416,
  "wm2max": 0.4830595957235515
}