{
  "bids_meta": {
    "AccelFactPE": 2,
    "AcquisitionNumber": 1,
    "AcquisitionTime": "13:47:52.190000",
    "BodyPartExamined": "HEAD",
    "ConversionSoftware": "dcm2niix",
    "ConversionSoftwareVersion": "v1.0.20170724 GCC4.8.5",
    "DeviceSerialNumber": "35353",
    "EchoTime": 0.00418,
    "FlipAngle": 9,
    "ImageType": [
      "ORIGINAL",
      "PRIMARY",
      "M",
      "ND",
      "NORM"
    ],
    "InstitutionAddress": "De_Pintelaan_185_Gent_ACCD6F_District_BE_9000",
    "InstitutionName": "UZ_Gent",
    "InversionTime": 0.9,
    "MagneticFieldStrength": 3,
    "Manufacturer": "Siemens",
    "ManufacturersModelName": "TrioTim",
    "Modality": "MR",
    "PhaseEncodingDirection": "i-",
    "PhaseEncodingLines": 256,
    "ProcedureStepDescription": "Brain_Research_3T_MRP",
    "ProtocolName": "T1_mprage",
    "RepetitionTime": 1.75,
    "ScanningSequence": "GR_IR",
    "SequenceName": "_tfl3d1_ns",
    "SequenceVariant": "SP_MP",
    "SeriesDescription": "T1_mprage",
    "SoftwareVersions": "syngo_MR_B17",
    "dataset": "<unset>",
    "modality": "T1w",
    "session_id": "postop",
    "subject_id": "CON08"
  },
  "cjv": 0.6498366943719328,
  "cnr": 2.0544663076524343,
  "efc": 0.6463199225473157,
  "fber": 4413.790413223141,
  "fwhm_avg": 3.5201388264285787,
  "fwhm_x": 3.6917364792857366,
  "fwhm_y": 3.62531,
  "fwhm_z": 3.24337,
  "icvs_csf": 0.27030036064785695,
  "icvs_gm": 0.3626332947621726,
  "icvs_wm": 0.36706634458997045,
  "inu_med": 1.3144088983535767,
  "inu_range": 0.4401002526283262,
  "provenance": {
    "md5sum": "f7ad0ac41fdb52996ca7898b64e5358b",
    "settings": {
      "testing": false
    },
    "software": "mriqc",
    "version": "21.0.0rc2",
    "warnings": {
      "large_rot_frame": true,
      "small_air_mask": false
    },
    "webapi_port": null,
    "webapi_url": "https://mriqc.nimh.nih.gov/api/v1"
  },
  "qi_1": 2.608765975430642e-06,
  "qi_2": 0.02568333972273092,
  "rpve_csf": 20.150025152851946,
  "rpve_gm": 13.502232425772007,
  "rpve_wm": 15.938056758322071,
  "size_x": 160,
  "size_y": 256,
  "size_z": 256,
  "snr_csf": 4.175632747534681,
  "snr_gm": 11.879607508591949,
  "snr_total": 11.328588578303282,
  "snr_wm": 17.930525478783217,
  "snrd_csf": 45.31686964895776,
  "snrd_gm": 99.02951195919299,
  "snrd_total": 88.51389627177507,
  "snrd_wm": 121.19530720717444,
  "spacing_x": 1.0000009536743164,
  "spacing_y": 1.0,
  "spacing_z": 1.0,
  "summary_bg_k": 6.9727728601257635,
  "summary_bg_mad": 5.405891196935429,
  "summary_bg_mean": 9.687253188045277,
  "summary_bg_median": 7.24316318705678,
  "summary_bg_n": 2472341.0,
  "summary_bg_p05": 0.0,
  "summary_bg_p95": 25.917713172733784,
  "summary_bg_stdv": 9.186991765100345,
  "summary_csf_k": 1.239748662425277,
  "summary_csf_mad": 74.07531991476385,
  "summary_csf_mean": 392.9044073097689,
  "summary_csf_median": 373.9344586841762,
  "summary_csf_n": 62238.0,
  "summary_csf_p05": 280.0197033472359,
  "summary_csf_p95": 571.1751541793346,
  "summary_csf_stdv": 89.55084826944015,
  "summary_gm_k": 0.14682954495455203,
  "summary_gm_mad": 66.03953570310308,
  "summary_gm_mean": 819.715997703341,
  "summary_gm_median": 817.1470632255077,
  "summary_gm_n": 5867.0,
  "summary_gm_p05": 710.8598026078195,
  "summary_gm_p95": 936.851421365887,
  "summary_gm_stdv": 68.77983303809059,
  "summary_wm_k": 0.4594578619817291,
  "summary_wm_mad": 52.817018045733995,
  "summary_wm_mean": 1000.5685432256869,
  "summary_wm_median": 1000.0492520034313,
  "summary_wm_n": 177993.0,
  "summary_wm_p05": 910.1551913335919,
  "summary_wm_p95": 1093.4909844383594,
  "summary_wm_stdv": 55.773404072581684,
  "tpm_overlap_csf": 0.165959432721138,
  "tpm_overlap_gm": 0.3941541016101837,
  "tpm_overlap_wm": 0.4846765398979187,
  "wm2max": 0.4734299732140923
}