{
  "bids_meta": {
    "AccelFactPE": 2,
    "AcquisitionNumber": 1,
    "AcquisitionTime": "11:14:24.215000",
    "BodyPartExamined": "HEAD",
    "ConversionSoftware": "dcm2niix",
    "ConversionSoftwareVersion": "v1.0.20170724 GCC4.8.5",
    "DeviceSerialNumber": "35353",
    "EchoTime": 0.00418,
    "FlipAngle": 9,
    "ImageType": [
      "ORIGINAL",
      "PRIMARY",
      "M",
      "ND",
      "NORM"
    ],
    "InstitutionAddress": "De_Pintelaan_185_Gent_9C4B6E_District_BE_9000",
    "InstitutionName": "UZ_Gent",
    "InversionTime": 0.9,
    "MagneticFieldStrength": 3,
    "Manufacturer": "Siemens",
    "ManufacturersModelName": "TrioTim",
    "Modality": "MR",
    "PhaseEncodingDirection": "i-",
    "PhaseEncodingLines": 256,
    "ProcedureStepDescription": "Brain_Research_3T_MRP",
    "ProtocolName": "T1_mprage",
    "RepetitionTime": 1.75,
    "ScanningSequence": "GR_IR",
    "SequenceName": "_tfl3d1_ns",
    "SequenceVariant": "SP_MP",
    "SeriesDescription": "T1_mprage",
    "SoftwareVersions": "syngo_MR_B17",
    "dataset": "<unset>",
    "modality": "T1w",
    "session_id": "postop",
    "subject_id": "PAT26"
  },
  "cjv": 0.6283118567611279,
  "cnr": 2.1952703397476063,
  "efc": 0.6258938262044819,
  "fber": 5152.71056941126,
  "fwhm_avg": 3.6518600491290614,
  "fwhm_x": 3.7832201473871847,
  "fwhm_y": 3.79822,
  "fwhm_z": 3.37414,
  "icvs_csf": 0.2758496232881108,
  "icvs_gm": 0.3654643301789404,
  "icvs_wm": 0.3586860465329488,
  "inu_med": 1.4230326414108276,
  "inu_range": 0.544737422466278,
  "provenance": {
    "md5sum": "f19fd76207f569c68b4399ef0085eacf",
    "settings": {
      "testing": false
    },
    "software": "mriqc",
    "version": "21.0.0rc2",
    "warnings": {
      "large_rot_frame": true,
      "small_air_mask": false
    },
    "webapi_port": null,
    "webapi_url": "https://mriqc.nimh.nih.gov/api/v1"
  },
  "qi_1": 0.0,
  "qi_2": 0.019551350062729133,
  "rpve_csf": 17.16319095705293,
  "rpve_gm": 11.404058446765376,
  "rpve_wm": 13.666094714265038,
  "size_x": 160,
  "size_y": 256,
  "size_z": 256,
  "snr_csf": 4.812623840613288,
  "snr_gm": 10.881746351609548,
  "snr_total": 11.424567987815175,
  "snr_wm": 18.579333771222693,
  "snrd_csf": 48.715876024869836,
  "snrd_gm": 105.20209063422561,
  "snrd_total": 95.17475081610071,
  "snrd_wm": 131.60628578920668,
  "spacing_x": 0.9999973177909851,
  "spacing_y": 1.0,
  "spacing_z": 1.0,
  "summary_bg_k": 5.3868015587076865,
  "summary_bg_mad": 4.978002181051103,
  "summary_bg_mean": 8.625909630975285,
  "summary_bg_median": 6.663567334413528,
  "summary_bg_n": 2166858.0,
  "summary_bg_p05": 0.0,
  "summary_bg_p95": 23.245002329349518,
  "summary_bg_stdv": 7.725258533413681,
  "summary_csf_k": 2.179574228570168,
  "summary_csf_mad": 62.11015028972991,
  "summary_csf_mean": 384.0448904875629,
  "summary_csf_median": 370.1637482047081,
  "summary_csf_n": 104049.0,
  "summary_csf_p05": 286.2751175761223,
  "summary_csf_p95": 536.7322693407531,
  "summary_csf_stdv": 76.91479360621392,
  "summary_gm_k": -0.10633699583570921,
  "summary_gm_mad": 76.2017256945515,
  "summary_gm_mean": 801.7004269064022,
  "summary_gm_median": 799.369802325964,
  "summary_gm_n": 12483.0,
  "summary_gm_p05": 687.1274344116449,
  "summary_gm_p95": 926.9590373337269,
  "summary_gm_stdv": 73.45675570074613,
  "summary_wm_k": 0.544375700543168,
  "summary_wm_mad": 49.856606459450276,
  "summary_wm_mean": 1001.6410005455932,
  "summary_wm_median": 1000.0000002086163,
  "summary_wm_n": 204339.0,
  "summary_wm_p05": 915.4398472905159,
  "summary_wm_p95": 1093.3932540118694,
  "summary_wm_stdv": 53.823111506845834,
  "tpm_overlap_csf": 0.16873832046985626,
  "tpm_overlap_gm": 0.3907744288444519,
  "tpm_overlap_wm": 0.4718799889087677,
  "wm2max": 0.4835881294964029
}