{
  "bids_meta": {
    "AccelFactPE": 2,
    "AcquisitionNumber": 1,
    "AcquisitionTime": "11:03:46.207500",
    "BodyPartExamined": "HEAD",
    "ConversionSoftware": "dcm2niix",
    "ConversionSoftwareVersion": "v1.0.20170724 GCC4.8.5",
    "DeviceSerialNumber": "35353",
    "EchoTime": 0.00418,
    "FlipAngle": 9,
    "ImageType": [
      "ORIGINAL",
      "PRIMARY",
      "M",
      "ND",
      "NORM"
    ],
    "InstitutionAddress": "De_Pintelaan_185_Gent_ACCD6F_District_BE_9000",
    "InstitutionName": "UZ_Gent",
    "InversionTime": 0.9,
    "MagneticFieldStrength": 3,
    "Manufacturer": "Siemens",
    "ManufacturersModelName": "TrioTim",
    "Modality": "MR",
    "PhaseEncodingDirection": "i-",
    "PhaseEncodingLines": 256,
    "ProcedureStepDescription": "Brain_Research_3T_MRP",
    "ProtocolName": "T1_mprage",
    "RepetitionTime": 1.75,
    "ScanningSequence": "GR_IR",
    "SequenceName": "_tfl3d1_ns",
    "SequenceVariant": "SP_MP",
    "SeriesDescription": "T1_mprage",
    "SoftwareVersions": "syngo_MR_B17",
    "dataset": "<unset>",
    "modality": "T1w",
    "session_id": "postop",
    "subject_id": "CON10"
  },
  "cjv": 0.7481957458183627,
  "cnr": 1.7971341840380062,
  "efc": 0.6532711834294607,
  "fber": 3598.3638223140492,
  "fwhm_avg": 3.4562299058281094,
  "fwhm_x": 3.5939997174843286,
  "fwhm_y": 3.61501,
  "fwhm_z": 3.15968,
  "icvs_csf": 0.2223387564601809,
  "icvs_gm": 0.4049479027855432,
  "icvs_wm": 0.37271334075427587,
  "inu_med": 1.3855987787246704,
  "inu_range": 0.5467467725276949,
  "provenance": {
    "md5sum": "7147fc66d7dd769be92cd09ad6bf4b86",
    "settings": {
      "testing": false
    },
    "software": "mriqc",
    "version": "21.0.0rc2",
    "warnings": {
      "large_rot_frame": true,
      "small_air_mask": false
    },
    "webapi_port": null,
    "webapi_url": "https://mriqc.nimh.nih.gov/api/v1"
  },
  "qi_1": 0.0,
  "qi_2": 0.01507850395775555,
  "rpve_csf": 21.872855699191756,
  "rpve_gm": 11.772465996209002,
  "rpve_wm": 14.721059347899674,
  "size_x": 160,
  "size_y": 256,
  "size_z": 256,
  "snr_csf": 3.4546785886714826,
  "snr_gm": 11.690743081464722,
  "snr_total": 10.43061787249812,
  "snr_wm": 16.146431947358156,
  "snrd_csf": 49.622660022933516,
  "snrd_gm": 109.84275423604828,
  "snrd_total": 97.2710601772256,
  "snrd_wm": 132.34776627269505,
  "spacing_x": 1.0000028610229492,
  "spacing_y": 1.0,
  "spacing_z": 1.0,
  "summary_bg_k": 8.084295324666218,
  "summary_bg_mad": 4.950692946984568,
  "summary_bg_mean": 8.676484361686896,
  "summary_bg_median": 6.619800988584757,
  "summary_bg_n": 2152266.0,
  "summary_bg_p05": 0.0,
  "summary_bg_p95": 26.420621644705534,
  "summary_bg_stdv": 8.818757817395841,
  "summary_csf_k": 2.9151260480250896,
  "summary_csf_mad": 82.42469485418168,
  "summary_csf_mean": 402.7719866785786,
  "summary_csf_median": 374.9853639639914,
  "summary_csf_n": 40096.0,
  "summary_csf_p05": 278.55888230726123,
  "summary_csf_p95": 618.1605312526226,
  "summary_csf_stdv": 108.54285810264437,
  "summary_gm_k": 0.3207168129282798,
  "summary_gm_mad": 67.13834470208897,
  "summary_gm_mean": 832.74989682429,
  "summary_gm_median": 830.0527451969683,
  "summary_gm_n": 10501.0,
  "summary_gm_p05": 719.7422561571002,
  "summary_gm_p95": 956.4733693860471,
  "summary_gm_stdv": 70.99747346383917,
  "summary_wm_k": 0.33226068977301315,
  "summary_wm_mad": 60.103149461637216,
  "summary_wm_mean": 1004.302429100032,
  "summary_wm_median": 1000.1171900629997,
  "summary_wm_n": 180701.0,
  "summary_wm_p05": 910.0761801563203,
  "summary_wm_p95": 1113.3567945845425,
  "summary_wm_stdv": 61.940274234810104,
  "tpm_overlap_csf": 0.17703106999397278,
  "tpm_overlap_gm": 0.42877617478370667,
  "tpm_overlap_wm": 0.48435866832733154,
  "wm2max": 0.4180215475024486
}