{
  "bids_meta": {
    "AccelFactPE": 2,
    "AcquisitionNumber": 1,
    "AcquisitionTime": "12:35:36.187500",
    "BodyPartExamined": "HEAD",
    "ConversionSoftware": "dcm2niix",
    "ConversionSoftwareVersion": "v1.0.20170724 GCC4.8.5",
    "DeviceSerialNumber": "35353",
    "EchoTime": 0.00418,
    "FlipAngle": 9,
    "ImageType": [
      "ORIGINAL",
      "PRIMARY",
      "M",
      "ND",
      "NORM"
    ],
    "InstitutionAddress": "De_Pintelaan_185_Gent_ACCD6F_District_BE_9000",
    "InstitutionName": "UZ_Gent",
    "InversionTime": 0.9,
    "MagneticFieldStrength": 3,
    "Manufacturer": "Siemens",
    "ManufacturersModelName": "TrioTim",
    "Modality": "MR",
    "PhaseEncodingDirection": "i-",
    "PhaseEncodingLines": 256,
    "ProcedureStepDescription": "Brain_Research_3T_MRP",
    "ProtocolName": "T1_mprage",
    "RepetitionTime": 1.75,
    "ScanningSequence": "GR_IR",
    "SequenceName": "_tfl3d1_ns",
    "SequenceVariant": "SP_MP",
    "SeriesDescription": "T1_mprage",
    "SoftwareVersions": "syngo_MR_B17",
    "dataset": "<unset>",
    "modality": "T1w",
    "session_id": "postop",
    "subject_id": "PAT10"
  },
  "cjv": 0.6588052177842291,
  "cnr": 2.0007202589870885,
  "efc": 0.5357018861240775,
  "fber": 8639.960696373459,
  "fwhm_avg": 3.3056423607317775,
  "fwhm_x": 3.496617082195333,
  "fwhm_y": 3.42458,
  "fwhm_z": 2.99573,
  "icvs_csf": 0.21856960542327344,
  "icvs_gm": 0.39221764416029625,
  "icvs_wm": 0.38921275041643033,
  "inu_med": 1.3876744508743286,
  "inu_range": 0.42596976757049543,
  "provenance": {
    "md5sum": "2de1d8b5e7a2cf0236b118ed078238c0",
    "settings": {
      "testing": false
    },
    "software": "mriqc",
    "version": "21.0.0rc2",
    "warnings": {
      "large_rot_frame": true,
      "small_air_mask": false
    },
    "webapi_port": null,
    "webapi_url": "https://mriqc.nimh.nih.gov/api/v1"
  },
  "qi_1": 0.00019108323895479244,
  "qi_2": 0.014700988273358143,
  "rpve_csf": 25.28451993525199,
  "rpve_gm": 13.780519817977094,
  "rpve_wm": 16.435122653846395,
  "size_x": 160,
  "size_y": 256,
  "size_z": 256,
  "snr_csf": 3.249090701468849,
  "snr_gm": 12.491219181279813,
  "snr_total": 11.428799907479876,
  "snr_wm": 18.546089839690968,
  "snrd_csf": 43.4333940963893,
  "snrd_gm": 94.47699148224062,
  "snrd_total": 83.9884129163611,
  "snrd_wm": 114.0548531704534,
  "spacing_x": 1.0000008344650269,
  "spacing_y": 1.0,
  "spacing_z": 1.0,
  "summary_bg_k": 8.029561718451333,
  "summary_bg_mad": 5.744046442455636,
  "summary_bg_mean": 8.06395470455582,
  "summary_bg_median": 7.694791171699762,
  "summary_bg_n": 3705263.0,
  "summary_bg_p05": 0.0,
  "summary_bg_p95": 23.138183243572712,
  "summary_bg_stdv": 7.502578816010234,
  "summary_csf_k": 1.3446941205015435,
  "summary_csf_mad": 91.7451862336664,
  "summary_csf_mean": 412.1928574038854,
  "summary_csf_median": 380.8114484064281,
  "summary_csf_n": 27396.0,
  "summary_csf_p05": 274.1605665720999,
  "summary_csf_p95": 645.6091222241521,
  "summary_csf_stdv": 117.20340649222585,
  "summary_gm_k": 0.19993252559221597,
  "summary_gm_mad": 63.30417850122982,
  "summary_gm_mean": 831.7266029124514,
  "summary_gm_median": 828.3469601199031,
  "summary_gm_n": 14062.0,
  "summary_gm_p05": 729.3370597288013,
  "summary_gm_p95": 949.0933003278449,
  "summary_gm_stdv": 66.3119823767108,
  "summary_wm_k": 0.6683161670371578,
  "summary_wm_mad": 49.78173583461551,
  "summary_wm_mean": 1002.0857789994558,
  "summary_wm_median": 999.9999939501286,
  "summary_wm_n": 184859.0,
  "summary_wm_p05": 916.7025342732668,
  "summary_wm_p95": 1094.5436868779361,
  "summary_wm_stdv": 53.91957538360433,
  "tpm_overlap_csf": 0.15994995832443237,
  "tpm_overlap_gm": 0.4136312007904053,
  "tpm_overlap_wm": 0.47892600297927856,
  "wm2max": 0.5464757255859087
}