{
  "aor": 0.0010105,
  "aqi": 0.006755143666666667,
  "bids_meta": {
    "AccelFactPE": 2,
    "AcquisitionNumber": 1,
    "AcquisitionTime": "18:50:34.010000",
    "BandwidthPerPixelPhaseEncode": 65.104,
    "BodyPartExamined": "HEAD",
    "ConversionSoftware": "dcm2niix",
    "ConversionSoftwareVersion": "v1.0.20170724 GCC4.8.5",
    "DeviceSerialNumber": "35353",
    "EchoTime": 0.027,
    "EffectiveEchoSpacing": 0.000240001,
    "FlipAngle": 90,
    "ImageType": [
      "ORIGINAL",
      "PRIMARY",
      "M",
      "ND",
      "MOSAIC"
    ],
    "InstitutionAddress": "De_Pintelaan_185_Gent_ACCD6F_District_BE_9000",
    "InstitutionName": "Experimental_Psychology",
    "MagneticFieldStrength": 3,
    "Manufacturer": "Siemens",
    "ManufacturersModelName": "TrioTim",
    "Modality": "MR",
    "PhaseEncodingDirection": "j-",
    "PhaseEncodingLines": 64,
    "ProcedureStepDescription": "Brain_Research_3T_MRP",
    "ProtocolName": "fMRI_Resting_State",
    "RepetitionTime": 2.4,
    "ScanningSequence": "EP",
    "SequenceName": "_epfid2d1_64",
    "SequenceVariant": "SK",
    "SeriesDescription": "fMRI_Resting_State",
    "SliceTiming": [
      2.3325,
      2.275,
      2.2175,
      2.16,
      2.105,
      2.0475,
      1.99,
      1.9325,
      1.8775,
      1.82,
      1.7625,
      1.705,
      1.65,
      1.5925,
      1.535,
      1.4775,
      1.4225,
      1.365,
      1.3075,
      1.25,
      1.195,
      1.1375,
      1.08,
      1.0225,
      0.9675,
      0.91,
      0.8525,
      0.795,
      0.74,
      0.6825,
      0.625,
      0.5675,
      0.5125,
      0.455,
      0.3975,
      0.34,
      0.285,
      0.2275,
      0.17,
      0.1125,
      0.0575,
      0
    ],
    "SoftwareVersions": "syngo_MR_B17",
    "TaskName": "rest",
    "TotalReadoutTime": 0.01464,
    "TrueEchoSpacing": 0.000480001,
    "dataset": "<unset>",
    "modality": "bold",
    "session_id": "postop",
    "subject_id": "PAT08",
    "task_id": "rest"
  },
  "dummy_trs": 0,
  "dvars_nstd": 46.85275447581007,
  "dvars_std": 1.1122830306703917,
  "dvars_vstd": 0.988285052793297,
  "efc": 0.6163077902246219,
  "fber": 175.89161682128906,
  "fd_mean": 0.38910858460627185,
  "fd_num": 170,
  "fd_perc": 94.44444444444444,
  "fwhm_avg": 2.8250623009785962,
  "fwhm_x": 2.6319466666666664,
  "fwhm_y": 2.870286666666667,
  "fwhm_z": 2.9729535696024554,
  "gcor": 0.0115781,
  "gsr_x": 0.024662934243679047,
  "gsr_y": 0.055888786911964417,
  "provenance": {
    "md5sum": "de842622ef67c95fccab7cdc5709358f",
    "settings": {
      "fd_thres": 0.2,
      "testing": false
    },
    "software": "mriqc",
    "version": "21.0.0rc2",
    "webapi_port": null,
    "webapi_url": "https://mriqc.nimh.nih.gov/api/v1"
  },
  "size_t": 180,
  "size_x": 64,
  "size_y": 64,
  "size_z": 42,
  "snr": 2.6233595842579174,
  "spacing_tr": 2.4000000953674316,
  "spacing_x": 3.0,
  "spacing_y": 3.0,
  "spacing_z": 2.999999761581421,
  "summary_bg_k": 41.21840881492475,
  "summary_bg_mad": 26.592118627423297,
  "summary_bg_mean": 65.53904724121094,
  "summary_bg_median": 40.93888854980469,
  "summary_bg_n": 88996.0,
  "summary_bg_p05": 19.376389980316162,
  "summary_bg_p95": 196.69305801391602,
  "summary_bg_stdv": 78.77262878417969,
  "summary_fg_k": 2.5398860534903562,
  "summary_fg_mad": 168.44832507557342,
  "summary_fg_mean": 584.9767456054688,
  "summary_fg_median": 541.7166748046875,
  "summary_fg_n": 43897.0,
  "summary_fg_p05": 330.16668090820315,
  "summary_fg_p95": 990.6133666992185,
  "summary_fg_stdv": 206.4949493408203,
  "tsnr": 39.59255899512209
}