{
  "bids_meta": {
    "AccelFactPE": 2,
    "AcquisitionNumber": 1,
    "AcquisitionTime": "11:33:26.195000",
    "BodyPartExamined": "HEAD",
    "ConversionSoftware": "dcm2niix",
    "ConversionSoftwareVersion": "v1.0.20170724 GCC4.8.5",
    "DeviceSerialNumber": "35353",
    "EchoTime": 0.00418,
    "FlipAngle": 9,
    "ImageType": [
      "ORIGINAL",
      "PRIMARY",
      "M",
      "ND",
      "NORM"
    ],
    "InstitutionAddress": "De_Pintelaan_185_Gent_ACCD6F_District_BE_9000",
    "InstitutionName": "UZ_Gent",
    "InversionTime": 0.9,
    "MagneticFieldStrength": 3,
    "Manufacturer": "Siemens",
    "ManufacturersModelName": "TrioTim",
    "Modality": "MR",
    "PhaseEncodingDirection": "i-",
    "PhaseEncodingLines": 256,
    "ProcedureStepDescription": "MR_hersenen_(structuur_alleen)",
    "ProtocolName": "T1_mprage",
    "RepetitionTime": 1.75,
    "ScanningSequence": "GR_IR",
    "SequenceName": "_tfl3d1_ns",
    "SequenceVariant": "SP_MP",
    "SeriesDescription": "T1_mprage",
    "SoftwareVersions": "syngo_MR_B17",
    "dataset": "<unset>",
    "modality": "T1w",
    "session_id": "postop",
    "subject_id": "PAT13"
  },
  "cjv": 0.422158282264417,
  "cnr": 3.1040659543479308,
  "efc": 0.5425897183013865,
  "fber": 12150.700481341546,
  "fwhm_avg": 3.628648749602488,
  "fwhm_x": 3.7210762488074645,
  "fwhm_y": 3.80916,
  "fwhm_z": 3.35571,
  "icvs_csf": 0.21862335297562122,
  "icvs_gm": 0.4098162771094027,
  "icvs_wm": 0.3715603699149761,
  "inu_med": 1.3066388368606567,
  "inu_range": 0.3729092478752136,
  "provenance": {
    "md5sum": "d51371953918bfc819d7984694a9e016",
    "settings": {
      "testing": false
    },
    "software": "mriqc",
    "version": "21.0.0rc2",
    "warnings": {
      "large_rot_frame": true,
      "small_air_mask": false
    },
    "webapi_port": null,
    "webapi_url": "https://mriqc.nimh.nih.gov/api/v1"
  },
  "qi_1": 0.0,
  "qi_2": 0.022621824208224495,
  "rpve_csf": 27.777418976670823,
  "rpve_gm": 14.8230085583562,
  "rpve_wm": 18.96445422573669,
  "size_x": 160,
  "size_y": 256,
  "size_z": 256,
  "snr_csf": 4.703681359802091,
  "snr_gm": 14.127917921304945,
  "snr_total": 14.711309176504066,
  "snr_wm": 25.302328248405164,
  "snrd_csf": 52.904254732885626,
  "snrd_gm": 111.25199288460104,
  "snrd_total": 101.83369922033556,
  "snrd_wm": 141.34485004352,
  "spacing_x": 1.000003695487976,
  "spacing_y": 1.0,
  "spacing_z": 1.0,
  "summary_bg_k": 8.966249483562656,
  "summary_bg_mad": 4.6352310456855115,
  "summary_bg_mean": 5.892930669521303,
  "summary_bg_median": 3.126415830105543,
  "summary_bg_n": 2645704.0,
  "summary_bg_p05": 0.0,
  "summary_bg_p95": 18.713184606283903,
  "summary_bg_stdv": 6.2322526526509,
  "summary_csf_k": 3.6319977473451477,
  "summary_csf_mad": 62.34049870139354,
  "summary_csf_mean": 389.9241824521955,
  "summary_csf_median": 374.3090025000274,
  "summary_csf_n": 45216.0,
  "summary_csf_p05": 294.8346058912575,
  "summary_csf_p95": 544.1889235293493,
  "summary_csf_stdv": 79.57700250591712,
  "summary_gm_k": 0.2589288459808534,
  "summary_gm_mad": 54.816645409846046,
  "summary_gm_mean": 787.0314569724019,
  "summary_gm_median": 787.1318231970072,
  "summary_gm_n": 12279.0,
  "summary_gm_p05": 695.50518418774,
  "summary_gm_p95": 877.8885030187666,
  "summary_gm_stdv": 55.71236858660014,
  "summary_wm_k": 1.087762117248146,
  "summary_wm_mad": 35.06653051953387,
  "summary_wm_mean": 1001.7432033825645,
  "summary_wm_median": 1000.0452722646296,
  "summary_wm_n": 170319.0,
  "summary_wm_p05": 940.3715092465281,
  "summary_wm_p95": 1069.777938388288,
  "summary_wm_stdv": 39.52372788155072,
  "tpm_overlap_csf": 0.1600179225206375,
  "tpm_overlap_gm": 0.4215838313102722,
  "tpm_overlap_wm": 0.4889829158782959,
  "wm2max": 0.5414867517173699
}