{
  "bids_meta": {
    "AccelFactPE": 2,
    "AcquisitionNumber": 1,
    "AcquisitionTime": "09:44:42.192500",
    "BodyPartExamined": "HEAD",
    "ConversionSoftware": "dcm2niix",
    "ConversionSoftwareVersion": "v1.0.20170724 GCC4.8.5",
    "DeviceSerialNumber": "35353",
    "EchoTime": 0.00418,
    "FlipAngle": 9,
    "ImageType": [
      "ORIGINAL",
      "PRIMARY",
      "M",
      "ND",
      "NORM"
    ],
    "InstitutionAddress": "De_Pintelaan_185_Gent_88C96F_District_BE_9000",
    "InstitutionName": "UZ",
    "InversionTime": 0.9,
    "MagneticFieldStrength": 3,
    "Manufacturer": "Siemens",
    "ManufacturersModelName": "TrioTim",
    "Modality": "MR",
    "PhaseEncodingDirection": "i-",
    "PhaseEncodingLines": 256,
    "ProcedureStepDescription": "Brain_Research_3T_MRP",
    "ProtocolName": "T1_mprage",
    "RepetitionTime": 1.75,
    "ScanningSequence": "GR_IR",
    "SequenceName": "_tfl3d1_ns",
    "SequenceVariant": "SP_MP",
    "SeriesDescription": "T1_mprage",
    "SoftwareVersions": "syngo_MR_B17",
    "dataset": "<unset>",
    "modality": "T1w",
    "session_id": "postop",
    "subject_id": "PAT02"
  },
  "cjv": 0.533333013415267,
  "cnr": 2.450879826492442,
  "efc": 0.6114507382229915,
  "fber": 5134.511023099288,
  "fwhm_avg": 3.601146502008909,
  "fwhm_x": 3.6679095060267275,
  "fwhm_y": 3.83179,
  "fwhm_z": 3.30374,
  "icvs_csf": 0.18330873364081152,
  "icvs_gm": 0.4109299972311556,
  "icvs_wm": 0.4057612691280329,
  "inu_med": 1.404137372970581,
  "inu_range": 0.49875786900520325,
  "provenance": {
    "md5sum": "4139fe047af1f35fc41c2d93c5a1a0fa",
    "settings": {
      "testing": false
    },
    "software": "mriqc",
    "version": "21.0.0rc2",
    "warnings": {
      "large_rot_frame": true,
      "small_air_mask": false
    },
    "webapi_port": null,
    "webapi_url": "https://mriqc.nimh.nih.gov/api/v1"
  },
  "qi_1": 0.0,
  "qi_2": 0.01345179981348177,
  "rpve_csf": 30.81138945700876,
  "rpve_gm": 14.297168280207798,
  "rpve_wm": 16.990991667414775,
  "size_x": 160,
  "size_y": 256,
  "size_z": 256,
  "snr_csf": 3.506977391873198,
  "snr_gm": 12.443315669748353,
  "snr_total": 12.804897285034002,
  "snr_wm": 22.46439879348046,
  "snrd_csf": 55.0333429030202,
  "snrd_gm": 104.37586696833993,
  "snrd_total": 96.27257861781875,
  "snrd_wm": 129.40852598209614,
  "spacing_x": 1.0000028610229492,
  "spacing_y": 1.0,
  "spacing_z": 1.0,
  "summary_bg_k": 18.568775988662853,
  "summary_bg_mad": 5.062543972156369,
  "summary_bg_mean": 6.433035769717796,
  "summary_bg_median": 3.414634019136429,
  "summary_bg_n": 2066400.0,
  "summary_bg_p05": 0.0,
  "summary_bg_p95": 20.29268217086792,
  "summary_bg_stdv": 6.834559850868267,
  "summary_csf_k": 8.836541142220709,
  "summary_csf_mad": 117.37869809728268,
  "summary_csf_mean": 448.7047257652203,
  "summary_csf_median": 425.2682768404484,
  "summary_csf_n": 20330.0,
  "summary_csf_p05": 295.33901338800786,
  "summary_csf_p95": 655.2950975395738,
  "summary_csf_stdv": 121.26049588059308,
  "summary_gm_k": 0.23555318137806314,
  "summary_gm_mad": 62.160807772405704,
  "summary_gm_mean": 810.8558865208015,
  "summary_gm_median": 806.5609455630183,
  "summary_gm_n": 10952.0,
  "summary_gm_p05": 712.2438759058714,
  "summary_gm_p95": 926.4072825618086,
  "summary_gm_stdv": 64.81585323290321,
  "summary_wm_k": 0.5938476517801727,
  "summary_wm_mad": 41.00660617446659,
  "summary_wm_mean": 1000.2723355396232,
  "summary_wm_median": 999.999962747097,
  "summary_wm_n": 189246.0,
  "summary_wm_p05": 926.7316727936268,
  "summary_wm_p95": 1074.4389843642712,
  "summary_wm_stdv": 44.51475999304963,
  "tpm_overlap_csf": 0.16973674297332764,
  "tpm_overlap_gm": 0.44290247559547424,
  "tpm_overlap_wm": 0.5082219243049622,
  "wm2max": 0.5123145165292807
}