{
  "aor": 0.0006326666666666667,
  "aqi": 0.0036680887222222225,
  "bids_meta": {
    "AccelFactPE": 2,
    "AcquisitionNumber": 1,
    "AcquisitionTime": "10:21:8.150000",
    "BandwidthPerPixelPhaseEncode": 65.104,
    "BodyPartExamined": "HEAD",
    "ConversionSoftware": "dcm2niix",
    "ConversionSoftwareVersion": "v1.0.20170724 GCC4.8.5",
    "DeviceSerialNumber": "35353",
    "EchoTime": 0.027,
    "EffectiveEchoSpacing": 0.000240001,
    "FlipAngle": 90,
    "ImageType": [
      "ORIGINAL",
      "PRIMARY",
      "M",
      "ND",
      "MOSAIC"
    ],
    "InstitutionAddress": "De_Pintelaan_185_Gent_ACCD6F_District_BE_9000",
    "InstitutionName": "UZ_Gent",
    "MagneticFieldStrength": 3,
    "Manufacturer": "Siemens",
    "ManufacturersModelName": "TrioTim",
    "Modality": "MR",
    "PhaseEncodingDirection": "j-",
    "PhaseEncodingLines": 64,
    "ProcedureStepDescription": "Brain_Research_3T_MRP",
    "ProtocolName": "fMRI_Resting_State",
    "RepetitionTime": 2.4,
    "ScanningSequence": "EP",
    "SequenceName": "_epfid2d1_64",
    "SequenceVariant": "SK",
    "SeriesDescription": "fMRI_Resting_State",
    "SliceTiming": [
      2.3325,
      2.275,
      2.2175,
      2.16,
      2.105,
      2.0475,
      1.99,
      1.9325,
      1.8775,
      1.82,
      1.7625,
      1.705,
      1.65,
      1.5925,
      1.535,
      1.4775,
      1.4225,
      1.365,
      1.3075,
      1.25,
      1.195,
      1.1375,
      1.08,
      1.0225,
      0.9675,
      0.91,
      0.8525,
      0.795,
      0.74,
      0.6825,
      0.625,
      0.5675,
      0.5125,
      0.455,
      0.3975,
      0.34,
      0.285,
      0.2275,
      0.17,
      0.1125,
      0.0575,
      0
    ],
    "SoftwareVersions": "syngo_MR_B17",
    "TaskName": "rest",
    "TotalReadoutTime": 0.01464,
    "TrueEchoSpacing": 0.000480001,
    "dataset": "<unset>",
    "modality": "bold",
    "session_id": "postop",
    "subject_id": "CON09",
    "task_id": "rest"
  },
  "dummy_trs": 0,
  "dvars_nstd": 29.524983358268145,
  "dvars_std": 1.0465338055307263,
  "dvars_vstd": 0.9823011263687149,
  "efc": 0.6143433675607228,
  "fber": 305.66217041015625,
  "fd_mean": 0.15662416402803805,
  "fd_num": 23,
  "fd_perc": 12.777777777777779,
  "fwhm_avg": 2.7997477777777777,
  "fwhm_x": 2.65019,
  "fwhm_y": 2.8181133333333332,
  "fwhm_z": 2.93094,
  "gcor": 0.00828538,
  "gsr_x": -0.014840477146208286,
  "gsr_y": 0.10118716210126877,
  "provenance": {
    "md5sum": "6531a4965a446346daaf3b8b01e9f390",
    "settings": {
      "fd_thres": 0.2,
      "testing": false
    },
    "software": "mriqc",
    "version": "21.0.0rc2",
    "webapi_port": null,
    "webapi_url": "https://mriqc.nimh.nih.gov/api/v1"
  },
  "size_t": 180,
  "size_x": 64,
  "size_y": 64,
  "size_z": 42,
  "snr": 2.559807133318251,
  "spacing_tr": 2.4000000953674316,
  "spacing_x": 3.0,
  "spacing_y": 3.0,
  "spacing_z": 3.0,
  "summary_bg_k": 35.16535941532062,
  "summary_bg_mad": 20.995295818132515,
  "summary_bg_mean": 71.85260009765625,
  "summary_bg_median": 36.400001525878906,
  "summary_bg_n": 85921.0,
  "summary_bg_p05": 19.9777774810791,
  "summary_bg_p95": 241.85000610351562,
  "summary_bg_stdv": 97.13460540771484,
  "summary_fg_k": 2.347144433377916,
  "summary_fg_mad": 227.73594447963,
  "summary_fg_mean": 708.6187744140625,
  "summary_fg_median": 661.7166748046875,
  "summary_fg_n": 46747.0,
  "summary_fg_p05": 385.5961181640625,
  "summary_fg_p95": 1202.6061889648433,
  "summary_fg_stdv": 258.4997863769531,
  "tsnr": 48.96672446606681
}