{
  "bids_meta": {
    "AccelFactPE": 2,
    "AcquisitionNumber": 1,
    "AcquisitionTime": "13:22:57.200000",
    "BodyPartExamined": "HEAD",
    "ConversionSoftware": "dcm2niix",
    "ConversionSoftwareVersion": "v1.0.20170724 GCC4.8.5",
    "DeviceSerialNumber": "35353",
    "EchoTime": 0.00418,
    "FlipAngle": 9,
    "ImageType": [
      "ORIGINAL",
      "PRIMARY",
      "M",
      "ND",
      "NORM"
    ],
    "InstitutionAddress": "De_Pintelaan_185_Gent_ACCD6F_District_BE_9000",
    "InstitutionName": "UZ_Gent",
    "InversionTime": 0.9,
    "MagneticFieldStrength": 3,
    "Manufacturer": "Siemens",
    "ManufacturersModelName": "TrioTim",
    "Modality": "MR",
    "PhaseEncodingDirection": "i-",
    "PhaseEncodingLines": 256,
    "ProcedureStepDescription": "Brain_Research_3T_MRP",
    "ProtocolName": "T1_mprage",
    "RepetitionTime": 1.75,
    "ScanningSequence": "GR_IR",
    "SequenceName": "_tfl3d1_ns",
    "SequenceVariant": "SP_MP",
    "SeriesDescription": "T1_mprage",
    "SoftwareVersions": "syngo_MR_B17",
    "dataset": "<unset>",
    "modality": "T1w",
    "session_id": "postop",
    "subject_id": "CON06"
  },
  "cjv": 0.6324919286771262,
  "cnr": 2.0805100347849983,
  "efc": 0.5880127726787232,
  "fber": 3751.276290505721,
  "fwhm_avg": 3.7300889176357876,
  "fwhm_x": 3.891226752907363,
  "fwhm_y": 3.84852,
  "fwhm_z": 3.45052,
  "icvs_csf": 0.2972004342546669,
  "icvs_gm": 0.3524444170028254,
  "icvs_wm": 0.3503551487425076,
  "inu_med": 1.4861888885498047,
  "inu_range": 0.5310816466808315,
  "provenance": {
    "md5sum": "09668ca48b77b8a616a1ae496e2fd48e",
    "settings": {
      "testing": false
    },
    "software": "mriqc",
    "version": "21.0.0rc2",
    "warnings": {
      "large_rot_frame": true,
      "small_air_mask": false
    },
    "webapi_port": null,
    "webapi_url": "https://mriqc.nimh.nih.gov/api/v1"
  },
  "qi_1": 0.00010486598865143225,
  "qi_2": 0.01329861350671716,
  "rpve_csf": 16.7889243656534,
  "rpve_gm": 12.40925165946623,
  "rpve_wm": 14.976751152505123,
  "size_x": 160,
  "size_y": 256,
  "size_z": 256,
  "snr_csf": 4.613095524571812,
  "snr_gm": 12.305667894077946,
  "snr_total": 11.864721442096434,
  "snr_wm": 18.675400907639542,
  "snrd_csf": 29.878708905234824,
  "snrd_gm": 67.99213039610036,
  "snrd_total": 60.24885752846867,
  "snrd_wm": 82.87573328407082,
  "spacing_x": 1.0000008344650269,
  "spacing_y": 1.0,
  "spacing_z": 1.0,
  "summary_bg_k": 7.029358640403922,
  "summary_bg_mad": 7.905438658953066,
  "summary_bg_mean": 12.187610888409642,
  "summary_bg_median": 10.614441633224487,
  "summary_bg_n": 3154560.0,
  "summary_bg_p05": 0.0,
  "summary_bg_p95": 36.726964712142944,
  "summary_bg_stdv": 11.811480751951654,
  "summary_csf_k": 2.5419424418006242,
  "summary_csf_mad": 58.81055301426766,
  "summary_csf_mean": 374.40580837376024,
  "summary_csf_median": 360.5421841144562,
  "summary_csf_n": 101953.0,
  "summary_csf_p05": 276.4738130569458,
  "summary_csf_p95": 529.6456875801083,
  "summary_csf_stdv": 78.1558530516641,
  "summary_gm_k": 0.25983765793091695,
  "summary_gm_mad": 62.98492015661204,
  "summary_gm_mean": 823.9717143915233,
  "summary_gm_median": 820.451488494873,
  "summary_gm_n": 11904.0,
  "summary_gm_p05": 719.8036586046219,
  "summary_gm_p95": 941.2966573238373,
  "summary_gm_stdv": 66.66984950877007,
  "summary_wm_k": 0.45363360254271035,
  "summary_wm_mad": 50.60958393815748,
  "summary_wm_mean": 1002.1616503398251,
  "summary_wm_median": 1000.0498342514038,
  "summary_wm_n": 206512.0,
  "summary_wm_p05": 917.5761210918427,
  "summary_wm_p95": 1093.6861526966095,
  "summary_wm_stdv": 53.5489127064425,
  "tpm_overlap_csf": 0.14725123345851898,
  "tpm_overlap_gm": 0.3728425204753876,
  "tpm_overlap_wm": 0.4466199576854706,
  "wm2max": 0.5274251622907303
}