{
  "aor": 0.0014371666666666665,
  "aqi": 0.0039499555555555545,
  "bids_meta": {
    "AccelFactPE": 2,
    "AcquisitionNumber": 1,
    "AcquisitionTime": "14:47:53.302500",
    "BandwidthPerPixelPhaseEncode": 65.104,
    "BodyPartExamined": "HEAD",
    "ConversionSoftware": "dcm2niix",
    "ConversionSoftwareVersion": "v1.0.20170724 GCC4.8.5",
    "DeviceSerialNumber": "35353",
    "EchoTime": 0.027,
    "EffectiveEchoSpacing": 0.000240001,
    "FlipAngle": 90,
    "ImageType": [
      "ORIGINAL",
      "PRIMARY",
      "M",
      "ND",
      "MOSAIC"
    ],
    "InstitutionAddress": "De_Pintelaan_185_Gent_9C4B6E_District_BE_9000",
    "InstitutionName": "UZ_Gent",
    "MagneticFieldStrength": 3,
    "Manufacturer": "Siemens",
    "ManufacturersModelName": "TrioTim",
    "Modality": "MR",
    "PhaseEncodingDirection": "j-",
    "PhaseEncodingLines": 64,
    "ProcedureStepDescription": "Brain_Research_3T_MRP",
    "ProtocolName": "fMRI_Resting_State",
    "RepetitionTime": 2.4,
    "ScanningSequence": "EP",
    "SequenceName": "_epfid2d1_64",
    "SequenceVariant": "SK",
    "SeriesDescription": "fMRI_Resting_State",
    "SliceTiming": [
      2.3325,
      2.275,
      2.2175,
      2.16,
      2.105,
      2.0475,
      1.99,
      1.9325,
      1.8775,
      1.82,
      1.7625,
      1.705,
      1.65,
      1.5925,
      1.535,
      1.4775,
      1.4225,
      1.365,
      1.3075,
      1.25,
      1.195,
      1.1375,
      1.08,
      1.0225,
      0.9675,
      0.91,
      0.8525,
      0.795,
      0.74,
      0.6825,
      0.625,
      0.5675,
      0.5125,
      0.455,
      0.3975,
      0.34,
      0.285,
      0.2275,
      0.17,
      0.1125,
      0.0575,
      0
    ],
    "SoftwareVersions": "syngo_MR_B17",
    "TaskName": "rest",
    "TotalReadoutTime": 0.01464,
    "TrueEchoSpacing": 0.000480001,
    "dataset": "<unset>",
    "modality": "bold",
    "session_id": "postop",
    "subject_id": "PAT23",
    "task_id": "rest"
  },
  "dummy_trs": 0,
  "dvars_nstd": 33.450483386201114,
  "dvars_std": 1.1187951694413407,
  "dvars_vstd": 1.003683111564246,
  "efc": 0.6157147477551138,
  "fber": 243.44505310058594,
  "fd_mean": 0.12393104281413836,
  "fd_num": 24,
  "fd_perc": 13.333333333333334,
  "fwhm_avg": 2.716685632461448,
  "fwhm_x": 2.5463033333333334,
  "fwhm_y": 2.7006533333333334,
  "fwhm_z": 2.9031002307176776,
  "gcor": 0.0086794,
  "gsr_x": 0.012816108763217926,
  "gsr_y": 0.04920129477977753,
  "provenance": {
    "md5sum": "cd5270ddedfde90c74da1694fb849a7d",
    "settings": {
      "fd_thres": 0.2,
      "testing": false
    },
    "software": "mriqc",
    "version": "21.0.0rc2",
    "webapi_port": null,
    "webapi_url": "https://mriqc.nimh.nih.gov/api/v1"
  },
  "size_t": 180,
  "size_x": 64,
  "size_y": 64,
  "size_z": 42,
  "snr": 2.9490375401617093,
  "spacing_tr": 2.4000000953674316,
  "spacing_x": 3.0,
  "spacing_y": 3.0,
  "spacing_z": 2.999999761581421,
  "summary_bg_k": 43.69851278858759,
  "summary_bg_mad": 21.456550344394582,
  "summary_bg_mean": 69.95014190673828,
  "summary_bg_median": 38.93333435058594,
  "summary_bg_n": 89499.0,
  "summary_bg_p05": 20.58333396911621,
  "summary_bg_p95": 232.05111541747988,
  "summary_bg_stdv": 92.02967071533203,
  "summary_fg_k": 0.8827629749325419,
  "summary_fg_mad": 189.87199047658,
  "summary_fg_mean": 649.8936767578125,
  "summary_fg_median": 615.29443359375,
  "summary_fg_n": 43837.0,
  "summary_fg_p05": 368.44334716796874,
  "summary_fg_p95": 1048.1778076171875,
  "summary_fg_stdv": 208.64007568359375,
  "tsnr": 48.907187900156714
}