{
  "aor": 0.002121166666666667,
  "aqi": 0.0034087782777777772,
  "bids_meta": {
    "AccelFactPE": 2,
    "AcquisitionNumber": 1,
    "AcquisitionTime": "11:09:0.240000",
    "BandwidthPerPixelPhaseEncode": 65.104,
    "BodyPartExamined": "HEAD",
    "ConversionSoftware": "dcm2niix",
    "ConversionSoftwareVersion": "v1.0.20170724 GCC4.8.5",
    "DeviceSerialNumber": "35353",
    "EchoTime": 0.027,
    "EffectiveEchoSpacing": 0.000240001,
    "FlipAngle": 90,
    "ImageType": [
      "ORIGINAL",
      "PRIMARY",
      "M",
      "ND",
      "MOSAIC"
    ],
    "InstitutionAddress": "De_Pintelaan_185_Gent_ACCD6F_District_BE_9000",
    "InstitutionName": "UZ_Gent",
    "MagneticFieldStrength": 3,
    "Manufacturer": "Siemens",
    "ManufacturersModelName": "TrioTim",
    "Modality": "MR",
    "PhaseEncodingDirection": "j-",
    "PhaseEncodingLines": 64,
    "ProcedureStepDescription": "Brain_Research_3T_MRP",
    "ProtocolName": "fMRI_Resting_State",
    "RepetitionTime": 2.4,
    "ScanningSequence": "EP",
    "SequenceName": "_epfid2d1_64",
    "SequenceVariant": "SK",
    "SeriesDescription": "fMRI_Resting_State",
    "SliceTiming": [
      2.3325,
      2.275,
      2.22,
      2.1625,
      2.105,
      2.0475,
      1.9925,
      1.935,
      1.8775,
      1.82,
      1.765,
      1.7075,
      1.65,
      1.5925,
      1.5375,
      1.48,
      1.4225,
      1.365,
      1.31,
      1.2525,
      1.195,
      1.1375,
      1.0825,
      1.025,
      0.9675,
      0.91,
      0.855,
      0.7975,
      0.74,
      0.6825,
      0.6275,
      0.57,
      0.5125,
      0.455,
      0.4,
      0.3425,
      0.285,
      0.2275,
      0.1725,
      0.115,
      0.0575,
      0
    ],
    "SoftwareVersions": "syngo_MR_B17",
    "TaskName": "rest",
    "TotalReadoutTime": 0.01464,
    "TrueEchoSpacing": 0.000480001,
    "dataset": "<unset>",
    "modality": "bold",
    "session_id": "postop",
    "subject_id": "PAT15",
    "task_id": "rest"
  },
  "dummy_trs": 0,
  "dvars_nstd": 30.497506392178764,
  "dvars_std": 1.1373600799999999,
  "dvars_vstd": 1.0046714984357537,
  "efc": 0.5439586108169622,
  "fber": 521.8123779296875,
  "fd_mean": 0.175138698275239,
  "fd_num": 47,
  "fd_perc": 26.11111111111111,
  "fwhm_avg": 3.3214455555555555,
  "fwhm_x": 3.25145,
  "fwhm_y": 3.416233333333333,
  "fwhm_z": 3.2966533333333334,
  "gcor": 0.0127006,
  "gsr_x": -0.02382665127515793,
  "gsr_y": 0.08697740733623505,
  "provenance": {
    "md5sum": "88ca9bc84caad0d68a08e920a9c3dec1",
    "settings": {
      "fd_thres": 0.2,
      "testing": false
    },
    "software": "mriqc",
    "version": "21.0.0rc2",
    "webapi_port": null,
    "webapi_url": "https://mriqc.nimh.nih.gov/api/v1"
  },
  "size_t": 180,
  "size_x": 64,
  "size_y": 64,
  "size_z": 42,
  "snr": 2.2204738712895145,
  "spacing_tr": 2.4000000953674316,
  "spacing_x": 3.0,
  "spacing_y": 3.0,
  "spacing_z": 3.0,
  "summary_bg_k": 75.3417563303636,
  "summary_bg_mad": 11.761976280486095,
  "summary_bg_mean": 54.0737419128418,
  "summary_bg_median": 28.19444465637207,
  "summary_bg_n": 97664.0,
  "summary_bg_p05": 18.75083341598511,
  "summary_bg_p95": 164.40528335571256,
  "summary_bg_stdv": 86.50366973876953,
  "summary_fg_k": 2.0647741539831284,
  "summary_fg_mad": 242.339585380996,
  "summary_fg_mean": 718.60546875,
  "summary_fg_median": 652.91943359375,
  "summary_fg_n": 37808.0,
  "summary_fg_p05": 373.91668701171875,
  "summary_fg_p95": 1313.254998779297,
  "summary_fg_stdv": 294.04119873046875,
  "tsnr": 51.97248721355572
}