{
  "aor": 0.0007004444444444446,
  "aqi": 0.0070085125,
  "bids_meta": {
    "AccelFactPE": 2,
    "AcquisitionNumber": 1,
    "AcquisitionTime": "13:54:15.687500",
    "BandwidthPerPixelPhaseEncode": 65.104,
    "BodyPartExamined": "HEAD",
    "ConversionSoftware": "dcm2niix",
    "ConversionSoftwareVersion": "v1.0.20170724 GCC4.8.5",
    "DeviceSerialNumber": "35353",
    "EchoTime": 0.027,
    "EffectiveEchoSpacing": 0.000240001,
    "FlipAngle": 90,
    "ImageType": [
      "ORIGINAL",
      "PRIMARY",
      "M",
      "ND",
      "MOSAIC"
    ],
    "InstitutionAddress": "De_Pintelaan_185_Gent_ACCD6F_District_BE_9000",
    "InstitutionName": "UZ_Gent",
    "MagneticFieldStrength": 3,
    "Manufacturer": "Siemens",
    "ManufacturersModelName": "TrioTim",
    "Modality": "MR",
    "PhaseEncodingDirection": "j-",
    "PhaseEncodingLines": 64,
    "ProcedureStepDescription": "Brain_Research_3T_MRP",
    "ProtocolName": "fMRI_Resting_State",
    "RepetitionTime": 2.4,
    "ScanningSequence": "EP",
    "SequenceName": "_epfid2d1_64",
    "SequenceVariant": "SK",
    "SeriesDescription": "fMRI_Resting_State",
    "SliceTiming": [
      2.3325,
      2.275,
      2.22,
      2.1625,
      2.105,
      2.0475,
      1.99,
      1.935,
      1.8775,
      1.82,
      1.7625,
      1.7075,
      1.65,
      1.5925,
      1.535,
      1.48,
      1.4225,
      1.365,
      1.3075,
      1.2525,
      1.195,
      1.1375,
      1.08,
      1.025,
      0.9675,
      0.91,
      0.8525,
      0.7975,
      0.74,
      0.6825,
      0.625,
      0.57,
      0.5125,
      0.455,
      0.3975,
      0.3425,
      0.285,
      0.2275,
      0.17,
      0.115,
      0.0575,
      0
    ],
    "SoftwareVersions": "syngo_MR_B17",
    "TaskName": "rest",
    "TotalReadoutTime": 0.01464,
    "TrueEchoSpacing": 0.000480001,
    "dataset": "<unset>",
    "modality": "bold",
    "session_id": "postop",
    "subject_id": "CON08",
    "task_id": "rest"
  },
  "dummy_trs": 0,
  "dvars_nstd": 42.29279666201117,
  "dvars_std": 1.0960406394972069,
  "dvars_vstd": 0.9861890919553075,
  "efc": 0.5893859276425129,
  "fber": 270.8479919433594,
  "fd_mean": 0.16780575180232501,
  "fd_num": 49,
  "fd_perc": 27.22222222222222,
  "fwhm_avg": 2.7773966666666667,
  "fwhm_x": 2.633903333333333,
  "fwhm_y": 2.794043333333333,
  "fwhm_z": 2.9042433333333335,
  "gcor": 0.0112344,
  "gsr_x": 0.006173213943839073,
  "gsr_y": 0.07158391177654266,
  "provenance": {
    "md5sum": "dafdf78e4e2e7451ae1fbc29d7994841",
    "settings": {
      "fd_thres": 0.2,
      "testing": false
    },
    "software": "mriqc",
    "version": "21.0.0rc2",
    "webapi_port": null,
    "webapi_url": "https://mriqc.nimh.nih.gov/api/v1"
  },
  "size_t": 180,
  "size_x": 64,
  "size_y": 64,
  "size_z": 42,
  "snr": 2.7806901399278194,
  "spacing_tr": 2.4000000953674316,
  "spacing_x": 3.0,
  "spacing_y": 3.0,
  "spacing_z": 3.0,
  "summary_bg_k": 49.70826902872325,
  "summary_bg_mad": 17.692385154508504,
  "summary_bg_mean": 63.4705924987793,
  "summary_bg_median": 34.22222137451172,
  "summary_bg_n": 95916.0,
  "summary_bg_p05": 20.24444580078125,
  "summary_bg_p95": 206.18055725097656,
  "summary_bg_stdv": 90.31761932373047,
  "summary_fg_k": 3.233726011964758,
  "summary_fg_mad": 169.83618336568696,
  "summary_fg_mean": 607.1508178710938,
  "summary_fg_median": 569.6944580078125,
  "summary_fg_n": 39184.0,
  "summary_fg_p05": 346.4258514404297,
  "summary_fg_p95": 984.1325286865233,
  "summary_fg_stdv": 204.87258911132812,
  "tsnr": 39.759439358022064
}