{
  "aor": 0.000808111111111111,
  "aqi": 0.0066375896111111115,
  "bids_meta": {
    "AccelFactPE": 2,
    "AcquisitionNumber": 1,
    "AcquisitionTime": "13:29:9.587500",
    "BandwidthPerPixelPhaseEncode": 65.104,
    "BodyPartExamined": "HEAD",
    "ConversionSoftware": "dcm2niix",
    "ConversionSoftwareVersion": "v1.0.20170724 GCC4.8.5",
    "DeviceSerialNumber": "35353",
    "EchoTime": 0.027,
    "EffectiveEchoSpacing": 0.000240001,
    "FlipAngle": 90,
    "ImageType": [
      "ORIGINAL",
      "PRIMARY",
      "M",
      "ND",
      "MOSAIC"
    ],
    "InstitutionAddress": "De_Pintelaan_185_Gent_ACCD6F_District_BE_9000",
    "InstitutionName": "UZ_Gent",
    "MagneticFieldStrength": 3,
    "Manufacturer": "Siemens",
    "ManufacturersModelName": "TrioTim",
    "Modality": "MR",
    "PhaseEncodingDirection": "j-",
    "PhaseEncodingLines": 64,
    "ProcedureStepDescription": "Brain_Research_3T_MRP",
    "ProtocolName": "fMRI_Resting_State",
    "RepetitionTime": 2.4,
    "ScanningSequence": "EP",
    "SequenceName": "_epfid2d1_64",
    "SequenceVariant": "SK",
    "SeriesDescription": "fMRI_Resting_State",
    "SliceTiming": [
      2.3325,
      2.275,
      2.22,
      2.1625,
      2.105,
      2.0475,
      1.9925,
      1.935,
      1.8775,
      1.82,
      1.765,
      1.7075,
      1.65,
      1.5925,
      1.5375,
      1.48,
      1.4225,
      1.365,
      1.31,
      1.2525,
      1.195,
      1.1375,
      1.0825,
      1.025,
      0.9675,
      0.91,
      0.855,
      0.7975,
      0.74,
      0.6825,
      0.6275,
      0.57,
      0.5125,
      0.455,
      0.4,
      0.3425,
      0.285,
      0.2275,
      0.1725,
      0.115,
      0.0575,
      0
    ],
    "SoftwareVersions": "syngo_MR_B17",
    "TaskName": "rest",
    "TotalReadoutTime": 0.01464,
    "TrueEchoSpacing": 0.000480001,
    "dataset": "<unset>",
    "modality": "bold",
    "session_id": "postop",
    "subject_id": "CON06",
    "task_id": "rest"
  },
  "dummy_trs": 0,
  "dvars_nstd": 33.3295299915084,
  "dvars_std": 1.0299872037430167,
  "dvars_vstd": 0.9708932724581008,
  "efc": 0.6019833683956742,
  "fber": 276.4190979003906,
  "fd_mean": 0.15653710635731283,
  "fd_num": 44,
  "fd_perc": 24.444444444444443,
  "fwhm_avg": 2.773197777777778,
  "fwhm_x": 2.488776666666667,
  "fwhm_y": 2.8653333333333335,
  "fwhm_z": 2.9654833333333332,
  "gcor": 0.0551685,
  "gsr_x": 0.028858818113803864,
  "gsr_y": 0.06045105308294296,
  "provenance": {
    "md5sum": "a0834ee7ecfccb7a4dfbe466e20c2ba7",
    "settings": {
      "fd_thres": 0.2,
      "testing": false
    },
    "software": "mriqc",
    "version": "21.0.0rc2",
    "webapi_port": null,
    "webapi_url": "https://mriqc.nimh.nih.gov/api/v1"
  },
  "size_t": 180,
  "size_x": 64,
  "size_y": 64,
  "size_z": 42,
  "snr": 2.847487959215487,
  "spacing_tr": 2.4000000953674316,
  "spacing_x": 3.0,
  "spacing_y": 3.0,
  "spacing_z": 3.0,
  "summary_bg_k": 51.15039000980822,
  "summary_bg_mad": 16.531016998608912,
  "summary_bg_mean": 53.82185363769531,
  "summary_bg_median": 29.30000114440918,
  "summary_bg_n": 90077.0,
  "summary_bg_p05": 16.261112213134766,
  "summary_bg_p95": 154.85111694335927,
  "summary_bg_stdv": 89.2296371459961,
  "summary_fg_k": 0.7233730577022808,
  "summary_fg_mad": 160.49169015323142,
  "summary_fg_mean": 515.6690063476562,
  "summary_fg_median": 487.4139099121094,
  "summary_fg_n": 43694.0,
  "summary_fg_p05": 281.0052764892578,
  "summary_fg_p95": 834.0308471679687,
  "summary_fg_stdv": 171.1713409423828,
  "tsnr": 37.50162381841801
}