{
  "bids_meta": {
    "AccelFactPE": 2,
    "AcquisitionNumber": 1,
    "AcquisitionTime": "16:49:25.195000",
    "BodyPartExamined": "HEAD",
    "ConversionSoftware": "dcm2niix",
    "ConversionSoftwareVersion": "v1.0.20170724 GCC4.8.5",
    "DeviceSerialNumber": "35353",
    "EchoTime": 0.00418,
    "FlipAngle": 9,
    "ImageType": [
      "ORIGINAL",
      "PRIMARY",
      "M",
      "ND",
      "NORM"
    ],
    "InstitutionAddress": "De_Pintelaan_185_Gent_ACCD6F_District_BE_9000",
    "InstitutionName": "UZ_Gent",
    "InversionTime": 0.9,
    "MagneticFieldStrength": 3,
    "Manufacturer": "Siemens",
    "ManufacturersModelName": "TrioTim",
    "Modality": "MR",
    "PhaseEncodingDirection": "i-",
    "PhaseEncodingLines": 256,
    "ProcedureStepDescription": "Brain_Research_3T_MRP",
    "ProtocolName": "T1_mprage",
    "RepetitionTime": 1.75,
    "ScanningSequence": "GR_IR",
    "SequenceName": "_tfl3d1_ns",
    "SequenceVariant": "SP_MP",
    "SeriesDescription": "T1_mprage",
    "SoftwareVersions": "syngo_MR_B17",
    "dataset": "<unset>",
    "modality": "T1w",
    "session_id": "postop",
    "subject_id": "CON05"
  },
  "cjv": 0.49896225234044683,
  "cnr": 2.6477688630983574,
  "efc": 0.5945012177607095,
  "fber": 10066.351738407237,
  "fwhm_avg": 3.5408458000372094,
  "fwhm_x": 3.6349074001116275,
  "fwhm_y": 3.72161,
  "fwhm_z": 3.26602,
  "icvs_csf": 0.1920286162609169,
  "icvs_gm": 0.403771429295651,
  "icvs_wm": 0.4041999544434321,
  "inu_med": 1.4079945087432861,
  "inu_range": 0.48967922925949114,
  "provenance": {
    "md5sum": "8ee6dce661a32bfec6053b58dc6221a2",
    "settings": {
      "testing": false
    },
    "software": "mriqc",
    "version": "21.0.0rc2",
    "warnings": {
      "large_rot_frame": true,
      "small_air_mask": false
    },
    "webapi_port": null,
    "webapi_url": "https://mriqc.nimh.nih.gov/api/v1"
  },
  "qi_1": 0.0,
  "qi_2": 0.008753809122089926,
  "rpve_csf": 25.959801549429493,
  "rpve_gm": 12.43856658166521,
  "rpve_wm": 14.597723050741314,
  "size_x": 160,
  "size_y": 256,
  "size_z": 256,
  "snr_csf": 3.57865769488215,
  "snr_gm": 12.292091771915672,
  "snr_total": 12.796206128263933,
  "snr_wm": 22.51786891799398,
  "snrd_csf": 47.83520839390061,
  "snrd_gm": 95.13903877126467,
  "snrd_total": 87.69228860267879,
  "snrd_wm": 120.10261864287112,
  "spacing_x": 1.0000007152557373,
  "spacing_y": 1.0,
  "spacing_z": 1.0,
  "summary_bg_k": 7.740579705156046,
  "summary_bg_mad": 5.454804990809557,
  "summary_bg_mean": 6.157897906772679,
  "summary_bg_median": 3.6792100556194782,
  "summary_bg_n": 2536348.0,
  "summary_bg_p05": 0.0,
  "summary_bg_p95": 18.302905719727278,
  "summary_bg_stdv": 6.134974007330111,
  "summary_csf_k": 0.40323075508113027,
  "summary_csf_mad": 98.94601964341894,
  "summary_csf_mean": 424.82872921632026,
  "summary_csf_median": 398.2861315906048,
  "summary_csf_n": 29561.0,
  "summary_csf_p05": 285.7675050795078,
  "summary_csf_p95": 632.8707018457353,
  "summary_csf_stdv": 111.29295641237238,
  "summary_gm_k": 0.2657265936066433,
  "summary_gm_mad": 62.21239616100521,
  "summary_gm_mean": 795.6655441168696,
  "summary_gm_median": 792.1478966586292,
  "summary_gm_n": 10088.0,
  "summary_gm_p05": 696.6281520500779,
  "summary_gm_p95": 909.7266013031825,
  "summary_gm_stdv": 64.44050764453006,
  "summary_wm_k": 0.5051669306363036,
  "summary_wm_mad": 41.497946828817014,
  "summary_wm_mean": 999.406968241117,
  "summary_wm_median": 999.9999786615372,
  "summary_wm_n": 202518.0,
  "summary_wm_p05": 924.9254646152258,
  "summary_wm_p95": 1071.348710373044,
  "summary_wm_stdv": 44.409065235436344,
  "tpm_overlap_csf": 0.17644153535366058,
  "tpm_overlap_gm": 0.42783844470977783,
  "tpm_overlap_wm": 0.4820168912410736,
  "wm2max": 0.4985604160861893
}