{
  "bids_meta": {
    "AccelFactPE": 2,
    "AcquisitionNumber": 1,
    "AcquisitionTime": "11:48:42.192500",
    "BodyPartExamined": "HEAD",
    "ConversionSoftware": "dcm2niix",
    "ConversionSoftwareVersion": "v1.0.20170724 GCC4.8.5",
    "DeviceSerialNumber": "35353",
    "EchoTime": 0.00418,
    "FlipAngle": 9,
    "ImageType": [
      "ORIGINAL",
      "PRIMARY",
      "M",
      "ND",
      "NORM"
    ],
    "InstitutionAddress": "De_Pintelaan_185_Gent_ACCD6F_District_BE_9000",
    "InstitutionName": "Experimental_Psychology",
    "InversionTime": 0.9,
    "MagneticFieldStrength": 3,
    "Manufacturer": "Siemens",
    "ManufacturersModelName": "TrioTim",
    "Modality": "MR",
    "PhaseEncodingDirection": "i-",
    "PhaseEncodingLines": 256,
    "ProcedureStepDescription": "Brain_Research_3T_MRP",
    "ProtocolName": "T1_mprage",
    "RepetitionTime": 1.75,
    "ScanningSequence": "GR_IR",
    "SequenceName": "_tfl3d1_ns",
    "SequenceVariant": "SP_MP",
    "SeriesDescription": "T1_mprage",
    "SoftwareVersions": "syngo_MR_B17",
    "dataset": "<unset>",
    "modality": "T1w",
    "session_id": "postop",
    "subject_id": "PAT05"
  },
  "cjv": 0.38515362191109626,
  "cnr": 3.438504877682947,
  "efc": 0.6155450403223641,
  "fber": 4601.361111111111,
  "fwhm_avg": 3.7052443233525474,
  "fwhm_x": 3.833022970057643,
  "fwhm_y": 3.83375,
  "fwhm_z": 3.44896,
  "icvs_csf": 0.20286281663559125,
  "icvs_gm": 0.3977786131091457,
  "icvs_wm": 0.39935857025526306,
  "inu_med": 1.2121127843856812,
  "inu_range": 0.30668748617172237,
  "provenance": {
    "md5sum": "12bc0cf5f3a15a7bb2859868ad80a41a",
    "settings": {
      "testing": false
    },
    "software": "mriqc",
    "version": "21.0.0rc2",
    "warnings": {
      "large_rot_frame": true,
      "small_air_mask": false
    },
    "webapi_port": null,
    "webapi_url": "https://mriqc.nimh.nih.gov/api/v1"
  },
  "qi_1": 0.0,
  "qi_2": 0.014260188287716614,
  "rpve_csf": 28.030004356642266,
  "rpve_gm": 14.484304750820433,
  "rpve_wm": 17.20768726218937,
  "size_x": 160,
  "size_y": 256,
  "size_z": 256,
  "snr_csf": 4.263036212084356,
  "snr_gm": 14.454752800671733,
  "snr_total": 14.069459333630428,
  "snr_wm": 23.4905889881352,
  "snrd_csf": 47.16484861251261,
  "snrd_gm": 99.30701566676207,
  "snrd_total": 92.0691395274834,
  "snrd_wm": 129.73555430317555,
  "spacing_x": 0.9999992251396179,
  "spacing_y": 1.0,
  "spacing_z": 1.0,
  "summary_bg_k": 5.533493783028915,
  "summary_bg_mad": 5.0497827728449565,
  "summary_bg_mean": 6.2746285538414455,
  "summary_bg_median": 3.4060267210006714,
  "summary_bg_n": 2343191.0,
  "summary_bg_p05": 0.0,
  "summary_bg_p95": 16.888215824961662,
  "summary_bg_stdv": 6.033734569185645,
  "summary_csf_k": 2.1360753432905764,
  "summary_csf_mad": 63.613235763477434,
  "summary_csf_mean": 383.4586482160932,
  "summary_csf_median": 363.5460465401411,
  "summary_csf_n": 33182.0,
  "summary_csf_p05": 282.4636882096529,
  "summary_csf_p95": 555.9392503499985,
  "summary_csf_stdv": 85.2773822111222,
  "summary_gm_k": 0.15446933774997085,
  "summary_gm_mad": 51.69013754981573,
  "summary_gm_mean": 764.4373666235205,
  "summary_gm_median": 765.4571996182203,
  "summary_gm_n": 14103.0,
  "summary_gm_p05": 675.0603043243289,
  "summary_gm_p95": 850.3193014904856,
  "summary_gm_stdv": 52.9535213499673,
  "summary_wm_k": 0.7473305586309076,
  "summary_wm_mad": 38.64486538663293,
  "summary_wm_mean": 999.7325201151629,
  "summary_wm_median": 999.999984100461,
  "summary_wm_n": 210429.0,
  "summary_wm_p05": 928.9464822262526,
  "summary_wm_p95": 1069.3977785408497,
  "summary_wm_stdv": 42.570137705121425,
  "tpm_overlap_csf": 0.17553667724132538,
  "tpm_overlap_gm": 0.4295307695865631,
  "tpm_overlap_wm": 0.5135831236839294,
  "wm2max": 0.5307423245763083
}