{
  "bids_meta": {
    "AccelFactPE": 2,
    "AcquisitionNumber": 1,
    "AcquisitionTime": "17:53:57.187500",
    "BodyPartExamined": "HEAD",
    "ConversionSoftware": "dcm2niix",
    "ConversionSoftwareVersion": "v1.0.20170724 GCC4.8.5",
    "DeviceSerialNumber": "35353",
    "EchoTime": 0.00418,
    "FlipAngle": 9,
    "ImageType": [
      "ORIGINAL",
      "PRIMARY",
      "M",
      "ND",
      "NORM"
    ],
    "InstitutionAddress": "De_Pintelaan_185_Gent_ACCD6F_District_BE_9000",
    "InstitutionName": "UZ_Gent",
    "InversionTime": 0.9,
    "MagneticFieldStrength": 3,
    "Manufacturer": "Siemens",
    "ManufacturersModelName": "TrioTim",
    "Modality": "MR",
    "PhaseEncodingDirection": "i-",
    "PhaseEncodingLines": 256,
    "ProcedureStepDescription": "Brain_Research_3T_MRP",
    "ProtocolName": "T1_mprage",
    "RepetitionTime": 1.75,
    "ScanningSequence": "GR_IR",
    "SequenceName": "_tfl3d1_ns",
    "SequenceVariant": "SP_MP",
    "SeriesDescription": "T1_mprage",
    "SoftwareVersions": "syngo_MR_B17",
    "dataset": "<unset>",
    "modality": "T1w",
    "session_id": "postop",
    "subject_id": "CON04"
  },
  "cjv": 0.4745836982278087,
  "cnr": 2.736922451472987,
  "efc": 0.5685699004412883,
  "fber": 8880.64599769888,
  "fwhm_avg": 3.4994725588415534,
  "fwhm_x": 3.74525767652466,
  "fwhm_y": 3.49987,
  "fwhm_z": 3.25329,
  "icvs_csf": 0.2329089120510238,
  "icvs_gm": 0.3906770266771243,
  "icvs_wm": 0.37641406127185195,
  "inu_med": 1.2375688552856445,
  "inu_range": 0.3874998390674591,
  "provenance": {
    "md5sum": "ac0fa8a5c58de0c45ebe57298b09baf4",
    "settings": {
      "testing": false
    },
    "software": "mriqc",
    "version": "21.0.0rc2",
    "warnings": {
      "large_rot_frame": true,
      "small_air_mask": false
    },
    "webapi_port": null,
    "webapi_url": "https://mriqc.nimh.nih.gov/api/v1"
  },
  "qi_1": 0.0,
  "qi_2": 0.01727405240992481,
  "rpve_csf": 24.346335548265905,
  "rpve_gm": 13.983488615913402,
  "rpve_wm": 17.17727088261786,
  "size_x": 160,
  "size_y": 256,
  "size_z": 256,
  "snr_csf": 4.4965453799195645,
  "snr_gm": 12.978206934254926,
  "snr_total": 13.639501501802032,
  "snr_wm": 23.44375219123161,
  "snrd_csf": 43.706738246798636,
  "snrd_gm": 95.03028914075486,
  "snrd_total": 86.08121882096316,
  "snrd_wm": 119.506629075336,
  "spacing_x": 1.0000059604644775,
  "spacing_y": 1.0,
  "spacing_z": 1.0,
  "summary_bg_k": 7.733761355985688,
  "summary_bg_mad": 5.482008700075423,
  "summary_bg_mean": 5.019051022391909,
  "summary_bg_median": 3.744963277131319,
  "summary_bg_n": 2592944.0,
  "summary_bg_p05": 0.0,
  "summary_bg_p95": 14.885043911635876,
  "summary_bg_stdv": 5.170587943339586,
  "summary_csf_k": 2.4556012295895346,
  "summary_csf_mad": 64.6595897957614,
  "summary_csf_mean": 381.6779998973438,
  "summary_csf_median": 365.72647700086236,
  "summary_csf_n": 44556.0,
  "summary_csf_p05": 283.47949869930744,
  "summary_csf_p95": 541.9412205694243,
  "summary_csf_stdv": 81.33407804345458,
  "summary_gm_k": 0.34535002657112646,
  "summary_gm_mad": 57.49080918797047,
  "summary_gm_mean": 797.0570191911661,
  "summary_gm_median": 795.1884366106242,
  "summary_gm_n": 9544.0,
  "summary_gm_p05": 699.786682240665,
  "summary_gm_p95": 902.9272377258168,
  "summary_gm_stdv": 61.267845432863496,
  "summary_wm_k": 0.6123933580581031,
  "summary_wm_mad": 39.70942199413608,
  "summary_wm_mean": 999.812758747386,
  "summary_wm_median": 1000.0000041909516,
  "summary_wm_n": 188204.0,
  "summary_wm_p05": 929.6041755005717,
  "summary_wm_p95": 1069.5354394195604,
  "summary_wm_stdv": 42.65517479193256,
  "tpm_overlap_csf": 0.17396804690361023,
  "tpm_overlap_gm": 0.4232446253299713,
  "tpm_overlap_wm": 0.4810982644557953,
  "wm2max": 0.4935541985447229
}