{
  "bids_meta": {
    "AccelFactPE": 2,
    "AcquisitionNumber": 1,
    "AcquisitionTime": "12:39:55.197500",
    "BodyPartExamined": "HEAD",
    "ConversionSoftware": "dcm2niix",
    "ConversionSoftwareVersion": "v1.0.20170724 GCC4.8.5",
    "DeviceSerialNumber": "35353",
    "EchoTime": 0.00418,
    "FlipAngle": 9,
    "ImageType": [
      "ORIGINAL",
      "PRIMARY",
      "M",
      "ND",
      "NORM"
    ],
    "InstitutionAddress": "De_Pintelaan_185_Gent_ACCD6F_District_BE_9000",
    "InstitutionName": "UZ_Gent",
    "InversionTime": 0.9,
    "MagneticFieldStrength": 3,
    "Manufacturer": "Siemens",
    "ManufacturersModelName": "TrioTim",
    "Modality": "MR",
    "PhaseEncodingDirection": "i-",
    "PhaseEncodingLines": 256,
    "ProcedureStepDescription": "Brain_Research_3T_MRP",
    "ProtocolName": "T1_mprage",
    "RepetitionTime": 1.75,
    "ScanningSequence": "GR_IR",
    "SequenceName": "_tfl3d1_ns",
    "SequenceVariant": "SP_MP",
    "SeriesDescription": "T1_mprage",
    "SoftwareVersions": "syngo_MR_B17",
    "dataset": "<unset>",
    "modality": "T1w",
    "session_id": "postop",
    "subject_id": "PAT06"
  },
  "cjv": 0.656263324932354,
  "cnr": 2.0333356573582813,
  "efc": 0.5907438642976668,
  "fber": 6127.032346145767,
  "fwhm_avg": 3.7141662092667467,
  "fwhm_x": 3.83694862780024,
  "fwhm_y": 3.89469,
  "fwhm_z": 3.41086,
  "icvs_csf": 0.24367558775024156,
  "icvs_gm": 0.38439659223533484,
  "icvs_wm": 0.37192782001442365,
  "inu_med": 1.3735244274139404,
  "inu_range": 0.4514521777629852,
  "provenance": {
    "md5sum": "06afe84ac170ca8a1ce97b5f9a8b18b0",
    "settings": {
      "testing": false
    },
    "software": "mriqc",
    "version": "21.0.0rc2",
    "warnings": {
      "large_rot_frame": true,
      "small_air_mask": false
    },
    "webapi_port": null,
    "webapi_url": "https://mriqc.nimh.nih.gov/api/v1"
  },
  "qi_1": 0.0,
  "qi_2": 0.017322141233365954,
  "rpve_csf": 24.575100253905834,
  "rpve_gm": 14.62843518705649,
  "rpve_wm": 17.773216206525635,
  "size_x": 160,
  "size_y": 256,
  "size_z": 256,
  "snr_csf": 3.9662501266465693,
  "snr_gm": 13.599950911606488,
  "snr_total": 12.531981876003252,
  "snr_wm": 20.029744589756703,
  "snrd_csf": 52.34389614565316,
  "snrd_gm": 122.78577363438036,
  "snrd_total": 107.20460286024762,
  "snrd_wm": 146.4841388007093,
  "spacing_x": 1.0000003576278687,
  "spacing_y": 1.0,
  "spacing_z": 1.0,
  "summary_bg_k": 9.958162997671932,
  "summary_bg_mad": 4.472698247140053,
  "summary_bg_mean": 6.245857341485572,
  "summary_bg_median": 5.967995874583721,
  "summary_bg_n": 1755395.0,
  "summary_bg_p05": 0.0,
  "summary_bg_p95": 18.03515236824751,
  "summary_bg_stdv": 6.281859867424936,
  "summary_csf_k": 3.805295725926671,
  "summary_csf_mad": 59.1174029187207,
  "summary_csf_mean": 379.8137336627115,
  "summary_csf_median": 357.35834638029337,
  "summary_csf_n": 47906.0,
  "summary_csf_p05": 280.0367294996977,
  "summary_csf_p95": 569.435342637822,
  "summary_csf_stdv": 90.09886042563545,
  "summary_gm_k": 0.16641359499221364,
  "summary_gm_mad": 59.99249605403071,
  "summary_gm_mean": 839.7959861901112,
  "summary_gm_median": 838.2738820761442,
  "summary_gm_n": 13734.0,
  "summary_gm_p05": 740.9496416598558,
  "summary_gm_p95": 942.943348184228,
  "summary_gm_stdv": 61.63576389136226,
  "summary_wm_k": 0.4844864610092894,
  "summary_wm_mad": 46.18547103025055,
  "summary_wm_mean": 1002.7702042276674,
  "summary_wm_median": 1000.0655944123864,
  "summary_wm_n": 169040.0,
  "summary_wm_p05": 924.7770310714841,
  "summary_wm_p95": 1091.0939270928502,
  "summary_wm_stdv": 49.92887611985006,
  "tpm_overlap_csf": 0.17639240622520447,
  "tpm_overlap_gm": 0.42593416571617126,
  "tpm_overlap_wm": 0.497164785861969,
  "wm2max": 0.48125355046392726
}