{
  "aor": 0.0006674444444444445,
  "aqi": 0.007507776944444444,
  "bids_meta": {
    "AccelFactPE": 2,
    "AcquisitionNumber": 1,
    "AcquisitionTime": "13:35:31.995000",
    "BandwidthPerPixelPhaseEncode": 65.104,
    "BodyPartExamined": "HEAD",
    "ConversionSoftware": "dcm2niix",
    "ConversionSoftwareVersion": "v1.0.20170724 GCC4.8.5",
    "DeviceSerialNumber": "35353",
    "EchoTime": 0.027,
    "EffectiveEchoSpacing": 0.000240001,
    "FlipAngle": 90,
    "ImageType": [
      "ORIGINAL",
      "PRIMARY",
      "M",
      "ND",
      "MOSAIC"
    ],
    "InstitutionAddress": "De_Pintelaan_185_Gent_ACCD6F_District_BE_9000",
    "InstitutionName": "UZ_Gent",
    "MagneticFieldStrength": 3,
    "Manufacturer": "Siemens",
    "ManufacturersModelName": "TrioTim",
    "Modality": "MR",
    "PhaseEncodingDirection": "j-",
    "PhaseEncodingLines": 64,
    "ProcedureStepDescription": "Brain_Research_3T_MRP",
    "ProtocolName": "fMRI_Resting_State",
    "RepetitionTime": 2.4,
    "ScanningSequence": "EP",
    "SequenceName": "_epfid2d1_64",
    "SequenceVariant": "SK",
    "SeriesDescription": "fMRI_Resting_State",
    "SliceTiming": [
      2.3325,
      2.275,
      2.2175,
      2.16,
      2.105,
      2.0475,
      1.99,
      1.9325,
      1.8775,
      1.82,
      1.7625,
      1.705,
      1.65,
      1.5925,
      1.535,
      1.4775,
      1.4225,
      1.365,
      1.3075,
      1.25,
      1.195,
      1.1375,
      1.08,
      1.0225,
      0.9675,
      0.91,
      0.8525,
      0.795,
      0.74,
      0.6825,
      0.625,
      0.5675,
      0.5125,
      0.455,
      0.3975,
      0.34,
      0.285,
      0.2275,
      0.17,
      0.1125,
      0.0575,
      0
    ],
    "SoftwareVersions": "syngo_MR_B17",
    "TaskName": "rest",
    "TotalReadoutTime": 0.01464,
    "TrueEchoSpacing": 0.000480001,
    "dataset": "<unset>",
    "modality": "bold",
    "session_id": "postop",
    "subject_id": "PAT16",
    "task_id": "rest"
  },
  "dummy_trs": 0,
  "dvars_nstd": 44.41720438240223,
  "dvars_std": 1.0736785588268158,
  "dvars_vstd": 0.9601492875419,
  "efc": 0.5814916173712299,
  "fber": 278.76531982421875,
  "fd_mean": 0.26864129330667696,
  "fd_num": 109,
  "fd_perc": 60.55555555555556,
  "fwhm_avg": 2.951988888888889,
  "fwhm_x": 2.9185533333333336,
  "fwhm_y": 3.05138,
  "fwhm_z": 2.8860333333333332,
  "gcor": 0.0178913,
  "gsr_x": -0.028410904109477997,
  "gsr_y": 0.08447025716304779,
  "provenance": {
    "md5sum": "97646c197e2ff79939e1d989e8f04318",
    "settings": {
      "fd_thres": 0.2,
      "testing": false
    },
    "software": "mriqc",
    "version": "21.0.0rc2",
    "webapi_port": null,
    "webapi_url": "https://mriqc.nimh.nih.gov/api/v1"
  },
  "size_t": 180,
  "size_x": 64,
  "size_y": 64,
  "size_z": 42,
  "snr": 2.169690943308536,
  "spacing_tr": 2.4000000953674316,
  "spacing_x": 3.0,
  "spacing_y": 3.0,
  "spacing_z": 3.0,
  "summary_bg_k": 38.701716716782855,
  "summary_bg_mad": 17.972434565338553,
  "summary_bg_mean": 71.94834899902344,
  "summary_bg_median": 36.7944450378418,
  "summary_bg_n": 92897.0,
  "summary_bg_p05": 22.316667556762695,
  "summary_bg_p95": 248.84667358398434,
  "summary_bg_stdv": 101.3550033569336,
  "summary_fg_k": 2.847848186290257,
  "summary_fg_mad": 235.37138210127708,
  "summary_fg_mean": 693.5162353515625,
  "summary_fg_median": 632.1111450195312,
  "summary_fg_n": 40719.0,
  "summary_fg_p05": 358.2361145019531,
  "summary_fg_p95": 1285.7900512695312,
  "summary_fg_stdv": 291.3333740234375,
  "tsnr": 34.67542543192394
}