{
  "bids_meta": {
    "AccelFactPE": 2,
    "AcquisitionNumber": 1,
    "AcquisitionTime": "11:02:8.190000",
    "BodyPartExamined": "HEAD",
    "ConversionSoftware": "dcm2niix",
    "ConversionSoftwareVersion": "v1.0.20170724 GCC4.8.5",
    "DeviceSerialNumber": "35353",
    "EchoTime": 0.00418,
    "FlipAngle": 9,
    "ImageType": [
      "ORIGINAL",
      "PRIMARY",
      "M",
      "ND",
      "NORM"
    ],
    "InstitutionAddress": "De_Pintelaan_185_Gent_ACCD6F_District_BE_9000",
    "InstitutionName": "UZ_Gent",
    "InversionTime": 0.9,
    "MagneticFieldStrength": 3,
    "Manufacturer": "Siemens",
    "ManufacturersModelName": "TrioTim",
    "Modality": "MR",
    "PhaseEncodingDirection": "i-",
    "PhaseEncodingLines": 256,
    "ProcedureStepDescription": "Brain_Research_3T_MRP",
    "ProtocolName": "T1_mprage",
    "RepetitionTime": 1.75,
    "ScanningSequence": "GR_IR",
    "SequenceName": "_tfl3d1_ns",
    "SequenceVariant": "SP_MP",
    "SeriesDescription": "T1_mprage",
    "SoftwareVersions": "syngo_MR_B17",
    "dataset": "<unset>",
    "modality": "T1w",
    "session_id": "postop",
    "subject_id": "PAT15"
  },
  "cjv": 0.747025442142784,
  "cnr": 1.7894900553571085,
  "efc": 0.5826448610480067,
  "fber": 8122.515625,
  "fwhm_avg": 3.542357860404806,
  "fwhm_x": 3.6244935812144177,
  "fwhm_y": 3.72881,
  "fwhm_z": 3.27377,
  "icvs_csf": 0.1774541643446923,
  "icvs_gm": 0.40395715774369206,
  "icvs_wm": 0.41858867791161564,
  "inu_med": 1.4079992771148682,
  "inu_range": 0.4646050989627839,
  "provenance": {
    "md5sum": "8883e3982bb056dd490f776139bd490d",
    "settings": {
      "testing": false
    },
    "software": "mriqc",
    "version": "21.0.0rc2",
    "warnings": {
      "large_rot_frame": true,
      "small_air_mask": false
    },
    "webapi_port": null,
    "webapi_url": "https://mriqc.nimh.nih.gov/api/v1"
  },
  "qi_1": 7.555765526302813e-06,
  "qi_2": 0.026967568834363246,
  "rpve_csf": 28.211575484342635,
  "rpve_gm": 12.961145850704872,
  "rpve_wm": 14.887452913360583,
  "size_x": 160,
  "size_y": 256,
  "size_z": 256,
  "snr_csf": 3.430390140593881,
  "snr_gm": 10.623239555702384,
  "snr_total": 11.851902930353551,
  "snr_wm": 21.502079094764383,
  "snrd_csf": 65.21522716634783,
  "snrd_gm": 132.17297318692306,
  "snrd_total": 118.49128208746298,
  "snrd_wm": 158.08564590911803,
  "spacing_x": 1.000004529953003,
  "spacing_y": 1.0,
  "spacing_z": 1.0,
  "summary_bg_k": 7.25937037149313,
  "summary_bg_mad": 4.144404881350367,
  "summary_bg_mean": 5.955015181583436,
  "summary_bg_median": 5.590717226266861,
  "summary_bg_n": 2305354.0,
  "summary_bg_p05": 0.0,
  "summary_bg_p95": 16.824894294142723,
  "summary_bg_stdv": 5.8007475058455995,
  "summary_csf_k": 3.144787178138979,
  "summary_csf_mad": 104.15749626337148,
  "summary_csf_mean": 438.2573844300693,
  "summary_csf_median": 412.5527372062206,
  "summary_csf_n": 20721.0,
  "summary_csf_p05": 290.5063253045082,
  "summary_csf_p95": 663.238387927413,
  "summary_csf_stdv": 120.26118465695734,
  "summary_gm_k": -0.2825634222286726,
  "summary_gm_mad": 81.63695653075062,
  "summary_gm_mean": 842.7528203588828,
  "summary_gm_median": 836.1286810189486,
  "summary_gm_n": 15515.0,
  "summary_gm_p05": 724.2985137090087,
  "summary_gm_p95": 979.7468225955963,
  "summary_gm_stdv": 78.70496851589863,
  "summary_wm_k": 1.4702976029518453,
  "summary_wm_mad": 40.81847826537531,
  "summary_wm_mean": 1003.5823969153586,
  "summary_wm_median": 1000.0527295023203,
  "summary_wm_n": 215741.0,
  "summary_wm_p05": 934.124460324645,
  "summary_wm_p95": 1085.0738254338503,
  "summary_wm_stdv": 46.509475078024124,
  "tpm_overlap_csf": 0.1682380884885788,
  "tpm_overlap_gm": 0.42097753286361694,
  "tpm_overlap_wm": 0.48956674337387085,
  "wm2max": 0.5208064383223007
}