{
  "bids_meta": {
    "AccelFactPE": 2,
    "AcquisitionNumber": 1,
    "AcquisitionTime": "18:25:4.197500",
    "BodyPartExamined": "HEAD",
    "ConversionSoftware": "dcm2niix",
    "ConversionSoftwareVersion": "v1.0.20170724 GCC4.8.5",
    "DeviceSerialNumber": "35353",
    "EchoTime": 0.00418,
    "FlipAngle": 9,
    "ImageType": [
      "ORIGINAL",
      "PRIMARY",
      "M",
      "ND",
      "NORM"
    ],
    "InstitutionAddress": "De_Pintelaan_185_Gent_ACCD6F_District_BE_9000",
    "InstitutionName": "UZ_Gent",
    "InversionTime": 0.9,
    "MagneticFieldStrength": 3,
    "Manufacturer": "Siemens",
    "ManufacturersModelName": "TrioTim",
    "Modality": "MR",
    "PhaseEncodingDirection": "i-",
    "PhaseEncodingLines": 256,
    "ProcedureStepDescription": "Brain_Research_3T_MRP",
    "ProtocolName": "T1_mprage",
    "RepetitionTime": 1.75,
    "ScanningSequence": "GR_IR",
    "SequenceName": "_tfl3d1_ns",
    "SequenceVariant": "SP_MP",
    "SeriesDescription": "T1_mprage",
    "SoftwareVersions": "syngo_MR_B17",
    "dataset": "<unset>",
    "modality": "T1w",
    "session_id": "postop",
    "subject_id": "PAT07"
  },
  "cjv": 0.77309023790184,
  "cnr": 1.747323828024051,
  "efc": 0.6425387230717241,
  "fber": 8979.564372148383,
  "fwhm_avg": 3.6896487548666026,
  "fwhm_x": 3.8406962645998077,
  "fwhm_y": 3.87478,
  "fwhm_z": 3.35347,
  "icvs_csf": 0.2373239430018366,
  "icvs_gm": 0.3867628996046203,
  "icvs_wm": 0.37591315739354314,
  "inu_med": 1.3809360265731812,
  "inu_range": 0.5422290921211244,
  "provenance": {
    "md5sum": "670a42e91a47cefc4063b61577ee6ced",
    "settings": {
      "testing": false
    },
    "software": "mriqc",
    "version": "21.0.0rc2",
    "warnings": {
      "large_rot_frame": true,
      "small_air_mask": false
    },
    "webapi_port": null,
    "webapi_url": "https://mriqc.nimh.nih.gov/api/v1"
  },
  "qi_1": 0.0,
  "qi_2": 0.008678416813686439,
  "rpve_csf": 20.78018141386235,
  "rpve_gm": 12.114585399460353,
  "rpve_wm": 14.643734557205605,
  "size_x": 160,
  "size_y": 256,
  "size_z": 256,
  "snr_csf": 3.536502073525179,
  "snr_gm": 12.236745471976393,
  "snr_total": 11.391610114798112,
  "snr_wm": 18.40158279889277,
  "snrd_csf": 41.082650361076716,
  "snrd_gm": 94.76829526558328,
  "snrd_total": 82.63000373083298,
  "snrd_wm": 112.03906556583897,
  "spacing_x": 1.0000035762786865,
  "spacing_y": 1.0,
  "spacing_z": 1.0,
  "summary_bg_k": 6.431153134885994,
  "summary_bg_mad": 5.847392348747384,
  "summary_bg_mean": 8.20435426026137,
  "summary_bg_median": 7.832463026046753,
  "summary_bg_n": 2219977.0,
  "summary_bg_p05": 0.0,
  "summary_bg_p95": 19.88667917251587,
  "summary_bg_stdv": 7.211950459272872,
  "summary_csf_k": 3.904219833227952,
  "summary_csf_mad": 68.85098596553257,
  "summary_csf_mean": 394.2854722125186,
  "summary_csf_median": 366.68147826194763,
  "summary_csf_n": 57038.0,
  "summary_csf_p05": 279.73836120367054,
  "summary_csf_p95": 615.495497858524,
  "summary_csf_stdv": 103.68388205724048,
  "summary_gm_k": -0.04392467213282503,
  "summary_gm_mad": 68.52155541067357,
  "summary_gm_mean": 847.0616141598026,
  "summary_gm_median": 845.8504574298859,
  "summary_gm_n": 10729.0,
  "summary_gm_p05": 734.4961639404297,
  "summary_gm_p95": 965.6149275302887,
  "summary_gm_stdv": 69.12058762374868,
  "summary_wm_k": 0.8695997296370503,
  "summary_wm_mad": 50.64994780957241,
  "summary_wm_mean": 1002.6373828693476,
  "summary_wm_median": 999.9999957084656,
  "summary_wm_n": 212331.0,
  "summary_wm_p05": 918.1757543087006,
  "summary_wm_p95": 1095.6004841327667,
  "summary_wm_stdv": 54.343023196457175,
  "tpm_overlap_csf": 0.17239035665988922,
  "tpm_overlap_gm": 0.4116564393043518,
  "tpm_overlap_wm": 0.4761887192726135,
  "wm2max": 0.46218085512726237
}