{
  "aor": 0.0016384444444444445,
  "aqi": 0.0034559565,
  "bids_meta": {
    "AccelFactPE": 2,
    "AcquisitionNumber": 1,
    "AcquisitionTime": "14:20:25.320000",
    "BandwidthPerPixelPhaseEncode": 65.104,
    "BodyPartExamined": "HEAD",
    "ConversionSoftware": "dcm2niix",
    "ConversionSoftwareVersion": "v1.0.20170724 GCC4.8.5",
    "DeviceSerialNumber": "35353",
    "EchoTime": 0.027,
    "EffectiveEchoSpacing": 0.000240001,
    "FlipAngle": 90,
    "ImageType": [
      "ORIGINAL",
      "PRIMARY",
      "M",
      "ND",
      "MOSAIC"
    ],
    "InstitutionAddress": "De_Pintelaan_185_Gent_88C96F_District_BE_9000",
    "InstitutionName": "UZ",
    "MagneticFieldStrength": 3,
    "Manufacturer": "Siemens",
    "ManufacturersModelName": "TrioTim",
    "Modality": "MR",
    "PhaseEncodingDirection": "j-",
    "PhaseEncodingLines": 64,
    "ProcedureStepDescription": "Brain_Research_3T_MRP",
    "ProtocolName": "fMRI_Resting_State",
    "RepetitionTime": 2.4,
    "ScanningSequence": "EP",
    "SequenceName": "_epfid2d1_64",
    "SequenceVariant": "SK",
    "SeriesDescription": "fMRI_Resting_State",
    "SliceTiming": [
      2.33,
      2.275,
      2.2175,
      2.16,
      2.1025,
      2.0475,
      1.99,
      1.9325,
      1.875,
      1.82,
      1.7625,
      1.705,
      1.6475,
      1.5925,
      1.535,
      1.4775,
      1.42,
      1.365,
      1.3075,
      1.25,
      1.1925,
      1.1375,
      1.08,
      1.0225,
      0.965,
      0.91,
      0.8525,
      0.795,
      0.7375,
      0.6825,
      0.625,
      0.5675,
      0.51,
      0.455,
      0.3975,
      0.34,
      0.2825,
      0.2275,
      0.17,
      0.1125,
      0.055,
      0
    ],
    "SoftwareVersions": "syngo_MR_B17",
    "TaskName": "rest",
    "TotalReadoutTime": 0.01464,
    "TrueEchoSpacing": 0.000480001,
    "dataset": "<unset>",
    "modality": "bold",
    "session_id": "postop",
    "subject_id": "CON02",
    "task_id": "rest"
  },
  "dummy_trs": 0,
  "dvars_nstd": 35.7272074715084,
  "dvars_std": 1.1084943405027934,
  "dvars_vstd": 1.0092549164804467,
  "efc": 0.5794587404390739,
  "fber": 339.8631286621094,
  "fd_mean": 0.320664337731632,
  "fd_num": 137,
  "fd_perc": 76.11111111111111,
  "fwhm_avg": 2.874725555555555,
  "fwhm_x": 2.772263333333333,
  "fwhm_y": 2.8457933333333334,
  "fwhm_z": 3.0061199999999997,
  "gcor": 0.0096871,
  "gsr_x": -0.013239123858511448,
  "gsr_y": 0.06953530013561249,
  "provenance": {
    "md5sum": "c2a5373555eeba8dff4a2c188d33a21f",
    "settings": {
      "fd_thres": 0.2,
      "testing": false
    },
    "software": "mriqc",
    "version": "21.0.0rc2",
    "webapi_port": null,
    "webapi_url": "https://mriqc.nimh.nih.gov/api/v1"
  },
  "size_t": 180,
  "size_x": 64,
  "size_y": 64,
  "size_z": 42,
  "snr": 2.360841722923332,
  "spacing_tr": 2.4000000953674316,
  "spacing_x": 3.0,
  "spacing_y": 3.0,
  "spacing_z": 3.0,
  "summary_bg_k": 50.060908197136484,
  "summary_bg_mad": 17.140526656610774,
  "summary_bg_mean": 66.27429962158203,
  "summary_bg_median": 35.93888854980469,
  "summary_bg_n": 92283.0,
  "summary_bg_p05": 22.267222023010255,
  "summary_bg_p95": 218.82223510742188,
  "summary_bg_stdv": 88.43489837646484,
  "summary_fg_k": 2.833404081150742,
  "summary_fg_mad": 247.43811179684445,
  "summary_fg_mean": 728.7199096679688,
  "summary_fg_median": 674.1278076171875,
  "summary_fg_n": 41395.0,
  "summary_fg_p05": 384.10222778320315,
  "summary_fg_p95": 1271.8072875976554,
  "summary_fg_stdv": 285.5420837402344,
  "tsnr": 45.56421387498267
}