{
  "bids_meta": {
    "AccelFactPE": 2,
    "AcquisitionNumber": 1,
    "AcquisitionTime": "13:42:47.197500",
    "BodyPartExamined": "HEAD",
    "ConversionSoftware": "dcm2niix",
    "ConversionSoftwareVersion": "v1.0.20170724 GCC4.8.5",
    "DeviceSerialNumber": "35353",
    "EchoTime": 0.00418,
    "FlipAngle": 9,
    "ImageType": [
      "ORIGINAL",
      "PRIMARY",
      "M",
      "ND",
      "NORM"
    ],
    "InstitutionAddress": "De_Pintelaan_185_Gent_88C96F_District_BE_9000",
    "InstitutionName": "UZ",
    "InversionTime": 0.9,
    "MagneticFieldStrength": 3,
    "Manufacturer": "Siemens",
    "ManufacturersModelName": "TrioTim",
    "Modality": "MR",
    "PhaseEncodingDirection": "i-",
    "PhaseEncodingLines": 256,
    "ProcedureStepDescription": "Brain_Research_3T_MRP",
    "ProtocolName": "T1_mprage",
    "RepetitionTime": 1.75,
    "ScanningSequence": "GR_IR",
    "SequenceName": "_tfl3d1_ns",
    "SequenceVariant": "SP_MP",
    "SeriesDescription": "T1_mprage",
    "SoftwareVersions": "syngo_MR_B17",
    "dataset": "<unset>",
    "modality": "T1w",
    "session_id": "postop",
    "subject_id": "PAT01"
  },
  "cjv": 0.47085630576512866,
  "cnr": 2.8811438827070663,
  "efc": 0.588712783059955,
  "fber": 7207.066697530865,
  "fwhm_avg": 3.6660403028385566,
  "fwhm_x": 3.8105909085156697,
  "fwhm_y": 3.77934,
  "fwhm_z": 3.40819,
  "icvs_csf": 0.23203895295553859,
  "icvs_gm": 0.3907540491538786,
  "icvs_wm": 0.3772069978905828,
  "inu_med": 1.3447751998901367,
  "inu_range": 0.3713017523288724,
  "provenance": {
    "md5sum": "44c1960204981ba278cf7f859b7c9d51",
    "settings": {
      "testing": false
    },
    "software": "mriqc",
    "version": "21.0.0rc2",
    "warnings": {
      "large_rot_frame": true,
      "small_air_mask": false
    },
    "webapi_port": null,
    "webapi_url": "https://mriqc.nimh.nih.gov/api/v1"
  },
  "qi_1": 2.1507041405356113e-06,
  "qi_2": 0.014675234508416434,
  "rpve_csf": 27.000608743630856,
  "rpve_gm": 15.283735282176208,
  "rpve_wm": 18.6980737319244,
  "size_x": 160,
  "size_y": 256,
  "size_z": 256,
  "snr_csf": 4.028254352882278,
  "snr_gm": 12.716236672082966,
  "snr_total": 11.6355010731625,
  "snr_wm": 18.162012194522255,
  "snrd_csf": 40.13363854566696,
  "snrd_gm": 84.09854639714533,
  "snrd_total": 78.1128962522824,
  "snrd_wm": 110.1065038140349,
  "spacing_x": 0.9999997615814209,
  "spacing_y": 1.0,
  "spacing_z": 1.0,
  "summary_bg_k": 7.7076000309214425,
  "summary_bg_mad": 5.950286518754893,
  "summary_bg_mean": 8.641458442566497,
  "summary_bg_median": 7.8504010289907455,
  "summary_bg_n": 3033990.0,
  "summary_bg_p05": 0.0,
  "summary_bg_p95": 27.520506978034973,
  "summary_bg_stdv": 9.084735140266568,
  "summary_csf_k": 1.7187411216816182,
  "summary_csf_mad": 73.43045890727191,
  "summary_csf_mean": 381.951516191642,
  "summary_csf_median": 364.5144073292613,
  "summary_csf_n": 44225.0,
  "summary_csf_p05": 264.93780371546745,
  "summary_csf_p95": 558.560443550348,
  "summary_csf_stdv": 90.48839875514923,
  "summary_gm_k": 0.017490785045065405,
  "summary_gm_mad": 58.71821202024059,
  "summary_gm_mean": 763.458809237148,
  "summary_gm_median": 763.8263787701726,
  "summary_gm_n": 7458.0,
  "summary_gm_p05": 662.664258768782,
  "summary_gm_p95": 862.0578293986619,
  "summary_gm_stdv": 60.06298783380952,
  "summary_wm_k": 0.4118771704815276,
  "summary_wm_mad": 52.506374445716254,
  "summary_wm_mean": 1001.2631860335148,
  "summary_wm_median": 1000.0440636649728,
  "summary_wm_n": 161197.0,
  "summary_wm_p05": 913.2045152038336,
  "summary_wm_p95": 1094.4693928956985,
  "summary_wm_stdv": 55.06223379975507,
  "tpm_overlap_csf": 0.16558849811553955,
  "tpm_overlap_gm": 0.4192291796207428,
  "tpm_overlap_wm": 0.4812420606613159,
  "wm2max": 0.5478376419424982
}