{
  "bids_meta": {
    "AccelFactPE": 2,
    "AcquisitionNumber": 1,
    "AcquisitionTime": "14:41:3.215000",
    "BodyPartExamined": "HEAD",
    "ConversionSoftware": "dcm2niix",
    "ConversionSoftwareVersion": "v1.0.20170724 GCC4.8.5",
    "DeviceSerialNumber": "35353",
    "EchoTime": 0.00418,
    "FlipAngle": 9,
    "ImageType": [
      "ORIGINAL",
      "PRIMARY",
      "M",
      "ND",
      "NORM"
    ],
    "InstitutionAddress": "De_Pintelaan_185_Gent_9C4B6E_District_BE_9000",
    "InstitutionName": "UZ_Gent",
    "InversionTime": 0.9,
    "MagneticFieldStrength": 3,
    "Manufacturer": "Siemens",
    "ManufacturersModelName": "TrioTim",
    "Modality": "MR",
    "PhaseEncodingDirection": "i-",
    "PhaseEncodingLines": 256,
    "ProcedureStepDescription": "Brain_Research_3T_MRP",
    "ProtocolName": "T1_mprage",
    "RepetitionTime": 1.75,
    "ScanningSequence": "GR_IR",
    "SequenceName": "_tfl3d1_ns",
    "SequenceVariant": "SP_MP",
    "SeriesDescription": "T1_mprage",
    "SoftwareVersions": "syngo_MR_B17",
    "dataset": "<unset>",
    "modality": "T1w",
    "session_id": "postop",
    "subject_id": "PAT23"
  },
  "cjv": 0.7718107210907916,
  "cnr": 1.7199537083768888,
  "efc": 0.6217375509864925,
  "fber": 4087.783940745729,
  "fwhm_avg": 3.625888117710406,
  "fwhm_x": 3.843864353131217,
  "fwhm_y": 3.70526,
  "fwhm_z": 3.32854,
  "icvs_csf": 0.2687935651402394,
  "icvs_gm": 0.37520523423404806,
  "icvs_wm": 0.35600120062571255,
  "inu_med": 1.396965503692627,
  "inu_range": 0.5464008092880248,
  "provenance": {
    "md5sum": "cea341670df1cf83d20bfdc97a26e442",
    "settings": {
      "testing": false
    },
    "software": "mriqc",
    "version": "21.0.0rc2",
    "warnings": {
      "large_rot_frame": true,
      "small_air_mask": false
    },
    "webapi_port": null,
    "webapi_url": "https://mriqc.nimh.nih.gov/api/v1"
  },
  "qi_1": 0.0,
  "qi_2": 0.018034848640347673,
  "rpve_csf": 18.632050462796396,
  "rpve_gm": 12.099435507691442,
  "rpve_wm": 14.95461594232086,
  "size_x": 160,
  "size_y": 256,
  "size_z": 256,
  "snr_csf": 4.461407619276811,
  "snr_gm": 14.451384110884819,
  "snr_total": 11.850678184563598,
  "snr_wm": 16.63924282352917,
  "snrd_csf": 42.8807884156377,
  "snrd_gm": 95.84618912665265,
  "snrd_total": 83.63287215508034,
  "snrd_wm": 112.17163892295063,
  "spacing_x": 0.9999988675117493,
  "spacing_y": 1.0,
  "spacing_z": 1.0,
  "summary_bg_k": 4.916977093520471,
  "summary_bg_mad": 5.8407966620869445,
  "summary_bg_mean": 8.570680067067151,
  "summary_bg_median": 7.879114963114262,
  "summary_bg_n": 2472031.0,
  "summary_bg_p05": 0.0,
  "summary_bg_p95": 23.47544526681304,
  "summary_bg_stdv": 7.264134645820988,
  "summary_csf_k": 1.8205587887981443,
  "summary_csf_mad": 70.4896145109397,
  "summary_csf_mean": 399.24356172360615,
  "summary_csf_median": 382.29897533357143,
  "summary_csf_n": 84628.0,
  "summary_csf_p05": 291.95898596197367,
  "summary_csf_p95": 568.861307028681,
  "summary_csf_stdv": 85.68970810298235,
  "summary_gm_k": 0.3655124065789743,
  "summary_gm_mad": 55.28754100687779,
  "summary_gm_mean": 854.4059283448634,
  "summary_gm_median": 854.5062077119946,
  "summary_gm_n": 12713.0,
  "summary_gm_p05": 755.2185658685863,
  "summary_gm_p95": 951.203455594927,
  "summary_gm_stdv": 59.12738827779556,
  "summary_wm_k": 0.26639470168358015,
  "summary_wm_mad": 57.047781096821794,
  "summary_wm_mean": 1002.4486012758102,
  "summary_wm_median": 1000.0539683662355,
  "summary_wm_n": 198184.0,
  "summary_wm_p05": 907.5553173609078,
  "summary_wm_p95": 1107.3934181034565,
  "summary_wm_stdv": 60.10198035602564,
  "tpm_overlap_csf": 0.16295388340950012,
  "tpm_overlap_gm": 0.389862060546875,
  "tpm_overlap_wm": 0.45652472972869873,
  "wm2max": 0.46813186813186813
}