{
  "bids_meta": {
    "AccelFactPE": 2,
    "AcquisitionNumber": 1,
    "AcquisitionTime": "09:05:8.242500",
    "BodyPartExamined": "HEAD",
    "ConversionSoftware": "dcm2niix",
    "ConversionSoftwareVersion": "v1.0.20170724 GCC4.8.5",
    "DeviceSerialNumber": "35353",
    "EchoTime": 0.00418,
    "FlipAngle": 9,
    "ImageType": [
      "ORIGINAL",
      "PRIMARY",
      "M",
      "ND",
      "NORM"
    ],
    "InstitutionAddress": "De_Pintelaan_185_Gent_ACCD6F_District_BE_9000",
    "InstitutionName": "UZ_Gent",
    "InversionTime": 0.9,
    "MagneticFieldStrength": 3,
    "Manufacturer": "Siemens",
    "ManufacturersModelName": "TrioTim",
    "Modality": "MR",
    "PhaseEncodingDirection": "i-",
    "PhaseEncodingLines": 256,
    "ProcedureStepDescription": "Brain_Research_3T_MRP",
    "ProtocolName": "T1_mprage",
    "RepetitionTime": 1.75,
    "ScanningSequence": "GR_IR",
    "SequenceName": "_tfl3d1_ns",
    "SequenceVariant": "SP_MP",
    "SeriesDescription": "T1_mprage",
    "SoftwareVersions": "syngo_MR_B17",
    "dataset": "<unset>",
    "modality": "T1w",
    "session_id": "postop",
    "subject_id": "PAT11"
  },
  "cjv": 0.5589485200670026,
  "cnr": 2.3565634407066693,
  "efc": 0.5577453693334748,
  "fber": 6430.806213017752,
  "fwhm_avg": 3.2070341353839,
  "fwhm_x": 3.4121424061516983,
  "fwhm_y": 3.27922,
  "fwhm_z": 2.92974,
  "icvs_csf": 0.25928718242277327,
  "icvs_gm": 0.3874234288965132,
  "icvs_wm": 0.3532893886807135,
  "inu_med": 1.3196542263031006,
  "inu_range": 0.3566727161407468,
  "provenance": {
    "md5sum": "c833f7b71956d856383424fd8e52c2ca",
    "settings": {
      "testing": false
    },
    "software": "mriqc",
    "version": "21.0.0rc2",
    "warnings": {
      "large_rot_frame": true,
      "small_air_mask": false
    },
    "webapi_port": null,
    "webapi_url": "https://mriqc.nimh.nih.gov/api/v1"
  },
  "qi_1": 0.0,
  "qi_2": 0.017724784026903848,
  "rpve_csf": 24.560234237714532,
  "rpve_gm": 15.058715993938318,
  "rpve_wm": 18.791959417987506,
  "size_x": 160,
  "size_y": 256,
  "size_z": 256,
  "snr_csf": 4.374038204097947,
  "snr_gm": 13.683085221365094,
  "snr_total": 11.248556669426813,
  "snr_wm": 15.688546582817397,
  "snrd_csf": 40.7163411016839,
  "snrd_gm": 84.16410043469722,
  "snrd_total": 76.89650466659701,
  "snrd_wm": 105.80907246340993,
  "spacing_x": 0.9999963641166687,
  "spacing_y": 1.0,
  "spacing_z": 1.0,
  "summary_bg_k": 176.14913223141485,
  "summary_bg_mad": 6.19182656292481,
  "summary_bg_mean": 8.846244629379045,
  "summary_bg_median": 8.306753437966108,
  "summary_bg_n": 3253877.0,
  "summary_bg_p05": 0.0,
  "summary_bg_p95": 25.057941310107708,
  "summary_bg_stdv": 9.669248011327646,
  "summary_csf_k": 1.177446592048816,
  "summary_csf_mad": 77.02360076077895,
  "summary_csf_mean": 397.6849803685623,
  "summary_csf_median": 384.8183844052255,
  "summary_csf_n": 54311.0,
  "summary_csf_p05": 277.0371112059802,
  "summary_csf_p95": 560.6370165646076,
  "summary_csf_stdv": 87.97701887896233,
  "summary_gm_k": 0.2589943945071731,
  "summary_gm_mad": 56.37283854267258,
  "summary_gm_mean": 796.3509353727469,
  "summary_gm_median": 795.4519555997103,
  "summary_gm_n": 11900.0,
  "summary_gm_p05": 702.0675252374261,
  "summary_gm_p95": 893.2284097410738,
  "summary_gm_stdv": 58.13151929394328,
  "summary_wm_k": 0.745013441167778,
  "summary_wm_mad": 57.9718267210103,
  "summary_wm_mean": 1003.0488561193641,
  "summary_wm_median": 1000.0229691341519,
  "summary_wm_n": 134140.0,
  "summary_wm_p05": 902.5907174833119,
  "summary_wm_p95": 1113.242641683668,
  "summary_wm_stdv": 63.74199396443186,
  "tpm_overlap_csf": 0.1703377068042755,
  "tpm_overlap_gm": 0.41003766655921936,
  "tpm_overlap_wm": 0.4740201234817505,
  "wm2max": 0.5576312826287235
}