{
  "bids_meta": {
    "AccelFactPE": 2,
    "AcquisitionNumber": 1,
    "AcquisitionTime": "10:00:10.277500",
    "BodyPartExamined": "HEAD",
    "ConversionSoftware": "dcm2niix",
    "ConversionSoftwareVersion": "v1.0.20170724 GCC4.8.5",
    "DeviceSerialNumber": "35353",
    "EchoTime": 0.00418,
    "FlipAngle": 9,
    "ImageType": [
      "ORIGINAL",
      "PRIMARY",
      "M",
      "ND",
      "NORM"
    ],
    "InstitutionAddress": "De_Pintelaan_185_Gent_ACCD6F_District_BE_9000",
    "InstitutionName": "UZ_Gent",
    "InversionTime": 0.9,
    "MagneticFieldStrength": 3,
    "Manufacturer": "Siemens",
    "ManufacturersModelName": "TrioTim",
    "Modality": "MR",
    "PhaseEncodingDirection": "i-",
    "PhaseEncodingLines": 256,
    "ProcedureStepDescription": "Brain_Research_3T_MRP",
    "ProtocolName": "T1_mprage",
    "RepetitionTime": 1.75,
    "ScanningSequence": "GR_IR",
    "SequenceName": "_tfl3d1_ns",
    "SequenceVariant": "SP_MP",
    "SeriesDescription": "T1_mprage",
    "SoftwareVersions": "syngo_MR_B17",
    "dataset": "<unset>",
    "modality": "T1w",
    "session_id": "postop",
    "subject_id": "CON07"
  },
  "cjv": 0.44522813100998204,
  "cnr": 3.0104192662364455,
  "efc": 0.5528086647416418,
  "fber": 23166.63062283737,
  "fwhm_avg": 3.5329768821291516,
  "fwhm_x": 3.6148606463874544,
  "fwhm_y": 3.61678,
  "fwhm_z": 3.36729,
  "icvs_csf": 0.20174077567098875,
  "icvs_gm": 0.3957043536605323,
  "icvs_wm": 0.40255487066847895,
  "inu_med": 1.2457225322723389,
  "inu_range": 0.30629425644874564,
  "provenance": {
    "md5sum": "cdbe63450583c97004176b42fce22bed",
    "settings": {
      "testing": false
    },
    "software": "mriqc",
    "version": "21.0.0rc2",
    "warnings": {
      "large_rot_frame": true,
      "small_air_mask": false
    },
    "webapi_port": null,
    "webapi_url": "https://mriqc.nimh.nih.gov/api/v1"
  },
  "qi_1": 0.0,
  "qi_2": 0.012777396796051983,
  "rpve_csf": 24.600148338163773,
  "rpve_gm": 12.70477536721775,
  "rpve_wm": 14.86864932377588,
  "size_x": 160,
  "size_y": 256,
  "size_z": 256,
  "snr_csf": 3.927565258306501,
  "snr_gm": 13.540519191956701,
  "snr_total": 13.71037301991879,
  "snr_wm": 23.663034609493167,
  "snrd_csf": 37.22645741917295,
  "snrd_gm": 77.89266896272892,
  "snrd_total": 71.51425000076426,
  "snrd_wm": 99.42362362039093,
  "spacing_x": 0.9999998211860657,
  "spacing_y": 1.0,
  "spacing_z": 1.0,
  "summary_bg_k": 74.35664863773935,
  "summary_bg_mad": 6.58934317617518,
  "summary_bg_mean": 6.149257213710286,
  "summary_bg_median": 4.444444432854652,
  "summary_bg_n": 3546360.0,
  "summary_bg_p05": 0.0,
  "summary_bg_p95": 17.77777773141861,
  "summary_bg_stdv": 6.445294422758695,
  "summary_csf_k": 1.174943864357548,
  "summary_csf_mad": 72.61197774530295,
  "summary_csf_mean": 398.9230599137661,
  "summary_csf_median": 374.42265697568655,
  "summary_csf_n": 31001.0,
  "summary_csf_p05": 284.2265787795186,
  "summary_csf_p95": 588.1045736297965,
  "summary_csf_stdv": 95.33046389358245,
  "summary_gm_k": 0.1473030435775713,
  "summary_gm_mad": 56.881535947276916,
  "summary_gm_mean": 783.8244583434207,
  "summary_gm_median": 783.4422637522221,
  "summary_gm_n": 10484.0,
  "summary_gm_p05": 689.8605646498502,
  "summary_gm_p95": 879.5141589265316,
  "summary_gm_stdv": 57.85634125587478,
  "summary_wm_k": 0.5426215985936342,
  "summary_wm_mad": 39.53605905705108,
  "summary_wm_mean": 999.657655533631,
  "summary_wm_median": 999.9999973922968,
  "summary_wm_n": 225878.0,
  "summary_wm_p05": 929.3681892976165,
  "summary_wm_p95": 1068.4531562551856,
  "summary_wm_stdv": 42.25991299545105,
  "tpm_overlap_csf": 0.16639527678489685,
  "tpm_overlap_gm": 0.41131624579429626,
  "tpm_overlap_wm": 0.49530935287475586,
  "wm2max": 0.574480732310487
}