{
  "aor": 0.0005402222222222222,
  "aqi": 0.004564433166666667,
  "bids_meta": {
    "AccelFactPE": 2,
    "AcquisitionNumber": 1,
    "AcquisitionTime": "18:33:23.037500",
    "BandwidthPerPixelPhaseEncode": 65.104,
    "BodyPartExamined": "HEAD",
    "ConversionSoftware": "dcm2niix",
    "ConversionSoftwareVersion": "v1.0.20170724 GCC4.8.5",
    "DeviceSerialNumber": "35353",
    "EchoTime": 0.027,
    "EffectiveEchoSpacing": 0.000240001,
    "FlipAngle": 90,
    "ImageType": [
      "ORIGINAL",
      "PRIMARY",
      "M",
      "ND",
      "MOSAIC"
    ],
    "InstitutionAddress": "De_Pintelaan_185_Gent_ACCD6F_District_BE_9000",
    "InstitutionName": "UZ_Gent",
    "MagneticFieldStrength": 3,
    "Manufacturer": "Siemens",
    "ManufacturersModelName": "TrioTim",
    "Modality": "MR",
    "PhaseEncodingDirection": "j-",
    "PhaseEncodingLines": 64,
    "ProcedureStepDescription": "Brain_Research_3T_MRP",
    "ProtocolName": "fMRI_Resting_State",
    "RepetitionTime": 2.4,
    "ScanningSequence": "EP",
    "SequenceName": "_epfid2d1_64",
    "SequenceVariant": "SK",
    "SeriesDescription": "fMRI_Resting_State",
    "SliceTiming": [
      2.3325,
      2.275,
      2.2175,
      2.16,
      2.105,
      2.0475,
      1.99,
      1.9325,
      1.8775,
      1.82,
      1.7625,
      1.705,
      1.65,
      1.5925,
      1.535,
      1.4775,
      1.4225,
      1.365,
      1.3075,
      1.25,
      1.195,
      1.1375,
      1.08,
      1.0225,
      0.9675,
      0.91,
      0.8525,
      0.795,
      0.74,
      0.6825,
      0.625,
      0.5675,
      0.5125,
      0.455,
      0.3975,
      0.34,
      0.285,
      0.2275,
      0.17,
      0.1125,
      0.0575,
      0
    ],
    "SoftwareVersions": "syngo_MR_B17",
    "TaskName": "rest",
    "TotalReadoutTime": 0.01464,
    "TrueEchoSpacing": 0.000480001,
    "dataset": "<unset>",
    "modality": "bold",
    "session_id": "postop",
    "subject_id": "PAT07",
    "task_id": "rest"
  },
  "dummy_trs": 0,
  "dvars_nstd": 32.77475524301677,
  "dvars_std": 1.0711007320111732,
  "dvars_vstd": 0.9904271454189949,
  "efc": 0.6136018935822979,
  "fber": 229.7971649169922,
  "fd_mean": 0.13036884437712684,
  "fd_num": 20,
  "fd_perc": 11.11111111111111,
  "fwhm_avg": 2.516351111111111,
  "fwhm_x": 2.410343333333333,
  "fwhm_y": 2.4957066666666665,
  "fwhm_z": 2.643003333333333,
  "gcor": 0.0173561,
  "gsr_x": 0.011447125114500523,
  "gsr_y": 0.07125058025121689,
  "provenance": {
    "md5sum": "8f04a574fccf92bfca741d51431a7aaa",
    "settings": {
      "fd_thres": 0.2,
      "testing": false
    },
    "software": "mriqc",
    "version": "21.0.0rc2",
    "webapi_port": null,
    "webapi_url": "https://mriqc.nimh.nih.gov/api/v1"
  },
  "size_t": 180,
  "size_x": 64,
  "size_y": 64,
  "size_z": 42,
  "snr": 3.0426235868802456,
  "spacing_tr": 2.4000000953674316,
  "spacing_x": 3.0,
  "spacing_y": 3.0,
  "spacing_z": 3.0,
  "summary_bg_k": 47.725278656882644,
  "summary_bg_mad": 21.86014522703457,
  "summary_bg_mean": 70.2452621459961,
  "summary_bg_median": 38.372222900390625,
  "summary_bg_n": 91311.0,
  "summary_bg_p05": 19.725000381469727,
  "summary_bg_p95": 230.67778778076172,
  "summary_bg_stdv": 98.84746551513672,
  "summary_fg_k": 0.8215844348235044,
  "summary_fg_mad": 181.17400919955617,
  "summary_fg_mean": 612.2923583984375,
  "summary_fg_median": 587.1555786132812,
  "summary_fg_n": 41993.0,
  "summary_fg_p05": 338.7388916015625,
  "summary_fg_p95": 968.976696777344,
  "summary_fg_stdv": 192.9744415283203,
  "tsnr": 49.26520520588383
}