{
  "bids_meta": {
    "AccelFactPE": 2,
    "AcquisitionNumber": 1,
    "AcquisitionTime": "18:42:21.202500",
    "BodyPartExamined": "HEAD",
    "ConversionSoftware": "dcm2niix",
    "ConversionSoftwareVersion": "v1.0.20170724 GCC4.8.5",
    "DeviceSerialNumber": "35353",
    "EchoTime": 0.00418,
    "FlipAngle": 9,
    "ImageType": [
      "ORIGINAL",
      "PRIMARY",
      "M",
      "ND",
      "NORM"
    ],
    "InstitutionAddress": "De_Pintelaan_185_Gent_ACCD6F_District_BE_9000",
    "InstitutionName": "Experimental_Psychology",
    "InversionTime": 0.9,
    "MagneticFieldStrength": 3,
    "Manufacturer": "Siemens",
    "ManufacturersModelName": "TrioTim",
    "Modality": "MR",
    "PhaseEncodingDirection": "i-",
    "PhaseEncodingLines": 256,
    "ProcedureStepDescription": "Brain_Research_3T_MRP",
    "ProtocolName": "T1_mprage",
    "RepetitionTime": 1.75,
    "ScanningSequence": "GR_IR",
    "SequenceName": "_tfl3d1_ns",
    "SequenceVariant": "SP_MP",
    "SeriesDescription": "T1_mprage",
    "SoftwareVersions": "syngo_MR_B17",
    "dataset": "<unset>",
    "modality": "T1w",
    "session_id": "postop",
    "subject_id": "PAT08"
  },
  "cjv": 0.7395959234471283,
  "cnr": 1.788623035813176,
  "efc": 0.64969232074272,
  "fber": 3053.8993398803327,
  "fwhm_avg": 3.6035575297718245,
  "fwhm_x": 3.771672589315474,
  "fwhm_y": 3.67881,
  "fwhm_z": 3.36019,
  "icvs_csf": 0.22637320838353536,
  "icvs_gm": 0.382419285572502,
  "icvs_wm": 0.39120750604396265,
  "inu_med": 1.3823550939559937,
  "inu_range": 0.4602904558181762,
  "provenance": {
    "md5sum": "1875b9c2bac97a2a54f1c124d5b9356c",
    "settings": {
      "testing": false
    },
    "software": "mriqc",
    "version": "21.0.0rc2",
    "warnings": {
      "large_rot_frame": true,
      "small_air_mask": false
    },
    "webapi_port": null,
    "webapi_url": "https://mriqc.nimh.nih.gov/api/v1"
  },
  "qi_1": 0.0,
  "qi_2": 0.008293266046373968,
  "rpve_csf": 20.319634096803426,
  "rpve_gm": 11.533455305510108,
  "rpve_wm": 13.453230676015785,
  "size_x": 160,
  "size_y": 256,
  "size_z": 256,
  "snr_csf": 3.4759937638779608,
  "snr_gm": 10.254458386188961,
  "snr_total": 10.491332062560826,
  "snr_wm": 17.743544037615557,
  "snrd_csf": 26.439319170163216,
  "snrd_gm": 55.782176385684885,
  "snrd_total": 50.003331694267594,
  "snrd_wm": 67.7884995269547,
  "spacing_x": 0.9999966621398926,
  "spacing_y": 1.0,
  "spacing_z": 1.0,
  "summary_bg_k": 119.48663187926388,
  "summary_bg_mad": 9.664417676164037,
  "summary_bg_mean": 12.546441728082486,
  "summary_bg_median": 6.898799452930689,
  "summary_bg_n": 2795349.0,
  "summary_bg_p05": 0.0,
  "summary_bg_p95": 40.143407840281725,
  "summary_bg_stdv": 13.796039307738736,
  "summary_csf_k": 0.3579896612675997,
  "summary_csf_mad": 100.02672294829779,
  "summary_csf_mean": 419.071209259111,
  "summary_csf_median": 390.0266147404909,
  "summary_csf_n": 53761.0,
  "summary_csf_p05": 279.9174297712743,
  "summary_csf_p95": 632.951269492507,
  "summary_csf_stdv": 112.20474310526247,
  "summary_gm_k": 0.14105615231159785,
  "summary_gm_mad": 77.43614663026435,
  "summary_gm_mean": 829.0125797465427,
  "summary_gm_median": 822.8855394702405,
  "summary_gm_n": 10636.0,
  "summary_gm_p05": 708.1047265250236,
  "summary_gm_p95": 973.1517125936225,
  "summary_gm_stdv": 80.24283912381672,
  "summary_wm_k": 0.6492969516088123,
  "summary_wm_mad": 53.55698128874237,
  "summary_wm_mean": 1001.605786664887,
  "summary_wm_median": 999.9999931417406,
  "summary_wm_n": 238366.0,
  "summary_wm_p05": 912.2168441973627,
  "summary_wm_p95": 1096.2572579495609,
  "summary_wm_stdv": 56.358408072536655,
  "tpm_overlap_csf": 0.1760692596435547,
  "tpm_overlap_gm": 0.4200189411640167,
  "tpm_overlap_wm": 0.5000703930854797,
  "wm2max": 0.4977557862859615
}