{
  "bids_meta": {
    "AccelFactPE": 2,
    "AcquisitionNumber": 1,
    "AcquisitionTime": "14:15:11.185000",
    "BodyPartExamined": "HEAD",
    "ConversionSoftware": "dcm2niix",
    "ConversionSoftwareVersion": "v1.0.20170724 GCC4.8.5",
    "DeviceSerialNumber": "35353",
    "EchoTime": 0.00418,
    "FlipAngle": 9,
    "ImageType": [
      "ORIGINAL",
      "PRIMARY",
      "M",
      "ND",
      "NORM"
    ],
    "InstitutionAddress": "De_Pintelaan_185_Gent_9C4B6E_District_BE_9000",
    "InstitutionName": "UZ_Gent",
    "InversionTime": 0.9,
    "MagneticFieldStrength": 3,
    "Manufacturer": "Siemens",
    "ManufacturersModelName": "TrioTim",
    "Modality": "MR",
    "PhaseEncodingDirection": "i-",
    "PhaseEncodingLines": 256,
    "ProcedureStepDescription": "Brain_Research_3T_MRP",
    "ProtocolName": "T1_mprage",
    "RepetitionTime": 1.75,
    "ScanningSequence": "GR_IR",
    "SequenceName": "_tfl3d1_ns",
    "SequenceVariant": "SP_MP",
    "SeriesDescription": "T1_mprage",
    "SoftwareVersions": "syngo_MR_B17",
    "dataset": "<unset>",
    "modality": "T1w",
    "session_id": "postop",
    "subject_id": "PAT24"
  },
  "cjv": 0.6212598234993578,
  "cnr": 2.1916662303417267,
  "efc": 0.6033662989414306,
  "fber": 6912.604885186181,
  "fwhm_avg": 3.596270221723954,
  "fwhm_x": 3.7199106651718616,
  "fwhm_y": 3.69953,
  "fwhm_z": 3.36937,
  "icvs_csf": 0.2660525505399629,
  "icvs_gm": 0.3602548543798717,
  "icvs_wm": 0.3736925950801654,
  "inu_med": 1.3917102813720703,
  "inu_range": 0.47363017797470075,
  "provenance": {
    "md5sum": "7d553b8c1a9d295da6204808ee93d58c",
    "settings": {
      "testing": false
    },
    "software": "mriqc",
    "version": "21.0.0rc2",
    "warnings": {
      "large_rot_frame": true,
      "small_air_mask": false
    },
    "webapi_port": null,
    "webapi_url": "https://mriqc.nimh.nih.gov/api/v1"
  },
  "qi_1": 0.0,
  "qi_2": 0.014179667288780859,
  "rpve_csf": 19.00144932827103,
  "rpve_gm": 12.546998688555673,
  "rpve_wm": 14.579389655559295,
  "size_x": 160,
  "size_y": 256,
  "size_z": 256,
  "snr_csf": 3.886821482673212,
  "snr_gm": 12.364338838641128,
  "snr_total": 11.380306273722084,
  "snr_wm": 17.889758499851915,
  "snrd_csf": 37.82225174013308,
  "snrd_gm": 83.31189794652245,
  "snrd_total": 74.64581604398158,
  "snrd_wm": 102.8032984452892,
  "spacing_x": 0.9999998211860657,
  "spacing_y": 1.0,
  "spacing_z": 1.0,
  "summary_bg_k": 7.726818927159057,
  "summary_bg_mad": 6.373018411813791,
  "summary_bg_mean": 8.454642139622313,
  "summary_bg_median": 8.597071193158627,
  "summary_bg_n": 2759620.0,
  "summary_bg_p05": 0.0,
  "summary_bg_p95": 21.82333456724882,
  "summary_bg_stdv": 7.986401427833932,
  "summary_csf_k": 1.5079809892192166,
  "summary_csf_mad": 76.75635361920786,
  "summary_csf_mean": 387.1017586339736,
  "summary_csf_median": 367.92630507424474,
  "summary_csf_n": 72787.0,
  "summary_csf_p05": 266.88710022717714,
  "summary_csf_p95": 574.8889848858115,
  "summary_csf_stdv": 94.65929404990678,
  "summary_gm_k": 0.1870245283974863,
  "summary_gm_mad": 63.52008461005614,
  "summary_gm_mean": 809.654287699045,
  "summary_gm_median": 810.4392882473767,
  "summary_gm_n": 9349.0,
  "summary_gm_p05": 700.160593700409,
  "summary_gm_p95": 917.1941283382475,
  "summary_gm_stdv": 65.54300670898469,
  "summary_wm_k": 0.3171980417328384,
  "summary_wm_mad": 54.27570625445811,
  "summary_wm_mean": 1001.3781728908049,
  "summary_wm_median": 1000.0472210459411,
  "summary_wm_n": 204657.0,
  "summary_wm_p05": 911.7146763689816,
  "summary_wm_p95": 1095.3707906492054,
  "summary_wm_stdv": 55.90040680670643,
  "tpm_overlap_csf": 0.16191379725933075,
  "tpm_overlap_gm": 0.39619091153144836,
  "tpm_overlap_wm": 0.48032164573669434,
  "wm2max": 0.5190990939721233
}