{
  "bids_meta": {
    "AccelFactPE": 2,
    "AcquisitionNumber": 1,
    "AcquisitionTime": "15:06:19.195000",
    "BodyPartExamined": "HEAD",
    "ConversionSoftware": "dcm2niix",
    "ConversionSoftwareVersion": "v1.0.20170724 GCC4.8.5",
    "DeviceSerialNumber": "35353",
    "EchoTime": 0.00418,
    "FlipAngle": 9,
    "ImageType": [
      "ORIGINAL",
      "PRIMARY",
      "M",
      "ND",
      "NORM"
    ],
    "InstitutionAddress": "De_Pintelaan_185_Gent_88C96F_District_BE_9000",
    "InstitutionName": "UZ",
    "InversionTime": 0.9,
    "MagneticFieldStrength": 3,
    "Manufacturer": "Siemens",
    "ManufacturersModelName": "TrioTim",
    "Modality": "MR",
    "PhaseEncodingDirection": "i-",
    "PhaseEncodingLines": 256,
    "ProcedureStepDescription": "Brain_Research_3T_MRP",
    "ProtocolName": "T1_mprage",
    "RepetitionTime": 1.75,
    "ScanningSequence": "GR_IR",
    "SequenceName": "_tfl3d1_ns",
    "SequenceVariant": "SP_MP",
    "SeriesDescription": "T1_mprage",
    "SoftwareVersions": "syngo_MR_B17",
    "dataset": "<unset>",
    "modality": "T1w",
    "session_id": "postop",
    "subject_id": "PAT03"
  },
  "cjv": 0.542239231492431,
  "cnr": 2.4629053206206795,
  "efc": 0.5818102071159909,
  "fber": 8078.213436981598,
  "fwhm_avg": 3.601013333333333,
  "fwhm_x": 3.76516,
  "fwhm_y": 3.6754,
  "fwhm_z": 3.36248,
  "icvs_csf": 0.21846522994738898,
  "icvs_gm": 0.37910180355783774,
  "icvs_wm": 0.4024329664947733,
  "inu_med": 1.2621245384216309,
  "inu_range": 0.4069796562194823,
  "provenance": {
    "md5sum": "534ac532a7c016c58959ba2284fc5c99",
    "settings": {
      "testing": false
    },
    "software": "mriqc",
    "version": "21.0.0rc2",
    "warnings": {
      "large_rot_frame": true,
      "small_air_mask": false
    },
    "webapi_port": null,
    "webapi_url": "https://mriqc.nimh.nih.gov/api/v1"
  },
  "qi_1": 0.0,
  "qi_2": 0.00977308408973579,
  "rpve_csf": 25.725149851382977,
  "rpve_gm": 14.191892700083125,
  "rpve_wm": 16.23835129641503,
  "size_x": 160,
  "size_y": 256,
  "size_z": 256,
  "snr_csf": 4.001316547165862,
  "snr_gm": 13.053729346323777,
  "snr_total": 12.934720332068851,
  "snr_wm": 21.749115102716914,
  "snrd_csf": 43.12994064981129,
  "snrd_gm": 90.15499610154076,
  "snrd_total": 81.57010488778923,
  "snrd_wm": 111.42537791201563,
  "spacing_x": 1.0,
  "spacing_y": 1.0,
  "spacing_z": 1.0,
  "summary_bg_k": 8.938298198228402,
  "summary_bg_mad": 5.879885293956651,
  "summary_bg_mean": 7.066204319264009,
  "summary_bg_median": 3.965922363102436,
  "summary_bg_n": 2779320.0,
  "summary_bg_p05": 0.0,
  "summary_bg_p95": 19.780649811029434,
  "summary_bg_stdv": 7.213776780640365,
  "summary_csf_k": 1.2236949304603195,
  "summary_csf_mad": 81.0843441154269,
  "summary_csf_mean": 407.5260719608884,
  "summary_csf_median": 387.09360744059086,
  "summary_csf_n": 37753.0,
  "summary_csf_p05": 286.50606543123723,
  "summary_csf_p95": 599.3438968732953,
  "summary_csf_stdv": 96.74027940143489,
  "summary_gm_k": 0.04550230501155905,
  "summary_gm_mad": 60.75881470421873,
  "summary_gm_mean": 807.9394558741645,
  "summary_gm_median": 809.1460860818624,
  "summary_gm_n": 7097.0,
  "summary_gm_p05": 703.8973612457514,
  "summary_gm_p95": 908.4018615692854,
  "summary_gm_stdv": 61.98145038878119,
  "summary_wm_k": 0.703102218927981,
  "summary_wm_mad": 42.75620294000577,
  "summary_wm_mean": 1000.9423217433625,
  "summary_wm_median": 1000.0489415600896,
  "summary_wm_n": 204357.0,
  "summary_wm_p05": 926.8017828539014,
  "summary_wm_p95": 1077.8006046786904,
  "summary_wm_stdv": 45.98101991808187,
  "tpm_overlap_csf": 0.1724981814622879,
  "tpm_overlap_gm": 0.410767525434494,
  "tpm_overlap_wm": 0.49907803535461426,
  "wm2max": 0.53104196374196
}