{
  "bids_meta": {
    "AccelFactPE": 2,
    "AcquisitionNumber": 1,
    "AcquisitionTime": "12:19:9.205000",
    "BodyPartExamined": "HEAD",
    "ConversionSoftware": "dcm2niix",
    "ConversionSoftwareVersion": "v1.0.20170724 GCC4.8.5",
    "DeviceSerialNumber": "35353",
    "EchoTime": 0.00418,
    "FlipAngle": 9,
    "ImageType": [
      "ORIGINAL",
      "PRIMARY",
      "M",
      "ND",
      "NORM"
    ],
    "InstitutionAddress": "De_Pintelaan_185_Gent_9C4B6E_District_BE_9000",
    "InstitutionName": "UZ_Gent",
    "InversionTime": 0.9,
    "MagneticFieldStrength": 3,
    "Manufacturer": "Siemens",
    "ManufacturersModelName": "TrioTim",
    "Modality": "MR",
    "PhaseEncodingDirection": "i-",
    "PhaseEncodingLines": 256,
    "ProcedureStepDescription": "Brain_Research_3T_MRP",
    "ProtocolName": "T1_mprage",
    "RepetitionTime": 1.75,
    "ScanningSequence": "GR_IR",
    "SequenceName": "_tfl3d1_ns",
    "SequenceVariant": "SP_MP",
    "SeriesDescription": "T1_mprage",
    "SoftwareVersions": "syngo_MR_B17",
    "dataset": "<unset>",
    "modality": "T1w",
    "session_id": "postop",
    "subject_id": "PAT25"
  },
  "cjv": 0.530140252455928,
  "cnr": 2.536327135210033,
  "efc": 0.6777958643576338,
  "fber": 5627.69493348632,
  "fwhm_avg": 3.87150800675168,
  "fwhm_x": 3.986794020255041,
  "fwhm_y": 4.04662,
  "fwhm_z": 3.58111,
  "icvs_csf": 0.20998621454513997,
  "icvs_gm": 0.38553876675246623,
  "icvs_wm": 0.4044750187023938,
  "inu_med": 1.1606426239013672,
  "inu_range": 0.3965784966945649,
  "provenance": {
    "md5sum": "2c1ff80c4143bb6719242f568ed0792f",
    "settings": {
      "testing": false
    },
    "software": "mriqc",
    "version": "21.0.0rc2",
    "warnings": {
      "large_rot_frame": true,
      "small_air_mask": false
    },
    "webapi_port": null,
    "webapi_url": "https://mriqc.nimh.nih.gov/api/v1"
  },
  "qi_1": 0.0,
  "qi_2": 0.010048624981492867,
  "rpve_csf": 25.10528941875208,
  "rpve_gm": 13.493514647355278,
  "rpve_wm": 15.571923691629904,
  "size_x": 160,
  "size_y": 256,
  "size_z": 256,
  "snr_csf": 3.999736799753225,
  "snr_gm": 12.222166296176287,
  "snr_total": 12.159689799749495,
  "snr_wm": 20.25716630331898,
  "snrd_csf": 55.38527096758126,
  "snrd_gm": 114.84217604533092,
  "snrd_total": 105.04184743132096,
  "snrd_wm": 144.8980952810507,
  "spacing_x": 0.9999964833259583,
  "spacing_y": 1.0,
  "spacing_z": 1.0,
  "summary_bg_k": 9.035364052705152,
  "summary_bg_mad": 4.5213595072310255,
  "summary_bg_mean": 6.652193123071568,
  "summary_bg_median": 6.044763956218958,
  "summary_bg_n": 1754396.0,
  "summary_bg_p05": 0.0,
  "summary_bg_p95": 18.51549319922924,
  "summary_bg_stdv": 6.848281545856757,
  "summary_csf_k": 4.383129427563792,
  "summary_csf_mad": 79.76969987757596,
  "summary_csf_mean": 399.44449900435416,
  "summary_csf_median": 382.236019898206,
  "summary_csf_n": 37160.0,
  "summary_csf_p05": 281.2694017628208,
  "summary_csf_p95": 578.4485133437438,
  "summary_csf_stdv": 95.5640073056926,
  "summary_gm_k": -0.11038351849937422,
  "summary_gm_mad": 66.12488279325375,
  "summary_gm_mean": 792.2679270618597,
  "summary_gm_median": 792.5720235928893,
  "summary_gm_n": 7899.0,
  "summary_gm_p05": 685.9881315648556,
  "summary_gm_p95": 898.2845982939004,
  "summary_gm_stdv": 64.84299375930361,
  "summary_wm_k": 1.3767718684192438,
  "summary_wm_mad": 43.84103950761513,
  "summary_wm_mean": 1002.9744749778881,
  "summary_wm_median": 1000.0000047571957,
  "summary_wm_n": 221891.0,
  "summary_wm_p05": 927.626209281385,
  "summary_wm_p95": 1088.0575121194124,
  "summary_wm_stdv": 49.36513510441849,
  "tpm_overlap_csf": 0.16087420284748077,
  "tpm_overlap_gm": 0.4117210805416107,
  "tpm_overlap_wm": 0.4874438941478729,
  "wm2max": 0.5195948049008234
}