{
  "aor": 0.0032141111111111116,
  "aqi": 0.006108820277777778,
  "bids_meta": {
    "AccelFactPE": 2,
    "AcquisitionNumber": 1,
    "AcquisitionTime": "11:12:3.505000",
    "BandwidthPerPixelPhaseEncode": 65.104,
    "BodyPartExamined": "HEAD",
    "ConversionSoftware": "dcm2niix",
    "ConversionSoftwareVersion": "v1.0.20170724 GCC4.8.5",
    "DeviceSerialNumber": "35353",
    "EchoTime": 0.027,
    "EffectiveEchoSpacing": 0.000240001,
    "FlipAngle": 90,
    "ImageType": [
      "ORIGINAL",
      "PRIMARY",
      "M",
      "ND",
      "MOSAIC"
    ],
    "InstitutionAddress": "De_Pintelaan_185_Gent_ACCD6F_District_BE_9000",
    "InstitutionName": "UZ_Gent",
    "MagneticFieldStrength": 3,
    "Manufacturer": "Siemens",
    "ManufacturersModelName": "TrioTim",
    "Modality": "MR",
    "PhaseEncodingDirection": "j-",
    "PhaseEncodingLines": 64,
    "ProcedureStepDescription": "Brain_Research_3T_MRP",
    "ProtocolName": "fMRI_Resting_State",
    "RepetitionTime": 2.4,
    "ScanningSequence": "EP",
    "SequenceName": "_epfid2d1_64",
    "SequenceVariant": "SK",
    "SeriesDescription": "fMRI_Resting_State",
    "SliceTiming": [
      2.33,
      2.275,
      2.2175,
      2.16,
      2.1025,
      2.0475,
      1.99,
      1.9325,
      1.875,
      1.82,
      1.7625,
      1.705,
      1.6475,
      1.5925,
      1.535,
      1.4775,
      1.42,
      1.365,
      1.3075,
      1.25,
      1.1925,
      1.1375,
      1.08,
      1.0225,
      0.965,
      0.91,
      0.8525,
      0.795,
      0.7375,
      0.6825,
      0.625,
      0.5675,
      0.51,
      0.455,
      0.3975,
      0.34,
      0.2825,
      0.2275,
      0.17,
      0.1125,
      0.055,
      0
    ],
    "SoftwareVersions": "syngo_MR_B17",
    "TaskName": "rest",
    "TotalReadoutTime": 0.01464,
    "TrueEchoSpacing": 0.000480001,
    "dataset": "<unset>",
    "modality": "bold",
    "session_id": "postop",
    "subject_id": "CON10",
    "task_id": "rest"
  },
  "dummy_trs": 0,
  "dvars_nstd": 35.09163027491621,
  "dvars_std": 1.115192792849162,
  "dvars_vstd": 1.0209963698882683,
  "efc": 0.5749802102667407,
  "fber": 268.0379333496094,
  "fd_mean": 0.2803479349729059,
  "fd_num": 135,
  "fd_perc": 75.0,
  "fwhm_avg": 3.3730064887061086,
  "fwhm_x": 3.251653074915165,
  "fwhm_y": 3.4012333333333333,
  "fwhm_z": 3.4661330578698273,
  "gcor": 0.0198572,
  "gsr_x": -0.017361149191856384,
  "gsr_y": 0.11812908947467804,
  "provenance": {
    "md5sum": "d68124ca3923495c5f17cb5ba9943ab0",
    "settings": {
      "fd_thres": 0.2,
      "testing": false
    },
    "software": "mriqc",
    "version": "21.0.0rc2",
    "webapi_port": null,
    "webapi_url": "https://mriqc.nimh.nih.gov/api/v1"
  },
  "size_t": 180,
  "size_x": 64,
  "size_y": 64,
  "size_z": 42,
  "snr": 1.738103745592186,
  "spacing_tr": 2.4000000953674316,
  "spacing_x": 3.000000238418579,
  "spacing_y": 3.0,
  "spacing_z": 3.000000238418579,
  "summary_bg_k": 15.142382477034673,
  "summary_bg_mad": 20.426962328388676,
  "summary_bg_mean": 79.84182739257812,
  "summary_bg_median": 37.56111145019531,
  "summary_bg_n": 90994.0,
  "summary_bg_p05": 21.672222137451172,
  "summary_bg_p95": 300.3861190795894,
  "summary_bg_stdv": 107.50723266601562,
  "summary_fg_k": 5.795836618630451,
  "summary_fg_mad": 238.7730691921556,
  "summary_fg_mean": 731.6718139648438,
  "summary_fg_median": 631.61669921875,
  "summary_fg_n": 41385.0,
  "summary_fg_p05": 367.63111572265626,
  "summary_fg_p95": 1470.0411132812499,
  "summary_fg_stdv": 363.3897399902344,
  "tsnr": 42.74469700164627
}