{
  "aor": 0.0006363333333333333,
  "aqi": 0.005464140666666667,
  "bids_meta": {
    "AccelFactPE": 2,
    "AcquisitionNumber": 1,
    "AcquisitionTime": "10:26:2.060000",
    "BandwidthPerPixelPhaseEncode": 65.104,
    "BodyPartExamined": "HEAD",
    "ConversionSoftware": "dcm2niix",
    "ConversionSoftwareVersion": "v1.0.20170724 GCC4.8.5",
    "DeviceSerialNumber": "35353",
    "EchoTime": 0.027,
    "EffectiveEchoSpacing": 0.000240001,
    "FlipAngle": 90,
    "ImageType": [
      "ORIGINAL",
      "PRIMARY",
      "M",
      "ND",
      "MOSAIC"
    ],
    "InstitutionAddress": "De_Pintelaan_185_Gent_ACCD6F_District_BE_9000",
    "InstitutionName": "UZ_Gent",
    "MagneticFieldStrength": 3,
    "Manufacturer": "Siemens",
    "ManufacturersModelName": "TrioTim",
    "Modality": "MR",
    "PhaseEncodingDirection": "j-",
    "PhaseEncodingLines": 64,
    "ProcedureStepDescription": "Brain_Research_3T_MRP",
    "ProtocolName": "fMRI_Resting_State",
    "RepetitionTime": 2.4,
    "ScanningSequence": "EP",
    "SequenceName": "_epfid2d1_64",
    "SequenceVariant": "SK",
    "SeriesDescription": "fMRI_Resting_State",
    "SliceTiming": [
      2.3325,
      2.275,
      2.2175,
      2.16,
      2.105,
      2.0475,
      1.99,
      1.9325,
      1.8775,
      1.82,
      1.7625,
      1.705,
      1.65,
      1.5925,
      1.535,
      1.4775,
      1.4225,
      1.365,
      1.3075,
      1.25,
      1.195,
      1.1375,
      1.08,
      1.0225,
      0.9675,
      0.91,
      0.8525,
      0.795,
      0.7375,
      0.6825,
      0.625,
      0.5675,
      0.51,
      0.455,
      0.3975,
      0.34,
      0.2825,
      0.2275,
      0.17,
      0.1125,
      0.055,
      0
    ],
    "SoftwareVersions": "syngo_MR_B17",
    "TaskName": "rest",
    "TotalReadoutTime": 0.01464,
    "TrueEchoSpacing": 0.000480001,
    "dataset": "<unset>",
    "modality": "bold",
    "session_id": "postop",
    "subject_id": "PAT17",
    "task_id": "rest"
  },
  "dummy_trs": 0,
  "dvars_nstd": 29.79079285988827,
  "dvars_std": 1.0822198622346368,
  "dvars_vstd": 0.9804314494972071,
  "efc": 0.5381651923107041,
  "fber": 531.1658935546875,
  "fd_mean": 0.1666550380057444,
  "fd_num": 45,
  "fd_perc": 25.0,
  "fwhm_avg": 2.324911111111111,
  "fwhm_x": 2.2277466666666665,
  "fwhm_y": 2.3558933333333334,
  "fwhm_z": 2.3910933333333335,
  "gcor": 0.0355883,
  "gsr_x": -0.008032320998609066,
  "gsr_y": 0.050376541912555695,
  "provenance": {
    "md5sum": "eb1af88d08df1bbd45e922dbb2b830fc",
    "settings": {
      "fd_thres": 0.2,
      "testing": false
    },
    "software": "mriqc",
    "version": "21.0.0rc2",
    "webapi_port": null,
    "webapi_url": "https://mriqc.nimh.nih.gov/api/v1"
  },
  "size_t": 180,
  "size_x": 64,
  "size_y": 64,
  "size_z": 42,
  "snr": 3.858079007287082,
  "spacing_tr": 2.4000000953674316,
  "spacing_x": 3.0,
  "spacing_y": 3.0,
  "spacing_z": 3.0,
  "summary_bg_k": 82.15277722088905,
  "summary_bg_mad": 8.467305940624453,
  "summary_bg_mean": 39.34307861328125,
  "summary_bg_median": 23.561111450195312,
  "summary_bg_n": 105196.0,
  "summary_bg_p05": 16.60555648803711,
  "summary_bg_p95": 106.37777709960938,
  "summary_bg_stdv": 54.810733795166016,
  "summary_fg_k": 0.5613340169200072,
  "summary_fg_mad": 136.0699268883077,
  "summary_fg_mean": 562.28173828125,
  "summary_fg_median": 548.7388916015625,
  "summary_fg_n": 31161.0,
  "summary_fg_p05": 353.18890380859375,
  "summary_fg_p95": 814.022216796875,
  "summary_fg_stdv": 142.2288360595703,
  "tsnr": 50.43727695941925
}