{
  "aor": 0.0009393296089385472,
  "aqi": 0.004159568882681564,
  "bids_meta": {
    "AccelFactPE": 2,
    "AcquisitionNumber": 1,
    "AcquisitionTime": "18:03:9.405000",
    "BandwidthPerPixelPhaseEncode": 65.104,
    "BodyPartExamined": "HEAD",
    "ConversionSoftware": "dcm2niix",
    "ConversionSoftwareVersion": "v1.0.20170724 GCC4.8.5",
    "DeviceSerialNumber": "35353",
    "EchoTime": 0.027,
    "EffectiveEchoSpacing": 0.000240001,
    "FlipAngle": 90,
    "ImageType": [
      "ORIGINAL",
      "PRIMARY",
      "M",
      "ND",
      "MOSAIC"
    ],
    "InstitutionAddress": "De_Pintelaan_185_Gent_ACCD6F_District_BE_9000",
    "InstitutionName": "UZ_Gent",
    "MagneticFieldStrength": 3,
    "Manufacturer": "Siemens",
    "ManufacturersModelName": "TrioTim",
    "Modality": "MR",
    "PhaseEncodingDirection": "j-",
    "PhaseEncodingLines": 64,
    "ProcedureStepDescription": "Brain_Research_3T_MRP",
    "ProtocolName": "fMRI_Resting_State",
    "RepetitionTime": 2.4,
    "ScanningSequence": "EP",
    "SequenceName": "_epfid2d1_64",
    "SequenceVariant": "SK",
    "SeriesDescription": "fMRI_Resting_State",
    "SliceTiming": [
      2.3325,
      2.275,
      2.22,
      2.1625,
      2.105,
      2.0475,
      1.9925,
      1.935,
      1.8775,
      1.82,
      1.765,
      1.7075,
      1.65,
      1.5925,
      1.5375,
      1.48,
      1.4225,
      1.365,
      1.31,
      1.2525,
      1.195,
      1.1375,
      1.0825,
      1.025,
      0.9675,
      0.91,
      0.855,
      0.7975,
      0.74,
      0.6825,
      0.6275,
      0.57,
      0.5125,
      0.455,
      0.4,
      0.3425,
      0.285,
      0.2275,
      0.1725,
      0.115,
      0.0575,
      0
    ],
    "SoftwareVersions": "syngo_MR_B17",
    "TaskName": "rest",
    "TotalReadoutTime": 0.01464,
    "TrueEchoSpacing": 0.000480001,
    "dataset": "<unset>",
    "modality": "bold",
    "session_id": "postop",
    "subject_id": "CON04",
    "task_id": "rest"
  },
  "dummy_trs": 1,
  "dvars_nstd": 29.80252254106739,
  "dvars_std": 1.1084949943820228,
  "dvars_vstd": 0.998044709438203,
  "efc": 0.5578164499159066,
  "fber": 468.9561767578125,
  "fd_mean": 0.07965721316867247,
  "fd_num": 6,
  "fd_perc": 3.35195530726257,
  "fwhm_avg": 2.5754811111111113,
  "fwhm_x": 2.4986466666666667,
  "fwhm_y": 2.5922,
  "fwhm_z": 2.635596666666667,
  "gcor": 0.0101154,
  "gsr_x": 0.002172183245420456,
  "gsr_y": 0.04150886833667755,
  "provenance": {
    "md5sum": "05fc5564665f5543366aa0c1c4b978b0",
    "settings": {
      "fd_thres": 0.2,
      "testing": false
    },
    "software": "mriqc",
    "version": "21.0.0rc2",
    "webapi_port": null,
    "webapi_url": "https://mriqc.nimh.nih.gov/api/v1"
  },
  "size_t": 179,
  "size_x": 64,
  "size_y": 64,
  "size_z": 42,
  "snr": 3.0827054471351674,
  "spacing_tr": 2.4000000953674316,
  "spacing_x": 3.0,
  "spacing_y": 3.0,
  "spacing_z": 3.0,
  "summary_bg_k": 63.84295909639111,
  "summary_bg_mad": 11.72001114505934,
  "summary_bg_mean": 47.76657485961914,
  "summary_bg_median": 28.32402229309082,
  "summary_bg_n": 97641.0,
  "summary_bg_p05": 18.636871337890625,
  "summary_bg_p95": 131.93853759765625,
  "summary_bg_stdv": 70.6750259399414,
  "summary_fg_k": 1.6802698515097063,
  "summary_fg_mad": 180.9271953841891,
  "summary_fg_mean": 646.1732177734375,
  "summary_fg_median": 616.2625732421875,
  "summary_fg_n": 37875.0,
  "summary_fg_p05": 377.7860137939453,
  "summary_fg_p95": 1013.516729736328,
  "summary_fg_stdv": 199.90701293945312,
  "tsnr": 49.35883848834783
}