{
  "bids_meta": {
    "AccelFactPE": 2,
    "AcquisitionNumber": 1,
    "AcquisitionTime": "13:54:5.200000",
    "BodyPartExamined": "HEAD",
    "ConversionSoftware": "dcm2niix",
    "ConversionSoftwareVersion": "v1.0.20170724 GCC4.8.5",
    "DeviceSerialNumber": "35353",
    "EchoTime": 0.00418,
    "FlipAngle": 9,
    "ImageType": [
      "ORIGINAL",
      "PRIMARY",
      "M",
      "ND",
      "NORM"
    ],
    "InstitutionAddress": "De_Pintelaan_185_Gent_9C4B6E_District_BE_9000",
    "InstitutionName": "UZ_Gent",
    "InversionTime": 0.9,
    "MagneticFieldStrength": 3,
    "Manufacturer": "Siemens",
    "ManufacturersModelName": "TrioTim",
    "Modality": "MR",
    "PhaseEncodingDirection": "i-",
    "PhaseEncodingLines": 256,
    "ProcedureStepDescription": "Brain_Research_3T_MRP",
    "ProtocolName": "T1_mprage",
    "RepetitionTime": 1.75,
    "ScanningSequence": "GR_IR",
    "SequenceName": "_tfl3d1_ns",
    "SequenceVariant": "SP_MP",
    "SeriesDescription": "T1_mprage",
    "SoftwareVersions": "syngo_MR_B17",
    "dataset": "<unset>",
    "modality": "T1w",
    "session_id": "postop",
    "subject_id": "CON11"
  },
  "cjv": 0.4835022598059471,
  "cnr": 2.768163930633734,
  "efc": 0.6240164292514497,
  "fber": 4778.087469444149,
  "fwhm_avg": 3.7801327773835585,
  "fwhm_x": 3.9940083321506754,
  "fwhm_y": 3.8303,
  "fwhm_z": 3.51609,
  "icvs_csf": 0.22934165859258754,
  "icvs_gm": 0.39959525437363214,
  "icvs_wm": 0.3710630870337803,
  "inu_med": 1.2391437292099,
  "inu_range": 0.423612904548645,
  "provenance": {
    "md5sum": "6da17d798b58199f905dec665204bad3",
    "settings": {
      "testing": false
    },
    "software": "mriqc",
    "version": "21.0.0rc2",
    "warnings": {
      "large_rot_frame": true,
      "small_air_mask": false
    },
    "webapi_port": null,
    "webapi_url": "https://mriqc.nimh.nih.gov/api/v1"
  },
  "qi_1": 0.0,
  "qi_2": 0.010076458389844509,
  "rpve_csf": 23.642968044199698,
  "rpve_gm": 13.203429415394679,
  "rpve_wm": 16.42199345156717,
  "size_x": 160,
  "size_y": 256,
  "size_z": 256,
  "snr_csf": 4.117651333500742,
  "snr_gm": 13.853705107763828,
  "snr_total": 12.303066347397133,
  "snr_wm": 18.937842600926828,
  "snrd_csf": 51.32978257406917,
  "snrd_gm": 106.10625076697858,
  "snrd_total": 97.5824454051985,
  "snrd_wm": 135.31130287454778,
  "spacing_x": 0.9999979138374329,
  "spacing_y": 1.0,
  "spacing_z": 1.0,
  "summary_bg_k": 20.159002059102168,
  "summary_bg_mad": 4.8416973436068025,
  "summary_bg_mean": 8.52409589764592,
  "summary_bg_median": 6.531350463628769,
  "summary_bg_n": 2550765.0,
  "summary_bg_p05": 0.0,
  "summary_bg_p95": 26.075160697102547,
  "summary_bg_stdv": 9.354493907816245,
  "summary_csf_k": 1.0949312217061138,
  "summary_csf_mad": 82.19712336415549,
  "summary_csf_mean": 395.2711088597028,
  "summary_csf_median": 379.34585904330015,
  "summary_csf_n": 44236.0,
  "summary_csf_p05": 273.21141400933266,
  "summary_csf_p95": 570.6893070489168,
  "summary_csf_stdv": 92.12571452622126,
  "summary_gm_k": 0.2372814623147126,
  "summary_gm_mad": 55.12086206567744,
  "summary_gm_mean": 784.369139009733,
  "summary_gm_median": 784.1639848947525,
  "summary_gm_n": 12304.0,
  "summary_gm_p05": 692.5818911053241,
  "summary_gm_p95": 878.0069307677447,
  "summary_gm_stdv": 56.6008957117224,
  "summary_wm_k": 0.6420529168703459,
  "summary_wm_mad": 49.23633760190918,
  "summary_wm_mean": 1001.1087875907866,
  "summary_wm_median": 999.999997138977,
  "summary_wm_n": 175477.0,
  "summary_wm_p05": 916.0470231026411,
  "summary_wm_p95": 1089.5799808055162,
  "summary_wm_stdv": 52.804174627035586,
  "tpm_overlap_csf": 0.1667107492685318,
  "tpm_overlap_gm": 0.4233696460723877,
  "tpm_overlap_wm": 0.482638418674469,
  "wm2max": 0.4759672868142905
}