{
  "bids_meta": {
    "AccelFactPE": 2,
    "AcquisitionNumber": 1,
    "AcquisitionTime": "10:18:10.192500",
    "BodyPartExamined": "HEAD",
    "ConversionSoftware": "dcm2niix",
    "ConversionSoftwareVersion": "v1.0.20170724 GCC4.8.5",
    "DeviceSerialNumber": "35353",
    "EchoTime": 0.00418,
    "FlipAngle": 9,
    "ImageType": [
      "ORIGINAL",
      "PRIMARY",
      "M",
      "ND",
      "NORM"
    ],
    "InstitutionAddress": "De_Pintelaan_185_Gent_ACCD6F_District_BE_9000",
    "InstitutionName": "UZ_Gent",
    "InversionTime": 0.9,
    "MagneticFieldStrength": 3,
    "Manufacturer": "Siemens",
    "ManufacturersModelName": "TrioTim",
    "Modality": "MR",
    "PhaseEncodingDirection": "i-",
    "PhaseEncodingLines": 256,
    "ProcedureStepDescription": "Brain_Research_3T_MRP",
    "ProtocolName": "T1_mprage",
    "RepetitionTime": 1.75,
    "ScanningSequence": "GR_IR",
    "SequenceName": "_tfl3d1_ns",
    "SequenceVariant": "SP_MP",
    "SeriesDescription": "T1_mprage",
    "SoftwareVersions": "syngo_MR_B17",
    "dataset": "<unset>",
    "modality": "T1w",
    "session_id": "postop",
    "subject_id": "PAT17"
  },
  "cjv": 0.3922749984480022,
  "cnr": 3.3740973400262635,
  "efc": 0.5889622892175841,
  "fber": 21634.449796597633,
  "fwhm_avg": 3.4525875406080657,
  "fwhm_x": 3.6407426218241965,
  "fwhm_y": 3.52464,
  "fwhm_z": 3.19238,
  "icvs_csf": 0.16632197303728652,
  "icvs_gm": 0.42381648763172697,
  "icvs_wm": 0.4098615393309865,
  "inu_med": 1.2848525047302246,
  "inu_range": 0.3516802191734314,
  "provenance": {
    "md5sum": "7a3c1c6fb16d4c643f75e64b16cc2ad8",
    "settings": {
      "testing": false
    },
    "software": "mriqc",
    "version": "21.0.0rc2",
    "warnings": {
      "large_rot_frame": true,
      "small_air_mask": false
    },
    "webapi_port": null,
    "webapi_url": "https://mriqc.nimh.nih.gov/api/v1"
  },
  "qi_1": 0.01309559244463316,
  "qi_2": 0.009627276410035393,
  "rpve_csf": 34.46990803488195,
  "rpve_gm": 14.7436356933518,
  "rpve_wm": 17.882676739494354,
  "size_x": 160,
  "size_y": 256,
  "size_z": 256,
  "snr_csf": 3.72032355891827,
  "snr_gm": 14.611511880545926,
  "snr_total": 14.509835498081934,
  "snr_wm": 25.197671054781605,
  "snrd_csf": 38.460961629204085,
  "snrd_gm": 72.38297207004253,
  "snrd_total": 68.06138716416952,
  "snrd_wm": 93.34022779326193,
  "spacing_x": 1.0000020265579224,
  "spacing_y": 1.0,
  "spacing_z": 1.0,
  "summary_bg_k": 8.603451849810996,
  "summary_bg_mad": 7.018799726355128,
  "summary_bg_mean": 5.447114420577228,
  "summary_bg_median": 4.7341084741055965,
  "summary_bg_n": 2206490.0,
  "summary_bg_p05": 0.0,
  "summary_bg_p95": 14.57002316787839,
  "summary_bg_stdv": 6.045985935334216,
  "summary_csf_k": 0.1667121949862307,
  "summary_csf_mad": 103.85097847539043,
  "summary_csf_mean": 435.9726698273856,
  "summary_csf_median": 412.0512861199677,
  "summary_csf_n": 15526.0,
  "summary_csf_p05": 292.7448582397774,
  "summary_csf_p95": 642.5518103688955,
  "summary_csf_stdv": 110.75327445659242,
  "summary_gm_k": 0.15186836075126342,
  "summary_gm_mad": 52.095848454354325,
  "summary_gm_mean": 778.0477806947895,
  "summary_gm_median": 775.4745453894138,
  "summary_gm_n": 15370.0,
  "summary_gm_p05": 695.4083612933755,
  "summary_gm_p95": 868.6905201110989,
  "summary_gm_stdv": 53.07112121116325,
  "summary_wm_k": 0.8348511456208074,
  "summary_wm_mad": 35.97986655840298,
  "summary_wm_mean": 998.5992626842589,
  "summary_wm_median": 999.9999812729657,
  "summary_wm_n": 184408.0,
  "summary_wm_p05": 930.5051073618233,
  "summary_wm_p95": 1060.6241470724344,
  "summary_wm_stdv": 39.6860990730515,
  "tpm_overlap_csf": 0.17445358633995056,
  "tpm_overlap_gm": 0.4457060396671295,
  "tpm_overlap_wm": 0.5092558264732361,
  "wm2max": 0.5195051289222475
}