{
  "bids_meta": {
    "AccelFactPE": 2,
    "AcquisitionNumber": 1,
    "AcquisitionTime": "15:20:40.200000",
    "BodyPartExamined": "HEAD",
    "ConversionSoftware": "dcm2niix",
    "ConversionSoftwareVersion": "v1.0.20170724 GCC4.8.5",
    "DeviceSerialNumber": "35353",
    "EchoTime": 0.00418,
    "FlipAngle": 9,
    "ImageType": [
      "ORIGINAL",
      "PRIMARY",
      "M",
      "ND",
      "NORM"
    ],
    "InstitutionAddress": "De_Pintelaan_185_Gent_ACCD6F_District_BE_9000",
    "InstitutionName": "UZ_Gent",
    "InversionTime": 0.9,
    "MagneticFieldStrength": 3,
    "Manufacturer": "Siemens",
    "ManufacturersModelName": "TrioTim",
    "Modality": "MR",
    "PhaseEncodingDirection": "i-",
    "PhaseEncodingLines": 256,
    "ProcedureStepDescription": "Brain_Research_3T_MRP",
    "ProtocolName": "T1_mprage",
    "RepetitionTime": 1.75,
    "ScanningSequence": "GR_IR",
    "SequenceName": "_tfl3d1_ns",
    "SequenceVariant": "SP_MP",
    "SeriesDescription": "T1_mprage",
    "SoftwareVersions": "syngo_MR_B17",
    "dataset": "<unset>",
    "modality": "T1w",
    "session_id": "postop",
    "subject_id": "PAT20"
  },
  "cjv": 0.46094750930172,
  "cnr": 2.907164327242103,
  "efc": 0.5392842309862947,
  "fber": 5455.605231866825,
  "fwhm_avg": 3.3856455354192714,
  "fwhm_x": 3.5585966062578143,
  "fwhm_y": 3.48952,
  "fwhm_z": 3.10882,
  "icvs_csf": 0.2597332137168793,
  "icvs_gm": 0.37757440555789534,
  "icvs_wm": 0.36269238072522536,
  "inu_med": 1.351335883140564,
  "inu_range": 0.3632120609283447,
  "provenance": {
    "md5sum": "723e10e97a3947857c422c98f067d5fb",
    "settings": {
      "testing": false
    },
    "software": "mriqc",
    "version": "21.0.0rc2",
    "warnings": {
      "large_rot_frame": true,
      "small_air_mask": false
    },
    "webapi_port": null,
    "webapi_url": "https://mriqc.nimh.nih.gov/api/v1"
  },
  "qi_1": 0.0,
  "qi_2": 0.02616796482415984,
  "rpve_csf": 22.983021880361484,
  "rpve_gm": 14.264454024929789,
  "rpve_wm": 17.513539760897704,
  "size_x": 160,
  "size_y": 256,
  "size_z": 256,
  "snr_csf": 5.241291532739177,
  "snr_gm": 15.184275814741824,
  "snr_total": 13.505401305450155,
  "snr_wm": 20.09063656886946,
  "snrd_csf": 33.27333948655392,
  "snrd_gm": 75.16772520424415,
  "snrd_total": 67.87738150275477,
  "snrd_wm": 95.19107981746623,
  "spacing_x": 1.0000009536743164,
  "spacing_y": 1.0,
  "spacing_z": 1.0,
  "summary_bg_k": 5.240036185061278,
  "summary_bg_mad": 6.882329653620259,
  "summary_bg_mean": 7.505781536681423,
  "summary_bg_median": 4.642060808837414,
  "summary_bg_n": 3351135.0,
  "summary_bg_p05": 0.0,
  "summary_bg_p95": 23.073772843927145,
  "summary_bg_stdv": 7.323178576131559,
  "summary_csf_k": 4.733025408169006,
  "summary_csf_mad": 46.793094262604406,
  "summary_csf_mean": 360.7486081737326,
  "summary_csf_median": 349.5426278654486,
  "summary_csf_n": 68048.0,
  "summary_csf_p05": 279.7069189324975,
  "summary_csf_p95": 488.41761372983456,
  "summary_csf_stdv": 66.68968083901105,
  "summary_gm_k": 0.29087054967896275,
  "summary_gm_mad": 49.66073161827951,
  "summary_gm_mean": 790.1840390600538,
  "summary_gm_median": 789.6509519033134,
  "summary_gm_n": 9938.0,
  "summary_gm_p05": 704.6375245414674,
  "summary_gm_p95": 877.2266147900373,
  "summary_gm_stdv": 52.001901945871815,
  "summary_wm_k": 0.32026834281543337,
  "summary_wm_mad": 47.29914791360589,
  "summary_wm_mean": 1000.1902318012006,
  "summary_wm_median": 1000.0000211037695,
  "summary_wm_n": 161460.0,
  "summary_wm_p05": 917.6261969469488,
  "summary_wm_p95": 1082.5558868609369,
  "summary_wm_stdv": 49.774277730262774,
  "tpm_overlap_csf": 0.1622965782880783,
  "tpm_overlap_gm": 0.4027876555919647,
  "tpm_overlap_wm": 0.4532267451286316,
  "wm2max": 0.5233535786590449
}