{
  "aor": 0.0008299444444444445,
  "aqi": 0.003415952888888888,
  "bids_meta": {
    "AccelFactPE": 2,
    "AcquisitionNumber": 1,
    "AcquisitionTime": "19:21:16.495000",
    "BandwidthPerPixelPhaseEncode": 65.104,
    "BodyPartExamined": "HEAD",
    "ConversionSoftware": "dcm2niix",
    "ConversionSoftwareVersion": "v1.0.20170724 GCC4.8.5",
    "DeviceSerialNumber": "35353",
    "EchoTime": 0.027,
    "EffectiveEchoSpacing": 0.000240001,
    "FlipAngle": 90,
    "ImageType": [
      "ORIGINAL",
      "PRIMARY",
      "M",
      "ND",
      "MOSAIC"
    ],
    "InstitutionAddress": "De_Pintelaan_185_Gent_9C4B6E_District_BE_9000",
    "InstitutionName": "UZ_Gent",
    "MagneticFieldStrength": 3,
    "Manufacturer": "Siemens",
    "ManufacturersModelName": "TrioTim",
    "Modality": "MR",
    "PhaseEncodingDirection": "j-",
    "PhaseEncodingLines": 64,
    "ProcedureStepDescription": "Brain_Research_3T_MRP",
    "ProtocolName": "fMRI_Resting_State",
    "RepetitionTime": 2.4,
    "ScanningSequence": "EP",
    "SequenceName": "_epfid2d1_64",
    "SequenceVariant": "SK",
    "SeriesDescription": "fMRI_Resting_State",
    "SliceTiming": [
      2.3325,
      2.275,
      2.22,
      2.1625,
      2.105,
      2.0475,
      1.9925,
      1.935,
      1.8775,
      1.82,
      1.765,
      1.7075,
      1.65,
      1.5925,
      1.5375,
      1.48,
      1.4225,
      1.365,
      1.31,
      1.2525,
      1.195,
      1.1375,
      1.0825,
      1.025,
      0.9675,
      0.91,
      0.855,
      0.7975,
      0.74,
      0.6825,
      0.6275,
      0.57,
      0.5125,
      0.455,
      0.4,
      0.3425,
      0.285,
      0.2275,
      0.1725,
      0.115,
      0.0575,
      0
    ],
    "SoftwareVersions": "syngo_MR_B17",
    "TaskName": "rest",
    "TotalReadoutTime": 0.01464,
    "TrueEchoSpacing": 0.000480001,
    "dataset": "<unset>",
    "modality": "bold",
    "session_id": "postop",
    "subject_id": "PAT28",
    "task_id": "rest"
  },
  "dummy_trs": 0,
  "dvars_nstd": 34.37917695458099,
  "dvars_std": 1.0770306207821225,
  "dvars_vstd": 0.9974778478212294,
  "efc": 0.586653176615352,
  "fber": 298.56097412109375,
  "fd_mean": 0.13479186543893232,
  "fd_num": 12,
  "fd_perc": 6.666666666666667,
  "fwhm_avg": 2.894824444444444,
  "fwhm_x": 2.792783333333333,
  "fwhm_y": 2.8894699999999998,
  "fwhm_z": 3.00222,
  "gcor": 0.0223988,
  "gsr_x": 0.017764346674084663,
  "gsr_y": 0.07744024693965912,
  "provenance": {
    "md5sum": "b86ac347e1ad80427b778fedb3006fad",
    "settings": {
      "fd_thres": 0.2,
      "testing": false
    },
    "software": "mriqc",
    "version": "21.0.0rc2",
    "webapi_port": null,
    "webapi_url": "https://mriqc.nimh.nih.gov/api/v1"
  },
  "size_t": 180,
  "size_x": 64,
  "size_y": 64,
  "size_z": 42,
  "snr": 2.696140196455619,
  "spacing_tr": 2.4000000953674316,
  "spacing_x": 3.0,
  "spacing_y": 3.0,
  "spacing_z": 3.0,
  "summary_bg_k": 17.101445527421586,
  "summary_bg_mad": 21.884854886964426,
  "summary_bg_mean": 77.90782928466797,
  "summary_bg_median": 39.22222137451172,
  "summary_bg_n": 97279.0,
  "summary_bg_p05": 22.266666412353516,
  "summary_bg_p95": 270.6894592285156,
  "summary_bg_stdv": 101.56288146972656,
  "summary_fg_k": 1.9296594363783113,
  "summary_fg_mad": 229.7044826059344,
  "summary_fg_mean": 730.05517578125,
  "summary_fg_median": 689.5166625976562,
  "summary_fg_n": 37772.0,
  "summary_fg_p05": 398.74805603027346,
  "summary_fg_p95": 1209.3522583007812,
  "summary_fg_stdv": 255.73875427246094,
  "tsnr": 46.906117505859584
}