{
  "bids_meta": {
    "AccelFactPE": 2,
    "AcquisitionNumber": 1,
    "AcquisitionTime": "19:12:52.212500",
    "BodyPartExamined": "HEAD",
    "ConversionSoftware": "dcm2niix",
    "ConversionSoftwareVersion": "v1.0.20170724 GCC4.8.5",
    "DeviceSerialNumber": "35353",
    "EchoTime": 0.00418,
    "FlipAngle": 9,
    "ImageType": [
      "ORIGINAL",
      "PRIMARY",
      "M",
      "ND",
      "NORM"
    ],
    "InstitutionAddress": "De_Pintelaan_185_Gent_9C4B6E_District_BE_9000",
    "InstitutionName": "UZ_Gent",
    "InversionTime": 0.9,
    "MagneticFieldStrength": 3,
    "Manufacturer": "Siemens",
    "ManufacturersModelName": "TrioTim",
    "Modality": "MR",
    "PhaseEncodingDirection": "i-",
    "PhaseEncodingLines": 256,
    "ProcedureStepDescription": "Brain_Research_3T_MRP",
    "ProtocolName": "T1_mprage",
    "RepetitionTime": 1.75,
    "ScanningSequence": "GR_IR",
    "SequenceName": "_tfl3d1_ns",
    "SequenceVariant": "SP_MP",
    "SeriesDescription": "T1_mprage",
    "SoftwareVersions": "syngo_MR_B17",
    "dataset": "<unset>",
    "modality": "T1w",
    "session_id": "postop",
    "subject_id": "PAT28"
  },
  "cjv": 0.6170153653738505,
  "cnr": 2.0674377626808047,
  "efc": 0.6573454919857769,
  "fber": 10295.216547397315,
  "fwhm_avg": 3.6742456083990027,
  "fwhm_x": 3.804596825197008,
  "fwhm_y": 3.85385,
  "fwhm_z": 3.36429,
  "icvs_csf": 0.22200347913599056,
  "icvs_gm": 0.38485379925751095,
  "icvs_wm": 0.39314272160649855,
  "inu_med": 1.2939493656158447,
  "inu_range": 0.5474247217178343,
  "provenance": {
    "md5sum": "0ba1208da4874c12cf47be163e7b4c1e",
    "settings": {
      "testing": false
    },
    "software": "mriqc",
    "version": "21.0.0rc2",
    "warnings": {
      "large_rot_frame": true,
      "small_air_mask": false
    },
    "webapi_port": null,
    "webapi_url": "https://mriqc.nimh.nih.gov/api/v1"
  },
  "qi_1": 0.0,
  "qi_2": 0.015753497403954594,
  "rpve_csf": 23.214736335071997,
  "rpve_gm": 13.069207496003076,
  "rpve_wm": 15.569265620581357,
  "size_x": 160,
  "size_y": 256,
  "size_z": 256,
  "snr_csf": 3.353656404063144,
  "snr_gm": 11.374754847116478,
  "snr_total": 10.84776919825488,
  "snr_wm": 17.814896343585016,
  "snrd_csf": 43.82593329186832,
  "snrd_gm": 99.242451684016,
  "snrd_total": 88.43989085983901,
  "snrd_wm": 122.25128760363269,
  "spacing_x": 1.0000008344650269,
  "spacing_y": 1.0,
  "spacing_z": 1.0,
  "summary_bg_k": 9.930095215593758,
  "summary_bg_mad": 5.358932240880532,
  "summary_bg_mean": 6.4531767683462045,
  "summary_bg_median": 3.6145448684692383,
  "summary_bg_n": 1864254.0,
  "summary_bg_p05": 0.0,
  "summary_bg_p95": 18.145015239715576,
  "summary_bg_stdv": 6.622190938643629,
  "summary_csf_k": 1.4010242012902,
  "summary_csf_mad": 86.27880907817656,
  "summary_csf_mean": 386.3172713250638,
  "summary_csf_median": 358.49056005477905,
  "summary_csf_n": 31903.0,
  "summary_csf_p05": 261.1147212982178,
  "summary_csf_p95": 599.356600999832,
  "summary_csf_stdv": 106.89375963814034,
  "summary_gm_k": 0.32020125747304995,
  "summary_gm_mad": 67.25459962305068,
  "summary_gm_mean": 814.3089371976992,
  "summary_gm_median": 811.7906320095062,
  "summary_gm_n": 7274.0,
  "summary_gm_p05": 698.1601849794388,
  "summary_gm_p95": 933.9261031150818,
  "summary_gm_stdv": 71.36284167535521,
  "summary_wm_k": 1.2536638216573657,
  "summary_wm_mad": 48.87346203683045,
  "summary_wm_mean": 1004.9152073916829,
  "summary_wm_median": 999.9999833106995,
  "summary_wm_n": 213002.0,
  "summary_wm_p05": 922.0703959465027,
  "summary_wm_p95": 1107.4965476989746,
  "summary_wm_stdv": 56.13266654073318,
  "tpm_overlap_csf": 0.183736190199852,
  "tpm_overlap_gm": 0.425499826669693,
  "tpm_overlap_wm": 0.5025718808174133,
  "wm2max": 0.44651214316612853
}