{
  "aor": 0.0010890555555555553,
  "aqi": 0.005148327388888889,
  "bids_meta": {
    "AccelFactPE": 2,
    "AcquisitionNumber": 1,
    "AcquisitionTime": "09:53:22.857500",
    "BandwidthPerPixelPhaseEncode": 65.104,
    "BodyPartExamined": "HEAD",
    "ConversionSoftware": "dcm2niix",
    "ConversionSoftwareVersion": "v1.0.20170724 GCC4.8.5",
    "DeviceSerialNumber": "35353",
    "EchoTime": 0.027,
    "EffectiveEchoSpacing": 0.000240001,
    "FlipAngle": 90,
    "ImageType": [
      "ORIGINAL",
      "PRIMARY",
      "M",
      "ND",
      "MOSAIC"
    ],
    "InstitutionAddress": "De_Pintelaan_185_Gent_88C96F_District_BE_9000",
    "InstitutionName": "UZ",
    "MagneticFieldStrength": 3,
    "Manufacturer": "Siemens",
    "ManufacturersModelName": "TrioTim",
    "Modality": "MR",
    "PhaseEncodingDirection": "j-",
    "PhaseEncodingLines": 64,
    "ProcedureStepDescription": "Brain_Research_3T_MRP",
    "ProtocolName": "fMRI_Resting_State",
    "RepetitionTime": 2.4,
    "ScanningSequence": "EP",
    "SequenceName": "_epfid2d1_64",
    "SequenceVariant": "SK",
    "SeriesDescription": "fMRI_Resting_State",
    "SliceTiming": [
      2.3325,
      2.275,
      2.2175,
      2.16,
      2.105,
      2.0475,
      1.99,
      1.9325,
      1.8775,
      1.82,
      1.7625,
      1.705,
      1.65,
      1.5925,
      1.535,
      1.4775,
      1.4225,
      1.365,
      1.3075,
      1.25,
      1.195,
      1.1375,
      1.08,
      1.0225,
      0.9675,
      0.91,
      0.8525,
      0.795,
      0.74,
      0.6825,
      0.625,
      0.5675,
      0.5125,
      0.455,
      0.3975,
      0.34,
      0.285,
      0.2275,
      0.17,
      0.1125,
      0.0575,
      0
    ],
    "SoftwareVersions": "syngo_MR_B17",
    "TaskName": "rest",
    "TotalReadoutTime": 0.01464,
    "TrueEchoSpacing": 0.000480001,
    "dataset": "<unset>",
    "modality": "bold",
    "session_id": "postop",
    "subject_id": "PAT02",
    "task_id": "rest"
  },
  "dummy_trs": 0,
  "dvars_nstd": 31.464082078156416,
  "dvars_std": 1.0622834220111728,
  "dvars_vstd": 0.990028832234637,
  "efc": 0.5627878801153832,
  "fber": 330.4282531738281,
  "fd_mean": 0.15297843861823748,
  "fd_num": 26,
  "fd_perc": 14.444444444444445,
  "fwhm_avg": 3.0013199999999998,
  "fwhm_x": 2.810333333333333,
  "fwhm_y": 3.1805466666666664,
  "fwhm_z": 3.01308,
  "gcor": 0.0121104,
  "gsr_x": 0.018496684730052948,
  "gsr_y": 0.06304270029067993,
  "provenance": {
    "md5sum": "fa96ebfccb3545f7e38ee1e4a3f413b2",
    "settings": {
      "fd_thres": 0.2,
      "testing": false
    },
    "software": "mriqc",
    "version": "21.0.0rc2",
    "webapi_port": null,
    "webapi_url": "https://mriqc.nimh.nih.gov/api/v1"
  },
  "size_t": 180,
  "size_x": 64,
  "size_y": 64,
  "size_z": 42,
  "snr": 2.6803662097825955,
  "spacing_tr": 2.4000000953674316,
  "spacing_x": 3.0,
  "spacing_y": 3.0,
  "spacing_z": 3.0,
  "summary_bg_k": 32.63248718680118,
  "summary_bg_mad": 16.98403120110861,
  "summary_bg_mean": 67.03646087646484,
  "summary_bg_median": 33.877777099609375,
  "summary_bg_n": 102242.0,
  "summary_bg_p05": 20.80555534362793,
  "summary_bg_p95": 223.6555633544922,
  "summary_bg_stdv": 101.8244857788086,
  "summary_fg_k": 3.0285563327827116,
  "summary_fg_mad": 198.65222794358317,
  "summary_fg_mean": 660.8139038085938,
  "summary_fg_median": 618.7444458007812,
  "summary_fg_n": 33739.0,
  "summary_fg_p05": 370.0394622802734,
  "summary_fg_p95": 1092.4516845703124,
  "summary_fg_stdv": 230.83982849121094,
  "tsnr": 44.12393321376294
}