{
  "aor": 0.0004411111111111111,
  "aqi": 0.004246184111111112,
  "bids_meta": {
    "AccelFactPE": 2,
    "AcquisitionNumber": 1,
    "AcquisitionTime": "11:22:1.520000",
    "BandwidthPerPixelPhaseEncode": 65.104,
    "BodyPartExamined": "HEAD",
    "ConversionSoftware": "dcm2niix",
    "ConversionSoftwareVersion": "v1.0.20170724 GCC4.8.5",
    "DeviceSerialNumber": "35353",
    "EchoTime": 0.027,
    "EffectiveEchoSpacing": 0.000240001,
    "FlipAngle": 90,
    "ImageType": [
      "ORIGINAL",
      "PRIMARY",
      "M",
      "ND",
      "MOSAIC"
    ],
    "InstitutionAddress": "De_Pintelaan_185_Gent_9C4B6E_District_BE_9000",
    "InstitutionName": "UZ_Gent",
    "MagneticFieldStrength": 3,
    "Manufacturer": "Siemens",
    "ManufacturersModelName": "TrioTim",
    "Modality": "MR",
    "PhaseEncodingDirection": "j-",
    "PhaseEncodingLines": 64,
    "ProcedureStepDescription": "Brain_Research_3T_MRP",
    "ProtocolName": "fMRI_Resting_State",
    "RepetitionTime": 2.4,
    "ScanningSequence": "EP",
    "SequenceName": "_epfid2d1_64",
    "SequenceVariant": "SK",
    "SeriesDescription": "fMRI_Resting_State",
    "SliceTiming": [
      2.3325,
      2.275,
      2.2175,
      2.1625,
      2.105,
      2.0475,
      1.99,
      1.935,
      1.8775,
      1.82,
      1.7625,
      1.7075,
      1.65,
      1.5925,
      1.535,
      1.48,
      1.4225,
      1.365,
      1.3075,
      1.2525,
      1.195,
      1.1375,
      1.08,
      1.025,
      0.9675,
      0.91,
      0.8525,
      0.7975,
      0.74,
      0.6825,
      0.625,
      0.57,
      0.5125,
      0.455,
      0.3975,
      0.3425,
      0.285,
      0.2275,
      0.17,
      0.115,
      0.0575,
      0
    ],
    "SoftwareVersions": "syngo_MR_B17",
    "TaskName": "rest",
    "TotalReadoutTime": 0.01464,
    "TrueEchoSpacing": 0.000480001,
    "dataset": "<unset>",
    "modality": "bold",
    "session_id": "postop",
    "subject_id": "PAT26",
    "task_id": "rest"
  },
  "dummy_trs": 0,
  "dvars_nstd": 36.60178140877094,
  "dvars_std": 1.0494729211731848,
  "dvars_vstd": 0.9809449353072622,
  "efc": 0.6193979975270396,
  "fber": 267.26776123046875,
  "fd_mean": 0.3254469969549024,
  "fd_num": 129,
  "fd_perc": 71.66666666666667,
  "fwhm_avg": 2.764226666666667,
  "fwhm_x": 2.6070433333333334,
  "fwhm_y": 2.8005166666666668,
  "fwhm_z": 2.88512,
  "gcor": 0.0087492,
  "gsr_x": -0.0049639358185231686,
  "gsr_y": 0.07539737969636917,
  "provenance": {
    "md5sum": "dfc1d89be24ca7095af5f6e9933c479a",
    "settings": {
      "fd_thres": 0.2,
      "testing": false
    },
    "software": "mriqc",
    "version": "21.0.0rc2",
    "webapi_port": null,
    "webapi_url": "https://mriqc.nimh.nih.gov/api/v1"
  },
  "size_t": 180,
  "size_x": 64,
  "size_y": 64,
  "size_z": 42,
  "snr": 2.5906263214315333,
  "spacing_tr": 2.4000000953674316,
  "spacing_x": 3.0,
  "spacing_y": 3.0,
  "spacing_z": 3.0,
  "summary_bg_k": 55.64108546366049,
  "summary_bg_mad": 21.357711704675175,
  "summary_bg_mean": 79.6533203125,
  "summary_bg_median": 40.02222442626953,
  "summary_bg_n": 85181.0,
  "summary_bg_p05": 22.450000762939453,
  "summary_bg_p95": 266.0,
  "summary_bg_stdv": 117.62417602539062,
  "summary_fg_k": 2.6091572989525362,
  "summary_fg_mad": 223.01630328649168,
  "summary_fg_mean": 708.9567260742188,
  "summary_fg_median": 666.33056640625,
  "summary_fg_n": 46694.0,
  "summary_fg_p05": 376.5124969482422,
  "summary_fg_p95": 1183.0066650390622,
  "summary_fg_stdv": 257.2055358886719,
  "tsnr": 43.20316414628178
}