{
  "bids_meta": {
    "AccelFactPE": 2,
    "AcquisitionNumber": 1,
    "AcquisitionTime": "13:26:53.205000",
    "BodyPartExamined": "HEAD",
    "ConversionSoftware": "dcm2niix",
    "ConversionSoftwareVersion": "v1.0.20170724 GCC4.8.5",
    "DeviceSerialNumber": "35353",
    "EchoTime": 0.00418,
    "FlipAngle": 9,
    "ImageType": [
      "ORIGINAL",
      "PRIMARY",
      "M",
      "ND",
      "NORM"
    ],
    "InstitutionAddress": "De_Pintelaan_185_Gent_ACCD6F_District_BE_9000",
    "InstitutionName": "UZ_Gent",
    "InversionTime": 0.9,
    "MagneticFieldStrength": 3,
    "Manufacturer": "Siemens",
    "ManufacturersModelName": "TrioTim",
    "Modality": "MR",
    "PhaseEncodingDirection": "i-",
    "PhaseEncodingLines": 256,
    "ProcedureStepDescription": "Brain_Research_3T_MRP",
    "ProtocolName": "T1_mprage",
    "RepetitionTime": 1.75,
    "ScanningSequence": "GR_IR",
    "SequenceName": "_tfl3d1_ns",
    "SequenceVariant": "SP_MP",
    "SeriesDescription": "T1_mprage",
    "SoftwareVersions": "syngo_MR_B17",
    "dataset": "<unset>",
    "modality": "T1w",
    "session_id": "postop",
    "subject_id": "PAT16"
  },
  "cjv": 0.610433840603185,
  "cnr": 2.1168408348781007,
  "efc": 0.6269510939953452,
  "fber": 6215.284970332029,
  "fwhm_avg": 3.5623024698023844,
  "fwhm_x": 3.715757409407153,
  "fwhm_y": 3.67813,
  "fwhm_z": 3.29302,
  "icvs_csf": 0.23907242542609597,
  "icvs_gm": 0.3720433607474719,
  "icvs_wm": 0.38888421382643207,
  "inu_med": 1.4218950271606445,
  "inu_range": 0.488958168029785,
  "provenance": {
    "md5sum": "73b10d97b79fc8679559af4a1a2b1191",
    "settings": {
      "testing": false
    },
    "software": "mriqc",
    "version": "21.0.0rc2",
    "warnings": {
      "large_rot_frame": true,
      "small_air_mask": false
    },
    "webapi_port": null,
    "webapi_url": "https://mriqc.nimh.nih.gov/api/v1"
  },
  "qi_1": 0.0,
  "qi_2": 0.018250347392814073,
  "rpve_csf": 22.14814917238724,
  "rpve_gm": 13.251016163735072,
  "rpve_wm": 15.54086123801658,
  "size_x": 160,
  "size_y": 256,
  "size_z": 256,
  "snr_csf": 4.555663475867627,
  "snr_gm": 11.51497759783171,
  "snr_total": 11.64978307207504,
  "snr_wm": 18.878708142525785,
  "snrd_csf": 50.99327184796939,
  "snrd_gm": 112.74638918552331,
  "snrd_total": 100.8253739682241,
  "snrd_wm": 138.7364608711796,
  "spacing_x": 1.000006079673767,
  "spacing_y": 1.0,
  "spacing_z": 1.0,
  "summary_bg_k": 7.7086774546957955,
  "summary_bg_mad": 4.7222896193037815,
  "summary_bg_mean": 6.82157727030058,
  "summary_bg_median": 6.317186292260885,
  "summary_bg_n": 2038141.0,
  "summary_bg_p05": 0.0,
  "summary_bg_p95": 19.004644475877285,
  "summary_bg_stdv": 6.7711046998557425,
  "summary_csf_k": 2.760207400144756,
  "summary_csf_mad": 64.45925330349661,
  "summary_csf_mean": 382.89082342587307,
  "summary_csf_median": 367.5646881312132,
  "summary_csf_n": 59098.0,
  "summary_csf_p05": 284.48572554811835,
  "summary_csf_p95": 543.4452407715839,
  "summary_csf_stdv": 80.68233755095018,
  "summary_gm_k": 0.4663302631217858,
  "summary_gm_mad": 66.03334984326455,
  "summary_gm_mean": 816.2575600718494,
  "summary_gm_median": 812.6874365396798,
  "summary_gm_n": 7260.0,
  "summary_gm_p05": 708.2149775214493,
  "summary_gm_p95": 941.635011020489,
  "summary_gm_stdv": 70.57169304055704,
  "summary_wm_k": 1.527949457880304,
  "summary_wm_mad": 48.324763770875364,
  "summary_wm_mean": 1003.921960685726,
  "summary_wm_median": 1000.0265157446265,
  "summary_wm_n": 200420.0,
  "summary_wm_p05": 924.3264514356852,
  "summary_wm_p95": 1094.8373957276344,
  "summary_wm_stdv": 52.97099851137212,
  "tpm_overlap_csf": 0.1727217733860016,
  "tpm_overlap_gm": 0.40238243341445923,
  "tpm_overlap_wm": 0.4801653325557709,
  "wm2max": 0.45515343355615967
}