{
  "aor": 0.0004995555555555556,
  "aqi": 0.012227779999999999,
  "bids_meta": {
    "AccelFactPE": 2,
    "AcquisitionNumber": 1,
    "AcquisitionTime": "13:51:19.220000",
    "BandwidthPerPixelPhaseEncode": 65.104,
    "BodyPartExamined": "HEAD",
    "ConversionSoftware": "dcm2niix",
    "ConversionSoftwareVersion": "v1.0.20170724 GCC4.8.5",
    "DeviceSerialNumber": "35353",
    "EchoTime": 0.027,
    "EffectiveEchoSpacing": 0.000240001,
    "FlipAngle": 90,
    "ImageType": [
      "ORIGINAL",
      "PRIMARY",
      "M",
      "ND",
      "MOSAIC"
    ],
    "InstitutionAddress": "De_Pintelaan_185_Gent_88C96F_District_BE_9000",
    "InstitutionName": "UZ",
    "MagneticFieldStrength": 3,
    "Manufacturer": "Siemens",
    "ManufacturersModelName": "TrioTim",
    "Modality": "MR",
    "PhaseEncodingDirection": "j-",
    "PhaseEncodingLines": 64,
    "ProcedureStepDescription": "Brain_Research_3T_MRP",
    "ProtocolName": "RESTING_STATE",
    "RepetitionTime": 2.1,
    "ScanningSequence": "EP",
    "SequenceName": "_epfid2d1_64",
    "SequenceVariant": "SK",
    "SeriesDescription": "RESTING_STATE",
    "SliceTiming": [
      2.04,
      1.99,
      1.94,
      1.89,
      1.84,
      1.79,
      1.74,
      1.6925,
      1.6425,
      1.5925,
      1.5425,
      1.4925,
      1.4425,
      1.3925,
      1.3425,
      1.2925,
      1.245,
      1.195,
      1.145,
      1.095,
      1.045,
      0.995,
      0.945,
      0.895,
      0.845,
      0.7975,
      0.7475,
      0.6975,
      0.6475,
      0.5975,
      0.5475,
      0.4975,
      0.4475,
      0.4,
      0.35,
      0.3,
      0.25,
      0.2,
      0.15,
      0.1,
      0.05,
      0
    ],
    "SoftwareVersions": "syngo_MR_B17",
    "TaskName": "rest",
    "TotalReadoutTime": 0.01464,
    "TrueEchoSpacing": 0.000480001,
    "dataset": "<unset>",
    "modality": "bold",
    "session_id": "postop",
    "subject_id": "PAT01",
    "task_id": "rest"
  },
  "dummy_trs": 0,
  "dvars_nstd": 62.22199526284917,
  "dvars_std": 1.1108081724581,
  "dvars_vstd": 0.9745305404469278,
  "efc": 0.5338650240798426,
  "fber": 393.4721374511719,
  "fd_mean": 0.5891380473100827,
  "fd_num": 177,
  "fd_perc": 98.33333333333333,
  "fwhm_avg": 2.4661063756771076,
  "fwhm_x": 2.31208,
  "fwhm_y": 2.5863633333333333,
  "fwhm_z": 2.49987579369799,
  "gcor": 0.00612175,
  "gsr_x": 0.005686309654265642,
  "gsr_y": 0.06231694296002388,
  "provenance": {
    "md5sum": "5f4ad423c2c93df7ebf8e420c845ad87",
    "settings": {
      "fd_thres": 0.2,
      "testing": false
    },
    "software": "mriqc",
    "version": "21.0.0rc2",
    "webapi_port": null,
    "webapi_url": "https://mriqc.nimh.nih.gov/api/v1"
  },
  "size_t": 180,
  "size_x": 64,
  "size_y": 64,
  "size_z": 42,
  "snr": 3.5157254079456246,
  "spacing_tr": 2.0999999046325684,
  "spacing_x": 3.0,
  "spacing_y": 3.0,
  "spacing_z": 3.299999952316284,
  "summary_bg_k": 100.18601967693934,
  "summary_bg_mad": 11.786688768255262,
  "summary_bg_mean": 43.88042449951172,
  "summary_bg_median": 27.27777862548828,
  "summary_bg_n": 108117.0,
  "summary_bg_p05": 17.78333282470703,
  "summary_bg_p95": 111.65777893066404,
  "summary_bg_stdv": 63.423702239990234,
  "summary_fg_k": 0.9160003322329482,
  "summary_fg_mad": 144.55785626105256,
  "summary_fg_mean": 558.223876953125,
  "summary_fg_median": 541.0916748046875,
  "summary_fg_n": 28848.0,
  "summary_fg_p05": 337.22056274414064,
  "summary_fg_p95": 831.4433471679683,
  "summary_fg_stdv": 153.90345764160156,
  "tsnr": 31.616378924809396
}